{
	"Manufacturer": "Philips",
	"PatientPosition": "HFS",
	"SeriesDescription": "ImageMRSERIES",
	"ProtocolName": "WIPFLAIR_cs10",
	"SeriesNumber": 19,
	"AcquisitionNumber": 19,
	"ImageComments": "------",
	"PhilipsRescaleSlope": 3.39951,
	"PhilipsRescaleIntercept": 0,
	"PhilipsScaleSlope": 0.00144023,
	"UsePhilipsFloatNotDisplayScaling": 1,
	"EchoTime": 0.28124,
	"RepetitionTime": 4.8,
	"InversionTime": 1.65,
	"ReconMatrixPE": 224,
	"ImageOrientationPatientDICOM": [
		-0.031047,
		0.995767,
		-0.0865054,
		0.0308874,
		-0.08555,
		-0.995855	],
	"ConversionSoftware": "dcm2niix",
	"ConversionSoftwareVersion": "v1.0.20190902"
}
