{
	"Manufacturer": "Philips",
	"PatientPosition": "HFS",
	"SeriesDescription": "ImageMRSERIES",
	"ProtocolName": "localizer_calc_mem_fMRI_MB2",
	"SeriesNumber": 35,
	"AcquisitionNumber": 35,
	"ImageComments": "------",
	"PhilipsRescaleSlope": 0.78144,
	"PhilipsRescaleIntercept": 0,
	"PhilipsScaleSlope": 0.0327878,
	"UsePhilipsFloatNotDisplayScaling": 1,
	"EchoTime": 0.03,
	"RepetitionTime": 1.2,
	"ReconMatrixPE": 64,
	"ImageOrientationPatientDICOM": [
		0.999327,
		0.0205999,
		-0.030353,
		-0.0282628,
		0.959851,
		-0.279082
	],
	"ConversionSoftware": "dcm2niix",
	"ConversionSoftwareVersion": "v1.0.20190902",
	"EffectiveEchoSpacing": 0.00064,
	"PhaseEncodingDirection": "j",
	"TaskName": "all"
}