{
	"Manufacturer": "Philips",
	"PatientPosition": "HFS",
	"SeriesDescription": "ImageMRSERIES",
	"ProtocolName": "T2_Perf4erflow",
	"SeriesNumber": 28,
	"AcquisitionNumber": 28,
	"ImageComments": "StudieMR",
	"PhilipsRescaleSlope": 0.7939,
	"PhilipsRescaleIntercept": 0,
	"PhilipsScaleSlope": 0.029787,
	"UsePhilipsFloatNotDisplayScaling": 1,
	"EchoTime": 0.03,
	"RepetitionTime": 2.04494,
	"ReconMatrixPE": 112,
	"ImageOrientationPatientDICOM": [
		0.996097,
		0.0824131,
		-0.0316007,
		-0.080844,
		0.995567,
		0.0480769	],
	"ConversionSoftware": "dcm2niix",
	"ConversionSoftwareVersion": "v1.0.20190902"
}
