{
	"Manufacturer": "Philips",
	"PatientPosition": "HFS",
	"SeriesDescription": "ImageMRSERIES",
	"ProtocolName": "mem_T2SSGMoCoHR",
	"SeriesNumber": 19,
	"AcquisitionNumber": 19,
	"ImageComments": "------",
	"PhilipsRescaleSlope": 2.31648,
	"PhilipsRescaleIntercept": -4743,
	"PhilipsScaleSlope": 0.0137134,
	"UsePhilipsFloatNotDisplayScaling": 1,
	"EchoNumber": 1,
	"EchoTime": 0.006,
	"RepetitionTime": 2.25833,
	"ReconMatrixPE": 112,
	"ImageOrientationPatientDICOM": [
		0.999542,
		0.0064406,
		0.0295599,
		-0.00593147,
		0.999833,
		-0.0172791	],
	"ConversionSoftware": "dcm2niix",
	"ConversionSoftwareVersion": "v1.0.20190902"
}
