{
	"Manufacturer": "Philips",
	"PatientPosition": "HFS",
	"SeriesDescription": "ImageMRSERIES",
	"ProtocolName": "mem_T2SSGPhaseCorrOFF",
	"SeriesNumber": 18,
	"AcquisitionNumber": 18,
	"ImageComments": "------",
	"PhilipsRescaleSlope": 2.39707,
	"PhilipsRescaleIntercept": -4908,
	"PhilipsScaleSlope": 0.0130562,
	"UsePhilipsFloatNotDisplayScaling": 1,
	"EchoNumber": 5,
	"EchoTime": 0.025,
	"RepetitionTime": 2.22635,
	"ReconMatrixPE": 112,
	"ImageOrientationPatientDICOM": [
		0.999542,
		0.0064406,
		0.0295599,
		-0.00593147,
		0.999833,
		-0.0172791	],
	"ConversionSoftware": "dcm2niix",
	"ConversionSoftwareVersion": "v1.0.20190902"
}
