{
	"Manufacturer": "Philips",
	"PatientPosition": "HFS",
	"SeriesDescription": "ImageMRSERIES",
	"ProtocolName": "mem_T2SSGMoCoQR",
	"SeriesNumber": 20,
	"AcquisitionNumber": 20,
	"ImageComments": "------",
	"PhilipsRescaleSlope": 1.29695,
	"PhilipsRescaleIntercept": 0,
	"PhilipsScaleSlope": 0.0252139,
	"UsePhilipsFloatNotDisplayScaling": 1,
	"EchoNumber": 1,
	"EchoTime": 0.006,
	"RepetitionTime": 2.2583,
	"ReconMatrixPE": 112,
	"ImageOrientationPatientDICOM": [
		0.999542,
		0.0064406,
		0.0295599,
		-0.00593147,
		0.999833,
		-0.0172791	],
	"ConversionSoftware": "dcm2niix",
	"ConversionSoftwareVersion": "v1.0.20190902"
}
