{
	"Manufacturer": "Philips",
	"PatientPosition": "HFS",
	"SeriesDescription": "ImageMRSERIES",
	"ProtocolName": "rest_T2SSGMoCoQR",
	"SeriesNumber": 12,
	"AcquisitionNumber": 12,
	"ImageComments": "------",
	"PhilipsRescaleSlope": 2.17241,
	"PhilipsRescaleIntercept": -4448,
	"PhilipsScaleSlope": 0.0144071,
	"UsePhilipsFloatNotDisplayScaling": 1,
	"EchoNumber": 11,
	"EchoTime": 0.056,
	"RepetitionTime": 2.2583,
	"ReconMatrixPE": 112,
	"ImageOrientationPatientDICOM": [
		0.999542,
		0.0064406,
		0.0295599,
		-0.00593147,
		0.999833,
		-0.0172791	],
	"ConversionSoftware": "dcm2niix",
	"ConversionSoftwareVersion": "v1.0.20190902"
}
