{
	"Manufacturer": "Philips",
	"PatientPosition": "HFS",
	"SeriesDescription": "ImageMRSERIES",
	"ProtocolName": "MPR_3D_cs7.5",
	"SeriesNumber": 3,
	"AcquisitionNumber": 3,
	"ImageComments": "------",
	"PhilipsRescaleSlope": 4.67009,
	"PhilipsRescaleIntercept": 0,
	"PhilipsScaleSlope": 0.0045137,
	"UsePhilipsFloatNotDisplayScaling": 1,
	"EchoTime": 0.004,
	"RepetitionTime": 0.009,
	"InversionTime": 1,
	"ReconMatrixPE": 256,
	"ImageOrientationPatientDICOM": [
		-0.00593147,
		0.996223,
		-0.0866341,
		0.0296662,
		-0.0864222,
		-0.995817	],
	"ConversionSoftware": "dcm2niix",
	"ConversionSoftwareVersion": "v1.0.20190902"
}
