{
	"Manufacturer": "Philips",
	"PatientPosition": "HFS",
	"SeriesDescription": "ImageMRSERIES",
	"ProtocolName": "rest_T2SSGPhaseCorrOFF",
	"SeriesNumber": 10,
	"AcquisitionNumber": 10,
	"ImageComments": "------",
	"PhilipsRescaleSlope": 2.53138,
	"PhilipsRescaleIntercept": -5183,
	"PhilipsScaleSlope": 0.012913,
	"UsePhilipsFloatNotDisplayScaling": 1,
	"EchoNumber": 3,
	"EchoTime": 0.015,
	"RepetitionTime": 2.22697,
	"ReconMatrixPE": 112,
	"ImageOrientationPatientDICOM": [
		0.999557,
		-0.0274272,
		0.0115147,
		0.0280948,
		0.99765,
		-0.0624917	],
	"ConversionSoftware": "dcm2niix",
	"ConversionSoftwareVersion": "v1.0.20190902"
}
