{
	"Manufacturer": "Philips",
	"PatientPosition": "HFS",
	"SeriesDescription": "ImageMRSERIES",
	"ProtocolName": "rest_T2SSGMoCoHR",
	"SeriesNumber": 11,
	"AcquisitionNumber": 11,
	"ImageComments": "------",
	"PhilipsRescaleSlope": 1.25519,
	"PhilipsRescaleIntercept": 0,
	"PhilipsScaleSlope": 0.0254163,
	"UsePhilipsFloatNotDisplayScaling": 1,
	"EchoNumber": 5,
	"EchoTime": 0.026,
	"RepetitionTime": 2.25927,
	"ReconMatrixPE": 112,
	"ImageOrientationPatientDICOM": [
		0.999557,
		-0.0274272,
		0.0115147,
		0.0280948,
		0.99765,
		-0.0624917	],
	"ConversionSoftware": "dcm2niix",
	"ConversionSoftwareVersion": "v1.0.20190902"
}
