{
	"Manufacturer": "Philips",
	"PatientPosition": "HFS",
	"SeriesDescription": "ImageMRSERIES",
	"ProtocolName": "control_T2SSGMoCoHR",
	"SeriesNumber": 7,
	"AcquisitionNumber": 7,
	"ImageComments": "------",
	"PhilipsRescaleSlope": 2.51868,
	"PhilipsRescaleIntercept": -5157,
	"PhilipsScaleSlope": 0.012773,
	"UsePhilipsFloatNotDisplayScaling": 1,
	"EchoNumber": 1,
	"EchoTime": 0.006,
	"RepetitionTime": 2.25927,
	"ReconMatrixPE": 112,
	"ImageOrientationPatientDICOM": [
		0.999557,
		-0.0274272,
		0.0115147,
		0.0280948,
		0.99765,
		-0.0624917	],
	"ConversionSoftware": "dcm2niix",
	"ConversionSoftwareVersion": "v1.0.20190902"
}
