{
	"Manufacturer": "Philips",
	"PatientPosition": "HFS",
	"SeriesDescription": "ImageMRSERIES",
	"ProtocolName": "calc_T2SSGPhaseCorrOFF",
	"SeriesNumber": 17,
	"AcquisitionNumber": 17,
	"ImageComments": "StudieMR",
	"PhilipsRescaleSlope": 1.29963,
	"PhilipsRescaleIntercept": 0,
	"PhilipsScaleSlope": 0.0286812,
	"UsePhilipsFloatNotDisplayScaling": 1,
	"EchoNumber": 8,
	"EchoTime": 0.04,
	"RepetitionTime": 2.22721,
	"ReconMatrixPE": 112,
	"ImageOrientationPatientDICOM": [
		0.999798,
		-0.0159843,
		0.0122078,
		0.017277,
		0.993285,
		-0.114397	],
	"ConversionSoftware": "dcm2niix",
	"ConversionSoftwareVersion": "v1.0.20190902"
}
