{
	"Manufacturer": "Philips",
	"PatientPosition": "HFS",
	"SeriesDescription": "ImageMRSERIES",
	"ProtocolName": "rest_T2SSGMoCoQR",
	"SeriesNumber": 15,
	"AcquisitionNumber": 15,
	"ImageComments": "StudieMR",
	"PhilipsRescaleSlope": 1.29841,
	"PhilipsRescaleIntercept": 0,
	"PhilipsScaleSlope": 0.0309705,
	"UsePhilipsFloatNotDisplayScaling": 1,
	"EchoNumber": 2,
	"EchoTime": 0.011,
	"RepetitionTime": 2.25981,
	"ReconMatrixPE": 112,
	"ImageOrientationPatientDICOM": [
		0.999798,
		-0.0159843,
		0.0122078,
		0.017277,
		0.993285,
		-0.114397	],
	"ConversionSoftware": "dcm2niix",
	"ConversionSoftwareVersion": "v1.0.20190902"
}
