{
	"Modality": "MR",
	"MagneticFieldStrength": 3,
	"ImagingFrequency": 127.757,
	"Manufacturer": "Philips",
	"ManufacturersModelName": "Ingenia Elition X",
	"InstitutionName": "Klinikum rechts der Isar",
	"InstitutionalDepartmentName": "Radiologie",
	"DeviceSerialNumber": "45000",
	"StationName": "MRKH",
	"BodyPartExamined": "BRAIN",
	"PatientPosition": "HFS",
	"SoftwareVersions": "5.7.1\\5.7.1.4",
	"MRAcquisitionType": "3D",
	"SeriesDescription": "MPR_3D_cs6_FOV200",
	"ProtocolName": "MPR_3D_cs6_FOV200",
	"ScanningSequence": "GR",
	"SequenceVariant": "MP",
	"ScanOptions": "OTHER",
	"PulseSequenceName": "T1TFE",
	"ImageType": ["ORIGINAL", "PRIMARY", "M", "FFE", "M", "FFE"],
	"SeriesNumber": 201,
	"AcquisitionTime": "21:21:2.370000",
	"AcquisitionNumber": 2,
	"PhilipsRWVSlope": 4.9641,
	"PhilipsRWVIntercept": 0,
	"PhilipsRescaleSlope": 4.9641,
	"PhilipsRescaleIntercept": 0,
	"PhilipsScaleSlope": 0.00308857,
	"UsePhilipsFloatNotDisplayScaling": 1,
	"SliceThickness": 1,
	"SpacingBetweenSlices": 1,
	"SAR": 0.0202545,
	"EchoTime": 0.004,
	"RepetitionTime": 0.009,
	"MTState": false,
	"SpoilingState": true,
	"SpoilingType": "COMBINED",
	"FlipAngle": 8,
	"CoilString": "MULTI COIL",
	"PercentPhaseFOV": 100,
	"PercentSampling": 78.5398,
	"EchoTrainLength": 160,
	"PhaseEncodingSteps": 200,
	"AcquisitionMatrixPE": 200,
	"ReconMatrixPE": 224,
	"ParallelReductionFactorInPlane": 2.44949,
	"ParallelAcquisitionTechnique": "CSENSE",
	"ParallelReductionOutOfPlane": 2.44949,
	"WaterFatShift": 2.62015,
	"EstimatedEffectiveEchoSpacing": 2.68813e-05,
	"EstimatedTotalReadoutTime": 0.00599454,
	"AcquisitionDuration": 124.729,
	"PixelBandwidth": 166,
	"PhaseEncodingAxis": "i",
	"ImageOrientationPatientDICOM": [
		-0.07449,
		0.994005,
		-0.0800284,
		-0.00116359,
		-0.080338,
		-0.996767	],
	"InPlanePhaseEncodingDirectionDICOM": "ROW",
	"ConversionSoftware": "dcm2niix",
	"ConversionSoftwareVersion": "v1.0.20220720"
}
