{
	"Manufacturer": "Philips",
	"PatientPosition": "HFS",
	"SeriesDescription": "ImageMRSERIES",
	"ProtocolName": "control_T2SSGPhaseCorrOFF",
	"SeriesNumber": 6,
	"AcquisitionNumber": 6,
	"ImageComments": "------",
	"PhilipsRescaleSlope": 2.44982,
	"PhilipsRescaleIntercept": -5016,
	"PhilipsScaleSlope": 0.0127465,
	"UsePhilipsFloatNotDisplayScaling": 1,
	"EchoNumber": 4,
	"EchoTime": 0.02,
	"RepetitionTime": 2.22666,
	"ReconMatrixPE": 112,
	"ImageOrientationPatientDICOM": [
		0.999334,
		-0.0209801,
		0.0298542,
		0.0202351,
		0.999482,
		0.0250417	],
	"ConversionSoftware": "dcm2niix",
	"ConversionSoftwareVersion": "v1.0.20190902"
}
