{
	"Manufacturer": "Philips",
	"PatientPosition": "HFS",
	"SeriesDescription": "ImageMRSERIES",
	"ProtocolName": "mem_T2SSGMoCoQR",
	"SeriesNumber": 20,
	"AcquisitionNumber": 20,
	"ImageComments": "------",
	"PhilipsRescaleSlope": 1.27326,
	"PhilipsRescaleIntercept": 0,
	"PhilipsScaleSlope": 0.0251407,
	"UsePhilipsFloatNotDisplayScaling": 1,
	"EchoNumber": 12,
	"EchoTime": 0.061,
	"RepetitionTime": 2.2585,
	"ReconMatrixPE": 112,
	"ImageOrientationPatientDICOM": [
		0.999334,
		-0.0209801,
		0.0298542,
		0.0202351,
		0.999482,
		0.0250417	],
	"ConversionSoftware": "dcm2niix",
	"ConversionSoftwareVersion": "v1.0.20190902"
}
