{
	"Manufacturer": "Philips",
	"PatientPosition": "HFS",
	"SeriesDescription": "ImageMRSERIES",
	"ProtocolName": "control_T2SSGMoCoQR",
	"SeriesNumber": 8,
	"AcquisitionNumber": 8,
	"ImageComments": "------",
	"PhilipsRescaleSlope": 2.50403,
	"PhilipsRescaleIntercept": -5127,
	"PhilipsScaleSlope": 0.0131593,
	"UsePhilipsFloatNotDisplayScaling": 1,
	"EchoNumber": 8,
	"EchoTime": 0.041,
	"RepetitionTime": 2.2585,
	"ReconMatrixPE": 112,
	"ImageOrientationPatientDICOM": [
		0.999334,
		-0.0209801,
		0.0298542,
		0.0202351,
		0.999482,
		0.0250417	],
	"ConversionSoftware": "dcm2niix",
	"ConversionSoftwareVersion": "v1.0.20190902"
}
