{
	"Manufacturer": "Philips",
	"PatientPosition": "HFS",
	"SeriesDescription": "ImageMRSERIES",
	"ProtocolName": "WIPSOURCE-control_pCASL2D",
	"SeriesNumber": 21,
	"AcquisitionNumber": 21,
	"ImageComments": "StudieMR",
	"PhilipsRescaleSlope": 1.32576,
	"PhilipsRescaleIntercept": 0,
	"PhilipsScaleSlope": 0.00490417,
	"UsePhilipsFloatNotDisplayScaling": 1,
	"EchoTime": 0.01136,
	"RepetitionTime": 9,
	"ReconMatrixPE": 80,
	"ImageOrientationPatientDICOM": [
		0.9974,
		0.030772,
		-0.0651667,
		-0.0486065,
		0.954861,
		-0.29305	],
	"ConversionSoftware": "dcm2niix",
	"ConversionSoftwareVersion": "v1.0.20190902"
}
