{
	"Modality": "MR",
	"MagneticFieldStrength": 3,
	"ImagingFrequency": 127.757,
	"Manufacturer": "Philips",
	"ManufacturersModelName": "Ingenia Elition X",
	"InstitutionName": "Klinikum rechts der Isar",
	"InstitutionalDepartmentName": "Radiologie",
	"DeviceSerialNumber": "45000",
	"StationName": "MRKH",
	"BodyPartExamined": "BRAIN",
	"PatientPosition": "HFS",
	"SoftwareVersions": "5.7.1\\5.7.1.4",
	"MRAcquisitionType": "2D",
	"SeriesDescription": "WIP SOURCE - control_pCASL 2D EPI_4x4x3_PLD1800",
	"ProtocolName": "WIP SOURCE - control_pCASL 2D EPI_4x4x3_PLD1800",
	"ScanningSequence": "GR",
	"SequenceVariant": "SK",
	"ScanOptions": "FS",
	"PulseSequenceName": "FEEPI",
	"ImageType": ["ORIGINAL", "PRIMARY", "M", "FFE", "M", "FFE"],
	"SeriesNumber": 1402,
	"AcquisitionTime": "21:41:45.880000",
	"AcquisitionNumber": 14,
	"PhilipsRWVSlope": 1.24151,
	"PhilipsRWVIntercept": 0,
	"PhilipsRescaleSlope": 1.24151,
	"PhilipsRescaleIntercept": 0,
	"PhilipsScaleSlope": 0.00401758,
	"UsePhilipsFloatNotDisplayScaling": 1,
	"SliceThickness": 3,
	"SpacingBetweenSlices": 3.3,
	"SAR": 0.320621,
	"EchoTime": 0.010565,
	"RepetitionTime": 4.44156,
	"RepetitionTimeExcitation": 4.5,
	"MTState": false,
	"FlipAngle": 90,
	"CoilString": "MULTI COIL",
	"PercentPhaseFOV": 100,
	"PercentSampling": 100,
	"EchoTrainLength": 31,
	"PhaseEncodingSteps": 62,
	"AcquisitionMatrixPE": 62,
	"ReconMatrixPE": 64,
	"ParallelReductionFactorInPlane": 2,
	"ParallelAcquisitionTechnique": "SENSE",
	"WaterFatShift": 5.32925,
	"EstimatedEffectiveEchoSpacing": 0.000188657,
	"EstimatedTotalReadoutTime": 0.0118854,
	"AcquisitionDuration": 360,
	"PixelBandwidth": 3776,
	"PhaseEncodingAxis": "j",
	"ImageOrientationPatientDICOM": [
		0.997939,
		0.0568673,
		-0.029741,
		-0.0623511,
		0.968872,
		-0.23958	],
	"InPlanePhaseEncodingDirectionDICOM": "COL",
	"ConversionSoftware": "dcm2niix",
	"ConversionSoftwareVersion": "v1.0.20220720"
}
