{
	"Manufacturer": "Philips",
	"PatientPosition": "HFS",
	"SeriesDescription": "ImageMRSERIES",
	"ProtocolName": "rest_T23DGRASE8e16ms",
	"SeriesNumber": 9,
	"AcquisitionNumber": 9,
	"ImageComments": "------",
	"PhilipsRescaleSlope": 1.31477,
	"PhilipsRescaleIntercept": 0,
	"PhilipsScaleSlope": 0.000312532,
	"UsePhilipsFloatNotDisplayScaling": 1,
	"EchoNumber": 6,
	"EchoTime": 0.096,
	"RepetitionTime": 0.250852,
	"ReconMatrixPE": 112,
	"ImageOrientationPatientDICOM": [
		0.996164,
		-0.0864146,
		-0.0137791,
		0.0871531,
		0.993899,
		0.067594	],
	"ConversionSoftware": "dcm2niix",
	"ConversionSoftwareVersion": "v1.0.20190902"
}
