{
	"Manufacturer": "Philips",
	"PatientPosition": "HFS",
	"SeriesDescription": "ImageMRSERIES",
	"ProtocolName": "WIPcalc_T2SSGPhaseCorrOFF",
	"SeriesNumber": 10,
	"AcquisitionNumber": 10,
	"ImageComments": "------",
	"PhilipsRescaleSlope": 2.70965,
	"PhilipsRescaleIntercept": -5548,
	"PhilipsScaleSlope": 0.0105122,
	"UsePhilipsFloatNotDisplayScaling": 1,
	"EchoNumber": 1,
	"EchoTime": 0.005,
	"RepetitionTime": 2.22932,
	"ReconMatrixPE": 112,
	"ImageOrientationPatientDICOM": [
		0.99662,
		-0.043739,
		0.0695382,
		0.0555452,
		0.982439,
		-0.178127	],
	"ConversionSoftware": "dcm2niix",
	"ConversionSoftwareVersion": "v1.0.20190902"
}
