{
	"Manufacturer": "Philips",
	"PatientPosition": "HFS",
	"SeriesDescription": "ImageMRSERIES",
	"ProtocolName": "WIPcalc_T2SSGMoCoHR",
	"SeriesNumber": 11,
	"AcquisitionNumber": 11,
	"ImageComments": "------",
	"PhilipsRescaleSlope": 1.44884,
	"PhilipsRescaleIntercept": 0,
	"PhilipsScaleSlope": 0.0200242,
	"UsePhilipsFloatNotDisplayScaling": 1,
	"EchoNumber": 10,
	"EchoTime": 0.051,
	"RepetitionTime": 2.26151,
	"ReconMatrixPE": 112,
	"ImageOrientationPatientDICOM": [
		0.99662,
		-0.043739,
		0.0695382,
		0.0555452,
		0.982439,
		-0.178127	],
	"ConversionSoftware": "dcm2niix",
	"ConversionSoftwareVersion": "v1.0.20190902"
}
