{
	"Manufacturer": "Philips",
	"PatientPosition": "HFS",
	"SeriesDescription": "ImageMRSERIES",
	"ProtocolName": "WIPcontrol_T2SSGMoCoQR",
	"SeriesNumber": 9,
	"AcquisitionNumber": 9,
	"ImageComments": "------",
	"PhilipsRescaleSlope": 1.32015,
	"PhilipsRescaleIntercept": 0,
	"PhilipsScaleSlope": 0.0235275,
	"UsePhilipsFloatNotDisplayScaling": 1,
	"EchoNumber": 12,
	"EchoTime": 0.061,
	"RepetitionTime": 2.26131,
	"ReconMatrixPE": 112,
	"ImageOrientationPatientDICOM": [
		0.99662,
		-0.043739,
		0.0695382,
		0.0555452,
		0.982439,
		-0.178127	],
	"ConversionSoftware": "dcm2niix",
	"ConversionSoftwareVersion": "v1.0.20190902"
}
