{
	"Modality": "MR",
	"MagneticFieldStrength": 3,
	"ImagingFrequency": 127.757,
	"Manufacturer": "Philips",
	"ManufacturersModelName": "Ingenia Elition X",
	"InstitutionName": "Klinikum rechts der Isar",
	"InstitutionalDepartmentName": "Radiologie",
	"DeviceSerialNumber": "45000",
	"StationName": "MRKH",
	"BodyPartExamined": "BRAIN",
	"PatientPosition": "HFS",
	"SoftwareVersions": "5.7.1\\5.7.1.4",
	"MRAcquisitionType": "2D",
	"SeriesDescription": "control_T2S SG MoCoQR",
	"ProtocolName": "control_T2S SG MoCoQR",
	"ScanningSequence": "GR",
	"SequenceVariant": "SS",
	"ScanOptions": "OTHER",
	"PulseSequenceName": "FFE",
	"ImageType": ["ORIGINAL", "PRIMARY", "I", "FFE", "I", "FFE", "IMAGINARY"],
	"SeriesNumber": 801,
	"AcquisitionTime": "15:09:24.840000",
	"AcquisitionNumber": 8,
	"PhilipsRWVSlope": 2.43663,
	"PhilipsRWVIntercept": -4989,
	"PhilipsRescaleSlope": 2.43663,
	"PhilipsRescaleIntercept": -4989,
	"PhilipsScaleSlope": 0.0113351,
	"UsePhilipsFloatNotDisplayScaling": 1,
	"SliceThickness": 3,
	"SpacingBetweenSlices": 3.3,
	"SAR": 0.00456613,
	"EchoNumber": 10,
	"EchoTime": 0.051001,
	"RepetitionTime": 2.25995,
	"MTState": false,
	"FlipAngle": 30,
	"CoilString": "MULTI COIL",
	"PercentPhaseFOV": 82.1429,
	"PercentSampling": 25,
	"EchoTrainLength": 12,
	"PhaseEncodingSteps": 28,
	"AcquisitionMatrixPE": 28,
	"ReconMatrixPE": 112,
	"WaterFatShift": 1.00028,
	"EstimatedEffectiveEchoSpacing": 1.91501e-05,
	"EstimatedTotalReadoutTime": 0.00212566,
	"AcquisitionDuration": 54.2387,
	"PixelBandwidth": 434,
	"PhaseEncodingAxis": "i",
	"ImageOrientationPatientDICOM": [
		0.996194,
		-0.0650527,
		0.0580173,
		0.069598,
		0.994353,
		-0.0801105	],
	"InPlanePhaseEncodingDirectionDICOM": "ROW",
	"ConversionSoftware": "dcm2niix",
	"ConversionSoftwareVersion": "v1.0.20220720"
}
