{
	"Manufacturer": "Philips",
	"PatientPosition": "HFS",
	"SeriesDescription": "ImageMRSERIES",
	"ProtocolName": "mem_T2SSGMoCoQR",
	"SeriesNumber": 20,
	"AcquisitionNumber": 20,
	"ImageComments": "StudieMR",
	"PhilipsRescaleSlope": 2.41856,
	"PhilipsRescaleIntercept": -4952,
	"PhilipsScaleSlope": 0.0146279,
	"UsePhilipsFloatNotDisplayScaling": 1,
	"EchoNumber": 12,
	"EchoTime": 0.061,
	"RepetitionTime": 2.26013,
	"ReconMatrixPE": 112,
	"ImageOrientationPatientDICOM": [
		0.999129,
		0.0398909,
		0.0122182,
		-0.038208,
		0.992513,
		-0.116009	],
	"ConversionSoftware": "dcm2niix",
	"ConversionSoftwareVersion": "v1.0.20190902"
}
