{
	"Manufacturer": "Philips",
	"PatientPosition": "HFS",
	"SeriesDescription": "ImageMRSERIES",
	"ProtocolName": "rest_T2SSGMoCoQR",
	"SeriesNumber": 12,
	"AcquisitionNumber": 12,
	"ImageComments": "StudieMR",
	"PhilipsRescaleSlope": 1.2823,
	"PhilipsRescaleIntercept": 0,
	"PhilipsScaleSlope": 0.0274896,
	"UsePhilipsFloatNotDisplayScaling": 1,
	"EchoNumber": 1,
	"EchoTime": 0.006,
	"RepetitionTime": 2.26013,
	"ReconMatrixPE": 112,
	"ImageOrientationPatientDICOM": [
		0.999129,
		0.0398909,
		0.0122182,
		-0.038208,
		0.992513,
		-0.116009	],
	"ConversionSoftware": "dcm2niix",
	"ConversionSoftwareVersion": "v1.0.20190902"
}
