{
	"Manufacturer": "Philips",
	"PatientPosition": "HFS",
	"SeriesDescription": "ImageMRSERIES",
	"ProtocolName": "mem_T2SSGPhaseCorrOFF",
	"SeriesNumber": 18,
	"AcquisitionNumber": 18,
	"ImageComments": "StudieMR",
	"PhilipsRescaleSlope": 1.33578,
	"PhilipsRescaleIntercept": 0,
	"PhilipsScaleSlope": 0.0261936,
	"UsePhilipsFloatNotDisplayScaling": 1,
	"EchoNumber": 3,
	"EchoTime": 0.015,
	"RepetitionTime": 2.22783,
	"ReconMatrixPE": 112,
	"ImageOrientationPatientDICOM": [
		0.999129,
		0.0398909,
		0.0122182,
		-0.038208,
		0.992513,
		-0.116009	],
	"ConversionSoftware": "dcm2niix",
	"ConversionSoftwareVersion": "v1.0.20190902"
}
