{
	"Manufacturer": "Philips",
	"PatientPosition": "HFS",
	"SeriesDescription": "ImageMRSERIES",
	"ProtocolName": "WIPcontrol_T2SSGMoCoHR",
	"SeriesNumber": 8,
	"AcquisitionNumber": 8,
	"ImageComments": "------",
	"PhilipsRescaleSlope": 2.43321,
	"PhilipsRescaleIntercept": -4982,
	"PhilipsScaleSlope": 0.0119588,
	"UsePhilipsFloatNotDisplayScaling": 1,
	"EchoNumber": 1,
	"EchoTime": 0.006,
	"RepetitionTime": 2.25975,
	"ReconMatrixPE": 112,
	"ImageOrientationPatientDICOM": [
		0.999041,
		0.0335903,
		0.0281006,
		-0.031047,
		0.995767,
		-0.0865054	],
	"ConversionSoftware": "dcm2niix",
	"ConversionSoftwareVersion": "v1.0.20190902"
}
