{
	"Manufacturer": "Philips",
	"PatientPosition": "HFS",
	"SeriesDescription": "ImageMRSERIES",
	"ProtocolName": "WIPcalc_T2SSGMoCoQR",
	"SeriesNumber": 12,
	"AcquisitionNumber": 12,
	"ImageComments": "------",
	"PhilipsRescaleSlope": 1.2757,
	"PhilipsRescaleIntercept": 0,
	"PhilipsScaleSlope": 0.022998,
	"UsePhilipsFloatNotDisplayScaling": 1,
	"EchoNumber": 8,
	"EchoTime": 0.041,
	"RepetitionTime": 2.2596,
	"ReconMatrixPE": 112,
	"ImageOrientationPatientDICOM": [
		0.999041,
		0.0335903,
		0.0281006,
		-0.031047,
		0.995767,
		-0.0865054	],
	"ConversionSoftware": "dcm2niix",
	"ConversionSoftwareVersion": "v1.0.20190902"
}
