{
	"Manufacturer": "Philips",
	"PatientPosition": "HFS",
	"SeriesDescription": "ImageMRSERIES",
	"ProtocolName": "WIPMPR_3D_cs7.5",
	"SeriesNumber": 16,
	"AcquisitionNumber": 16,
	"ImageComments": "------",
	"PhilipsRescaleSlope": 5.00488,
	"PhilipsRescaleIntercept": 0,
	"PhilipsScaleSlope": 0.0039433,
	"UsePhilipsFloatNotDisplayScaling": 1,
	"EchoTime": 0.004,
	"RepetitionTime": 0.009,
	"InversionTime": 1,
	"ReconMatrixPE": 256,
	"ImageOrientationPatientDICOM": [
		0.0555452,
		0.982439,
		-0.178127,
		0.0605259,
		-0.181388,
		-0.981547	],
	"ConversionSoftware": "dcm2niix",
	"ConversionSoftwareVersion": "v1.0.20190902"
}
