{
	"Modality": "MR",
	"MagneticFieldStrength": 3,
	"ImagingFrequency": 127.757,
	"Manufacturer": "Philips",
	"ManufacturersModelName": "Ingenia Elition X",
	"InstitutionName": "Klinikum rechts der Isar",
	"InstitutionalDepartmentName": "Radiologie",
	"DeviceSerialNumber": "45000",
	"StationName": "MRKH",
	"BodyPartExamined": "BRAIN",
	"PatientPosition": "HFS",
	"SoftwareVersions": "5.7.1\\5.7.1.4",
	"MRAcquisitionType": "2D",
	"SeriesDescription": "localizer_calc_mem_fMRI_MB2",
	"ProtocolName": "localizer_calc_mem_fMRI_MB2",
	"ScanningSequence": "GR",
	"SequenceVariant": "SK",
	"ScanOptions": "FS",
	"PulseSequenceName": "FEEPI",
	"ImageType": ["ORIGINAL", "PRIMARY", "M", "FFE", "M", "FFE"],
	"SeriesNumber": 601,
	"AcquisitionTime": "15:42:42.190000",
	"AcquisitionNumber": 6,
	"PhilipsRWVSlope": 0.754579,
	"PhilipsRWVIntercept": 0,
	"PhilipsRescaleSlope": 0.754579,
	"PhilipsRescaleIntercept": 0,
	"PhilipsScaleSlope": 0.0132188,
	"UsePhilipsFloatNotDisplayScaling": 1,
	"SliceThickness": 3,
	"SpacingBetweenSlices": 3.3,
	"SAR": 0.131963,
	"EchoTime": 0.030001,
	"RepetitionTime": 1.2,
	"MTState": false,
	"FlipAngle": 70,
	"CoilString": "MULTI COIL",
	"PercentPhaseFOV": 100,
	"PercentSampling": 100,
	"EchoTrainLength": 43,
	"PhaseEncodingSteps": 64,
	"AcquisitionMatrixPE": 64,
	"ReconMatrixPE": 64,
	"ParallelReductionFactorInPlane": 1.5,
	"ParallelAcquisitionTechnique": "MBSENSE",
	"ParallelReductionOutOfPlane": 2,
	"WaterFatShift": 10.4354,
	"EstimatedEffectiveEchoSpacing": 0.000372667,
	"EstimatedTotalReadoutTime": 0.023478,
	"PixelBandwidth": 3527,
	"PhaseEncodingAxis": "j",
	"ImageOrientationPatientDICOM": [
		0.998347,
		0.00330791,
		-0.0573798,
		-0.00788536,
		0.996785,
		-0.0797329	],
	"InPlanePhaseEncodingDirectionDICOM": "COL",
	"ConversionSoftware": "dcm2niix",
	"ConversionSoftwareVersion": "v1.0.20220720", 
	"TaskName": "all"
}
