{
	"Manufacturer": "Philips",
	"PatientPosition": "HFS",
	"SeriesDescription": "ImageMRSERIES",
	"ProtocolName": "mem_T2SSGMoCoHR",
	"SeriesNumber": 19,
	"AcquisitionNumber": 19,
	"ImageComments": "StudieMR",
	"PhilipsRescaleSlope": 2.40537,
	"PhilipsRescaleIntercept": -4925,
	"PhilipsScaleSlope": 0.0141304,
	"UsePhilipsFloatNotDisplayScaling": 1,
	"EchoNumber": 12,
	"EchoTime": 0.061,
	"RepetitionTime": 2.2618,
	"ReconMatrixPE": 112,
	"ImageOrientationPatientDICOM": [
		0.997868,
		-0.0645091,
		-0.00987669,
		0.0613819,
		0.979146,
		-0.193665	],
	"ConversionSoftware": "dcm2niix",
	"ConversionSoftwareVersion": "v1.0.20190902"
}
