{
	"Manufacturer": "Philips",
	"PatientPosition": "HFS",
	"SeriesDescription": "ImageMRSERIES",
	"ProtocolName": "rest_T2SSGPhaseCorrOFF",
	"SeriesNumber": 10,
	"AcquisitionNumber": 10,
	"ImageComments": "StudieMR",
	"PhilipsRescaleSlope": 2.39414,
	"PhilipsRescaleIntercept": -4902,
	"PhilipsScaleSlope": 0.013669,
	"UsePhilipsFloatNotDisplayScaling": 1,
	"EchoNumber": 3,
	"EchoTime": 0.015,
	"RepetitionTime": 2.22915,
	"ReconMatrixPE": 112,
	"ImageOrientationPatientDICOM": [
		0.997868,
		-0.0645091,
		-0.00987669,
		0.0613819,
		0.979146,
		-0.193665	],
	"ConversionSoftware": "dcm2niix",
	"ConversionSoftwareVersion": "v1.0.20190902"
}
