{
	"Manufacturer": "Philips",
	"PatientPosition": "HFS",
	"SeriesDescription": "ImageMRSERIES",
	"ProtocolName": "rest_T2SSGMoCoHR",
	"SeriesNumber": 11,
	"AcquisitionNumber": 11,
	"ImageComments": "StudieMR",
	"PhilipsRescaleSlope": 2.3409,
	"PhilipsRescaleIntercept": -4793,
	"PhilipsScaleSlope": 0.0140997,
	"UsePhilipsFloatNotDisplayScaling": 1,
	"EchoNumber": 5,
	"EchoTime": 0.026,
	"RepetitionTime": 2.2618,
	"ReconMatrixPE": 112,
	"ImageOrientationPatientDICOM": [
		0.997868,
		-0.0645091,
		-0.00987669,
		0.0613819,
		0.979146,
		-0.193665	],
	"ConversionSoftware": "dcm2niix",
	"ConversionSoftwareVersion": "v1.0.20190902"
}
