{
	"Manufacturer": "Philips",
	"PatientPosition": "HFS",
	"SeriesDescription": "ImageMRSERIES",
	"ProtocolName": "control_T2SSGMoCoHR",
	"SeriesNumber": 7,
	"AcquisitionNumber": 7,
	"ImageComments": "StudieMR",
	"PhilipsRescaleSlope": 2.18462,
	"PhilipsRescaleIntercept": -4473,
	"PhilipsScaleSlope": 0.0139289,
	"UsePhilipsFloatNotDisplayScaling": 1,
	"EchoNumber": 9,
	"EchoTime": 0.046,
	"RepetitionTime": 2.2618,
	"ReconMatrixPE": 112,
	"ImageOrientationPatientDICOM": [
		0.997868,
		-0.0645091,
		-0.00987669,
		0.0613819,
		0.979146,
		-0.193665	],
	"ConversionSoftware": "dcm2niix",
	"ConversionSoftwareVersion": "v1.0.20190902"
}
