{
	"Manufacturer": "Philips",
	"PatientPosition": "HFS",
	"SeriesDescription": "ImageMRSERIES",
	"ProtocolName": "calc_T2SSGMoCoQR",
	"SeriesNumber": 16,
	"AcquisitionNumber": 16,
	"ImageComments": "------",
	"PhilipsRescaleSlope": 2.2696,
	"PhilipsRescaleIntercept": -4647,
	"PhilipsScaleSlope": 0.0163377,
	"UsePhilipsFloatNotDisplayScaling": 1,
	"EchoNumber": 2,
	"EchoTime": 0.011,
	"RepetitionTime": 2.25998,
	"ReconMatrixPE": 112,
	"ImageOrientationPatientDICOM": [
		0.998814,
		0.0485769,
		-0.00339585,
		-0.0486754,
		0.993973,
		-0.0982288	],
	"ConversionSoftware": "dcm2niix",
	"ConversionSoftwareVersion": "v1.0.20190902"
}
