{
	"Manufacturer": "Philips",
	"PatientPosition": "HFS",
	"SeriesDescription": "ImageMRSERIES",
	"ProtocolName": "mem_T2SSGPhaseCorrOFF",
	"SeriesNumber": 18,
	"AcquisitionNumber": 18,
	"ImageComments": "------",
	"PhilipsRescaleSlope": 2.48059,
	"PhilipsRescaleIntercept": -5079,
	"PhilipsScaleSlope": 0.0145197,
	"UsePhilipsFloatNotDisplayScaling": 1,
	"EchoNumber": 12,
	"EchoTime": 0.06,
	"RepetitionTime": 2.22776,
	"ReconMatrixPE": 112,
	"ImageOrientationPatientDICOM": [
		0.998814,
		0.0485769,
		-0.00339585,
		-0.0486754,
		0.993973,
		-0.0982288	],
	"ConversionSoftware": "dcm2niix",
	"ConversionSoftwareVersion": "v1.0.20190902"
}
