{
	"Modality": "MR",
	"MagneticFieldStrength": 3,
	"ImagingFrequency": 127.757,
	"Manufacturer": "Philips",
	"ManufacturersModelName": "Ingenia Elition X",
	"InstitutionName": "Klinikum rechts der Isar",
	"InstitutionalDepartmentName": "Radiologie",
	"DeviceSerialNumber": "45000",
	"StationName": "MRKH",
	"BodyPartExamined": "BRAIN",
	"PatientPosition": "HFS",
	"SoftwareVersions": "5.7.1\\5.7.1.4",
	"MRAcquisitionType": "2D",
	"SeriesDescription": "control_T2S SG PhaseCorr OFF",
	"ProtocolName": "control_T2S SG PhaseCorr OFF",
	"ScanningSequence": "GR",
	"SequenceVariant": "SS",
	"ScanOptions": "OTHER",
	"PulseSequenceName": "FFE",
	"ImageType": ["ORIGINAL", "PRIMARY", "R", "FFE", "R", "FFE", "REAL"],
	"SeriesNumber": 701,
	"AcquisitionTime": "21:18:12.630000",
	"AcquisitionNumber": 7,
	"PhilipsRWVSlope": 2.26325,
	"PhilipsRWVIntercept": -4634,
	"PhilipsRescaleSlope": 2.26325,
	"PhilipsRescaleIntercept": -4634,
	"PhilipsScaleSlope": 0.0103119,
	"UsePhilipsFloatNotDisplayScaling": 1,
	"SliceThickness": 3,
	"SpacingBetweenSlices": 3.3,
	"SAR": 0.00462867,
	"EchoNumber": 3,
	"EchoTime": 0.015001,
	"RepetitionTime": 2.22941,
	"MTState": false,
	"FlipAngle": 30,
	"CoilString": "MULTI COIL",
	"PercentPhaseFOV": 82.1429,
	"PercentSampling": 100,
	"EchoTrainLength": 12,
	"PhaseEncodingSteps": 112,
	"AcquisitionMatrixPE": 112,
	"ReconMatrixPE": 112,
	"WaterFatShift": 1.00028,
	"EstimatedEffectiveEchoSpacing": 1.91502e-05,
	"EstimatedTotalReadoutTime": 0.00212567,
	"AcquisitionDuration": 207.335,
	"PixelBandwidth": 434,
	"PhaseEncodingAxis": "i",
	"ImageOrientationPatientDICOM": [
		0.997939,
		0.0568673,
		-0.029741,
		-0.0623511,
		0.968872,
		-0.23958	],
	"InPlanePhaseEncodingDirectionDICOM": "ROW",
	"ConversionSoftware": "dcm2niix",
	"ConversionSoftwareVersion": "v1.0.20220720"
}
