{
	"Modality": "MR",
	"MagneticFieldStrength": 3,
	"ImagingFrequency": 127.757,
	"Manufacturer": "Philips",
	"ManufacturersModelName": "Ingenia Elition X",
	"InstitutionName": "Klinikum rechts der Isar",
	"InstitutionalDepartmentName": "Radiologie",
	"DeviceSerialNumber": "45000",
	"StationName": "MRKH",
	"BodyPartExamined": "BRAIN",
	"PatientPosition": "HFS",
	"SoftwareVersions": "5.7.1\\5.7.1.4",
	"MRAcquisitionType": "2D",
	"SeriesDescription": "control_T2S SG MoCoQR",
	"ProtocolName": "control_T2S SG MoCoQR",
	"ScanningSequence": "GR",
	"SequenceVariant": "SS",
	"ScanOptions": "OTHER",
	"PulseSequenceName": "FFE",
	"ImageType": ["ORIGINAL", "PRIMARY", "M", "FFE", "M", "FFE"],
	"SeriesNumber": 901,
	"AcquisitionTime": "21:23:52.040000",
	"AcquisitionNumber": 9,
	"PhilipsRWVSlope": 1.29573,
	"PhilipsRWVIntercept": 0,
	"PhilipsRescaleSlope": 1.29573,
	"PhilipsRescaleIntercept": 0,
	"PhilipsScaleSlope": 0.0182974,
	"UsePhilipsFloatNotDisplayScaling": 1,
	"SliceThickness": 3,
	"SpacingBetweenSlices": 3.3,
	"SAR": 0.00456195,
	"EchoNumber": 11,
	"EchoTime": 0.056001,
	"RepetitionTime": 2.26202,
	"MTState": false,
	"FlipAngle": 30,
	"CoilString": "MULTI COIL",
	"PercentPhaseFOV": 82.1429,
	"PercentSampling": 25,
	"EchoTrainLength": 12,
	"PhaseEncodingSteps": 28,
	"AcquisitionMatrixPE": 28,
	"ReconMatrixPE": 112,
	"WaterFatShift": 1.00027,
	"EstimatedEffectiveEchoSpacing": 1.91501e-05,
	"EstimatedTotalReadoutTime": 0.00212566,
	"AcquisitionDuration": 54.2884,
	"PixelBandwidth": 434,
	"PhaseEncodingAxis": "i",
	"ImageOrientationPatientDICOM": [
		0.997939,
		0.0568673,
		-0.029741,
		-0.0623511,
		0.968872,
		-0.23958	],
	"InPlanePhaseEncodingDirectionDICOM": "ROW",
	"ConversionSoftware": "dcm2niix",
	"ConversionSoftwareVersion": "v1.0.20220720"
}
