{
	"Manufacturer": "Philips",
	"PatientPosition": "HFS",
	"SeriesDescription": "ImageMRSERIES",
	"ProtocolName": "calc_T2SSGMoCoQR",
	"SeriesNumber": 12,
	"AcquisitionNumber": 12,
	"ImageComments": "StudieMR",
	"PhilipsRescaleSlope": 2.34286,
	"PhilipsRescaleIntercept": -4797,
	"PhilipsScaleSlope": 0.013041,
	"UsePhilipsFloatNotDisplayScaling": 1,
	"EchoNumber": 6,
	"EchoTime": 0.031,
	"RepetitionTime": 2.26153,
	"ReconMatrixPE": 112,
	"ImageOrientationPatientDICOM": [
		0.99899,
		-0.0358519,
		-0.0271025,
		0.0289513,
		0.974597,
		-0.222086	],
	"ConversionSoftware": "dcm2niix",
	"ConversionSoftwareVersion": "v1.0.20190902"
}
