{
	"Manufacturer": "Philips",
	"PatientPosition": "HFS",
	"SeriesDescription": "ImageMRSERIES",
	"ProtocolName": "control_T2SSGMoCoHR",
	"SeriesNumber": 8,
	"AcquisitionNumber": 8,
	"ImageComments": "StudieMR",
	"PhilipsRescaleSlope": 1.2862,
	"PhilipsRescaleIntercept": 0,
	"PhilipsScaleSlope": 0.024765,
	"UsePhilipsFloatNotDisplayScaling": 1,
	"EchoNumber": 1,
	"EchoTime": 0.006,
	"RepetitionTime": 2.26169,
	"ReconMatrixPE": 112,
	"ImageOrientationPatientDICOM": [
		0.99899,
		-0.0358519,
		-0.0271025,
		0.0289513,
		0.974597,
		-0.222086	],
	"ConversionSoftware": "dcm2niix",
	"ConversionSoftwareVersion": "v1.0.20190902"
}
