{
	"Manufacturer": "Philips",
	"PatientPosition": "HFS",
	"SeriesDescription": "ImageMRSERIES",
	"ProtocolName": "calc_T2SSGPhaseCorrOFF",
	"SeriesNumber": 10,
	"AcquisitionNumber": 10,
	"ImageComments": "StudieMR",
	"PhilipsRescaleSlope": 2.49573,
	"PhilipsRescaleIntercept": -5110,
	"PhilipsScaleSlope": 0.0126158,
	"UsePhilipsFloatNotDisplayScaling": 1,
	"EchoNumber": 6,
	"EchoTime": 0.03,
	"RepetitionTime": 2.22876,
	"ReconMatrixPE": 112,
	"ImageOrientationPatientDICOM": [
		0.99899,
		-0.0358519,
		-0.0271025,
		0.0289513,
		0.974597,
		-0.222086	],
	"ConversionSoftware": "dcm2niix",
	"ConversionSoftwareVersion": "v1.0.20190902"
}
