{
	"Manufacturer": "Philips",
	"PatientPosition": "HFS",
	"SeriesDescription": "ImageMRSERIES",
	"ProtocolName": "WIPSOURCE-calc_pCASL2D",
	"SeriesNumber": 5,
	"AcquisitionNumber": 5,
	"ImageComments": "StudieMR",
	"PhilipsRescaleSlope": 1.30647,
	"PhilipsRescaleIntercept": 0,
	"PhilipsScaleSlope": 0.00685802,
	"UsePhilipsFloatNotDisplayScaling": 1,
	"EchoTime": 0.01136,
	"RepetitionTime": 9,
	"ReconMatrixPE": 80,
	"ImageOrientationPatientDICOM": [
		0.999129,
		0.0398909,
		0.0122182,
		-0.038208,
		0.992513,
		-0.116009	],
	"ConversionSoftware": "dcm2niix",
	"ConversionSoftwareVersion": "v1.0.20190902"
}
