{
	"Modality": "MR",
	"MagneticFieldStrength": 3,
	"ImagingFrequency": 127.757,
	"Manufacturer": "Philips",
	"ManufacturersModelName": "Ingenia Elition X",
	"InstitutionName": "Klinikum rechts der Isar",
	"InstitutionalDepartmentName": "Radiologie",
	"DeviceSerialNumber": "45000",
	"StationName": "MRKH",
	"BodyPartExamined": "BRAIN",
	"PatientPosition": "HFS",
	"SoftwareVersions": "5.7.1\\5.7.1.4",
	"MRAcquisitionType": "2D",
	"SeriesDescription": "control_T2S SG MoCoQR",
	"ProtocolName": "control_T2S SG MoCoQR",
	"ScanningSequence": "GR",
	"SequenceVariant": "SS",
	"ScanOptions": "OTHER",
	"PulseSequenceName": "FFE",
	"ImageType": ["ORIGINAL", "PRIMARY", "I", "FFE", "I", "FFE", "IMAGINARY"],
	"SeriesNumber": 1001,
	"AcquisitionTime": "16:04:6.480000",
	"AcquisitionNumber": 10,
	"PhilipsRWVSlope": 2.51526,
	"PhilipsRWVIntercept": -5150,
	"PhilipsRescaleSlope": 2.51526,
	"PhilipsRescaleIntercept": -5150,
	"PhilipsScaleSlope": 0.0115056,
	"UsePhilipsFloatNotDisplayScaling": 1,
	"SliceThickness": 3,
	"SpacingBetweenSlices": 3.3,
	"SAR": 0.00456686,
	"EchoNumber": 4,
	"EchoTime": 0.021001,
	"RepetitionTime": 2.25958,
	"MTState": false,
	"FlipAngle": 30,
	"CoilString": "MULTI COIL",
	"PercentPhaseFOV": 82.1429,
	"PercentSampling": 25,
	"EchoTrainLength": 12,
	"PhaseEncodingSteps": 28,
	"AcquisitionMatrixPE": 28,
	"ReconMatrixPE": 112,
	"WaterFatShift": 1.00028,
	"EstimatedEffectiveEchoSpacing": 1.91501e-05,
	"EstimatedTotalReadoutTime": 0.00212566,
	"AcquisitionDuration": 54.23,
	"PixelBandwidth": 434,
	"PhaseEncodingAxis": "i",
	"ImageOrientationPatientDICOM": [
		0.998347,
		0.00330791,
		-0.0573798,
		-0.00788536,
		0.996785,
		-0.0797329	],
	"InPlanePhaseEncodingDirectionDICOM": "ROW",
	"ConversionSoftware": "dcm2niix",
	"ConversionSoftwareVersion": "v1.0.20220720"
}
