{
	"Manufacturer": "Philips",
	"PatientPosition": "HFS",
	"SeriesDescription": "ImageMRSERIES",
	"ProtocolName": "rest_T2SSGMoCoHR",
	"SeriesNumber": 11,
	"AcquisitionNumber": 11,
	"ImageComments": "------",
	"PhilipsRescaleSlope": 2.18608,
	"PhilipsRescaleIntercept": -4476,
	"PhilipsScaleSlope": 0.0146886,
	"UsePhilipsFloatNotDisplayScaling": 1,
	"EchoNumber": 6,
	"EchoTime": 0.031,
	"RepetitionTime": 2.25893,
	"ReconMatrixPE": 112,
	"ImageOrientationPatientDICOM": [
		0.999781,
		-0.00906432,
		0.01887,
		0.010121,
		0.998341,
		-0.0566789	],
	"ConversionSoftware": "dcm2niix",
	"ConversionSoftwareVersion": "v1.0.20190902"
}
