{
	"Manufacturer": "Philips",
	"PatientPosition": "HFS",
	"SeriesDescription": "ImageMRSERIES",
	"ProtocolName": "calc_T2SSGMoCoQR",
	"SeriesNumber": 16,
	"AcquisitionNumber": 16,
	"ImageComments": "------",
	"PhilipsRescaleSlope": 2.20415,
	"PhilipsRescaleIntercept": -4513,
	"PhilipsScaleSlope": 0.0148409,
	"UsePhilipsFloatNotDisplayScaling": 1,
	"EchoNumber": 4,
	"EchoTime": 0.021,
	"RepetitionTime": 2.2589,
	"ReconMatrixPE": 112,
	"ImageOrientationPatientDICOM": [
		0.999781,
		-0.00906432,
		0.01887,
		0.010121,
		0.998341,
		-0.0566789	],
	"ConversionSoftware": "dcm2niix",
	"ConversionSoftwareVersion": "v1.0.20190902"
}
