{
	"Manufacturer": "Philips",
	"PatientPosition": "HFS",
	"SeriesDescription": "ImageMRSERIES",
	"ProtocolName": "control_T2SSGPhaseCorrOFF",
	"SeriesNumber": 6,
	"AcquisitionNumber": 6,
	"ImageComments": "------",
	"PhilipsRescaleSlope": 2.30183,
	"PhilipsRescaleIntercept": -4713,
	"PhilipsScaleSlope": 0.0138451,
	"UsePhilipsFloatNotDisplayScaling": 1,
	"EchoNumber": 8,
	"EchoTime": 0.04,
	"RepetitionTime": 2.22662,
	"ReconMatrixPE": 112,
	"ImageOrientationPatientDICOM": [
		0.999781,
		-0.00906432,
		0.01887,
		0.010121,
		0.998341,
		-0.0566789	],
	"ConversionSoftware": "dcm2niix",
	"ConversionSoftwareVersion": "v1.0.20190902"
}
