{
	"Modality": "MR",
	"MagneticFieldStrength": 3,
	"ImagingFrequency": 127.757,
	"Manufacturer": "Philips",
	"ManufacturersModelName": "Ingenia Elition X",
	"InstitutionName": "Klinikum rechts der Isar",
	"InstitutionalDepartmentName": "Radiologie",
	"DeviceSerialNumber": "45000",
	"StationName": "MRKH",
	"BodyPartExamined": "BRAIN",
	"PatientPosition": "HFS",
	"SoftwareVersions": "5.7.1\\5.7.1.4",
	"MRAcquisitionType": "2D",
	"SeriesDescription": "control_T2S SG MoCoHR",
	"ProtocolName": "control_T2S SG MoCoHR",
	"ScanningSequence": "GR",
	"SequenceVariant": "SS",
	"ScanOptions": "OTHER",
	"PulseSequenceName": "FFE",
	"ImageType": ["ORIGINAL", "PRIMARY", "M", "FFE", "M", "FFE"],
	"SeriesNumber": 601,
	"AcquisitionTime": "21:49:46.750000",
	"AcquisitionNumber": 6,
	"PhilipsRWVSlope": 1.26154,
	"PhilipsRWVIntercept": 0,
	"PhilipsRescaleSlope": 1.26154,
	"PhilipsRescaleIntercept": 0,
	"PhilipsScaleSlope": 0.0253785,
	"UsePhilipsFloatNotDisplayScaling": 1,
	"SliceThickness": 3,
	"SpacingBetweenSlices": 3.3,
	"SAR": 0.00456368,
	"EchoNumber": 8,
	"EchoTime": 0.041001,
	"RepetitionTime": 2.26116,
	"MTState": false,
	"FlipAngle": 30,
	"CoilString": "MULTI COIL",
	"PercentPhaseFOV": 82.1429,
	"PercentSampling": 50,
	"EchoTrainLength": 12,
	"PhaseEncodingSteps": 56,
	"AcquisitionMatrixPE": 56,
	"ReconMatrixPE": 112,
	"WaterFatShift": 1.00028,
	"EstimatedEffectiveEchoSpacing": 1.91501e-05,
	"EstimatedTotalReadoutTime": 0.00212566,
	"AcquisitionDuration": 106.275,
	"PixelBandwidth": 434,
	"PhaseEncodingAxis": "i",
	"ImageOrientationPatientDICOM": [
		0.99683,
		-0.0795622,
		-0.000602603,
		0.0787997,
		0.988268,
		-0.130834	],
	"InPlanePhaseEncodingDirectionDICOM": "ROW",
	"ConversionSoftware": "dcm2niix",
	"ConversionSoftwareVersion": "v1.0.20220720"
}
