{
	"Manufacturer": "Philips",
	"PatientPosition": "HFS",
	"SeriesDescription": "ImageMRSERIES",
	"ProtocolName": "mem_T2SSGPhaseCorrOFF",
	"SeriesNumber": 18,
	"AcquisitionNumber": 18,
	"ImageComments": "StudieMR",
	"PhilipsRescaleSlope": 1.29158,
	"PhilipsRescaleIntercept": 0,
	"PhilipsScaleSlope": 0.0236616,
	"UsePhilipsFloatNotDisplayScaling": 1,
	"EchoNumber": 5,
	"EchoTime": 0.025,
	"RepetitionTime": 2.22937,
	"ReconMatrixPE": 112,
	"ImageOrientationPatientDICOM": [
		0.998783,
		0.0193337,
		0.0453745,
		-0.00348642,
		0.945343,
		-0.326059	],
	"ConversionSoftware": "dcm2niix",
	"ConversionSoftwareVersion": "v1.0.20190902"
}
