{
	"Manufacturer": "Philips",
	"PatientPosition": "HFS",
	"SeriesDescription": "ImageMRSERIES",
	"ProtocolName": "control_T2SSGPhaseCorrOFF",
	"SeriesNumber": 6,
	"AcquisitionNumber": 6,
	"ImageComments": "StudieMR",
	"PhilipsRescaleSlope": 2.33211,
	"PhilipsRescaleIntercept": -4775,
	"PhilipsScaleSlope": 0.0128313,
	"UsePhilipsFloatNotDisplayScaling": 1,
	"EchoNumber": 1,
	"EchoTime": 0.005,
	"RepetitionTime": 2.22937,
	"ReconMatrixPE": 112,
	"ImageOrientationPatientDICOM": [
		0.998783,
		0.0193337,
		0.0453745,
		-0.00348642,
		0.945343,
		-0.326059	],
	"ConversionSoftware": "dcm2niix",
	"ConversionSoftwareVersion": "v1.0.20190902"
}
