{
	"Manufacturer": "Philips",
	"PatientPosition": "HFS",
	"SeriesDescription": "ImageMRSERIES",
	"ProtocolName": "T2_Perf4erflow",
	"SeriesNumber": 28,
	"AcquisitionNumber": 28,
	"ImageComments": "------",
	"PhilipsRescaleSlope": 0.84469,
	"PhilipsRescaleIntercept": 0,
	"PhilipsScaleSlope": 0.0371606,
	"UsePhilipsFloatNotDisplayScaling": 1,
	"EchoTime": 0.03,
	"RepetitionTime": 2.03861,
	"ReconMatrixPE": 112,
	"ImageOrientationPatientDICOM": [
		0.999334,
		-0.0191184,
		0.0310793,
		0.0202351,
		0.999146,
		-0.0360219	],
	"ConversionSoftware": "dcm2niix",
	"ConversionSoftwareVersion": "v1.0.20190902"
}
