{
	"Manufacturer": "Philips",
	"PatientPosition": "HFS",
	"SeriesDescription": "ImageMRSERIES",
	"ProtocolName": "calc_T2SSGMoCoHR",
	"SeriesNumber": 15,
	"AcquisitionNumber": 15,
	"ImageComments": "StudieMR",
	"PhilipsRescaleSlope": 2.60317,
	"PhilipsRescaleIntercept": -5330,
	"PhilipsScaleSlope": 0.012751,
	"UsePhilipsFloatNotDisplayScaling": 1,
	"EchoNumber": 10,
	"EchoTime": 0.051,
	"RepetitionTime": 1.93946,
	"ReconMatrixPE": 112,
	"ImageOrientationPatientDICOM": [
		0.9974,
		0.030772,
		-0.0651667,
		-0.0486065,
		0.954861,
		-0.29305	],
	"ConversionSoftware": "dcm2niix",
	"ConversionSoftwareVersion": "v1.0.20190902"
}
