{
	"Manufacturer": "Philips",
	"PatientPosition": "HFS",
	"SeriesDescription": "ImageMRSERIES",
	"ProtocolName": "mem_T2SSGMoCoHR",
	"SeriesNumber": 20,
	"AcquisitionNumber": 20,
	"ImageComments": "StudieMR",
	"PhilipsRescaleSlope": 1.32869,
	"PhilipsRescaleIntercept": 0,
	"PhilipsScaleSlope": 0.0254014,
	"UsePhilipsFloatNotDisplayScaling": 1,
	"EchoNumber": 3,
	"EchoTime": 0.016,
	"RepetitionTime": 1.93946,
	"ReconMatrixPE": 112,
	"ImageOrientationPatientDICOM": [
		0.9974,
		0.030772,
		-0.0651667,
		-0.0486065,
		0.954861,
		-0.29305	],
	"ConversionSoftware": "dcm2niix",
	"ConversionSoftwareVersion": "v1.0.20190902"
}
