{
	"Manufacturer": "Philips",
	"PatientPosition": "HFS",
	"SeriesDescription": "ImageMRSERIES",
	"ProtocolName": "mem_T2SSGPhaseCorrOFF",
	"SeriesNumber": 18,
	"AcquisitionNumber": 18,
	"ImageComments": "StudieMR",
	"PhilipsRescaleSlope": 2.60317,
	"PhilipsRescaleIntercept": -5330,
	"PhilipsScaleSlope": 0.0132181,
	"UsePhilipsFloatNotDisplayScaling": 1,
	"EchoNumber": 10,
	"EchoTime": 0.05,
	"RepetitionTime": 1.91143,
	"ReconMatrixPE": 112,
	"ImageOrientationPatientDICOM": [
		0.9974,
		0.030772,
		-0.0651667,
		-0.0486065,
		0.954861,
		-0.29305	],
	"ConversionSoftware": "dcm2niix",
	"ConversionSoftwareVersion": "v1.0.20190902"
}
