{
	"Manufacturer": "Philips",
	"PatientPosition": "HFS",
	"SeriesDescription": "ImageMRSERIES",
	"ProtocolName": "rest_T2SSGPhaseCorrOFF",
	"SeriesNumber": 10,
	"AcquisitionNumber": 10,
	"ImageComments": "StudieMR",
	"PhilipsRescaleSlope": 1.25031,
	"PhilipsRescaleIntercept": 0,
	"PhilipsScaleSlope": 0.0270768,
	"UsePhilipsFloatNotDisplayScaling": 1,
	"EchoNumber": 5,
	"EchoTime": 0.025,
	"RepetitionTime": 1.91143,
	"ReconMatrixPE": 112,
	"ImageOrientationPatientDICOM": [
		0.9974,
		0.030772,
		-0.0651667,
		-0.0486065,
		0.954861,
		-0.29305	],
	"ConversionSoftware": "dcm2niix",
	"ConversionSoftwareVersion": "v1.0.20190902"
}
