{
	"Manufacturer": "Philips",
	"PatientPosition": "HFS",
	"SeriesDescription": "ImageMRSERIES",
	"ProtocolName": "WIPcontrol_T2SSGMoCoHR",
	"SeriesNumber": 8,
	"AcquisitionNumber": 8,
	"ImageComments": "------",
	"PhilipsRescaleSlope": 1.28376,
	"PhilipsRescaleIntercept": 0,
	"PhilipsScaleSlope": 0.0256248,
	"UsePhilipsFloatNotDisplayScaling": 1,
	"EchoNumber": 1,
	"EchoTime": 0.006,
	"RepetitionTime": 2.26013,
	"ReconMatrixPE": 112,
	"ImageOrientationPatientDICOM": [
		0.998014,
		-0.0479935,
		-0.0407969,
		0.0516051,
		0.994361,
		0.0926465	],
	"ConversionSoftware": "dcm2niix",
	"ConversionSoftwareVersion": "v1.0.20190902"
}
