{
	"Manufacturer": "Philips",
	"PatientPosition": "HFS",
	"SeriesDescription": "ImageMRSERIES",
	"ProtocolName": "rest_T2SSGPhaseCorrOFF",
	"SeriesNumber": 40,
	"AcquisitionNumber": 40,
	"ImageComments": "------",
	"PhilipsRescaleSlope": 2.53578,
	"PhilipsRescaleIntercept": -5192,
	"PhilipsScaleSlope": 0.0130519,
	"UsePhilipsFloatNotDisplayScaling": 1,
	"EchoNumber": 8,
	"EchoTime": 0.04,
	"RepetitionTime": 2.22732,
	"ReconMatrixPE": 112,
	"ImageOrientationPatientDICOM": [
		0.998374,
		0.0372834,
		-0.0431215,
		-0.0390517,
		0.998399,
		-0.040919	],
	"ConversionSoftware": "dcm2niix",
	"ConversionSoftwareVersion": "v1.0.20190902"
}
