{
	"Manufacturer": "Philips",
	"PatientPosition": "HFS",
	"SeriesDescription": "ImageMRSERIES",
	"ProtocolName": "calc_T2SSGMoCoQR",
	"SeriesNumber": 45,
	"AcquisitionNumber": 45,
	"ImageComments": "------",
	"PhilipsRescaleSlope": 1.25519,
	"PhilipsRescaleIntercept": 0,
	"PhilipsScaleSlope": 0.0263272,
	"UsePhilipsFloatNotDisplayScaling": 1,
	"EchoNumber": 3,
	"EchoTime": 0.016,
	"RepetitionTime": 2.25897,
	"ReconMatrixPE": 112,
	"ImageOrientationPatientDICOM": [
		0.998374,
		0.0372834,
		-0.0431215,
		-0.0390517,
		0.998399,
		-0.040919	],
	"ConversionSoftware": "dcm2niix",
	"ConversionSoftwareVersion": "v1.0.20190902"
}
