{
	"Manufacturer": "Philips",
	"PatientPosition": "HFS",
	"SeriesDescription": "ImageMRSERIES",
	"ProtocolName": "calc_T2SSGMoCoHR",
	"SeriesNumber": 44,
	"AcquisitionNumber": 44,
	"ImageComments": "------",
	"PhilipsRescaleSlope": 2.48547,
	"PhilipsRescaleIntercept": -5089,
	"PhilipsScaleSlope": 0.0132084,
	"UsePhilipsFloatNotDisplayScaling": 1,
	"EchoNumber": 12,
	"EchoTime": 0.061,
	"RepetitionTime": 2.25913,
	"ReconMatrixPE": 112,
	"ImageOrientationPatientDICOM": [
		0.998374,
		0.0372834,
		-0.0431215,
		-0.0390517,
		0.998399,
		-0.040919	],
	"ConversionSoftware": "dcm2niix",
	"ConversionSoftwareVersion": "v1.0.20190902"
}
