{
	"Manufacturer": "Philips",
	"PatientPosition": "HFS",
	"SeriesDescription": "ImageMRSERIES",
	"ProtocolName": "mem_T2SSGPhaseCorrOFF",
	"SeriesNumber": 46,
	"AcquisitionNumber": 46,
	"ImageComments": "------",
	"PhilipsRescaleSlope": 2.48742,
	"PhilipsRescaleIntercept": -5093,
	"PhilipsScaleSlope": 0.0129311,
	"UsePhilipsFloatNotDisplayScaling": 1,
	"EchoNumber": 4,
	"EchoTime": 0.02,
	"RepetitionTime": 2.22732,
	"ReconMatrixPE": 112,
	"ImageOrientationPatientDICOM": [
		0.998374,
		0.0372834,
		-0.0431215,
		-0.0390517,
		0.998399,
		-0.040919	],
	"ConversionSoftware": "dcm2niix",
	"ConversionSoftwareVersion": "v1.0.20190902"
}
