{
	"Manufacturer": "Philips",
	"PatientPosition": "HFS",
	"SeriesDescription": "ImageMRSERIES",
	"ProtocolName": "WIPlocalizer_calc_mem_fMRI_MB2",
	"SeriesNumber": 4,
	"AcquisitionNumber": 4,
	"ImageComments": "------",
	"PhilipsRescaleSlope": 0.75629,
	"PhilipsRescaleIntercept": 0,
	"PhilipsScaleSlope": 0.0248804,
	"UsePhilipsFloatNotDisplayScaling": 1,
	"EchoTime": 0.03,
	"RepetitionTime": 1.2,
	"ReconMatrixPE": 64,
	"ImageOrientationPatientDICOM": [
		0.999041,
		0.0335903,
		0.0281006,
		-0.031047,
		0.995767,
		-0.0865054
	],
	"ConversionSoftware": "dcm2niix",
	"ConversionSoftwareVersion": "v1.0.20190902",
	"EffectiveEchoSpacing": 0.00064,
	"PhaseEncodingDirection": "j",
	"TaskName": "all"
}