{
	"Manufacturer": "Philips",
	"PatientPosition": "HFS",
	"SeriesDescription": "ImageMRSERIES",
	"ProtocolName": "FLAIR_cs10",
	"SeriesNumber": 27,
	"AcquisitionNumber": 27,
	"ImageComments": "------",
	"PhilipsRescaleSlope": 4.77729,
	"PhilipsRescaleIntercept": 0,
	"PhilipsScaleSlope": 0.00162979,
	"UsePhilipsFloatNotDisplayScaling": 1,
	"EchoTime": 0.27583,
	"RepetitionTime": 4.8,
	"InversionTime": 1.65,
	"ReconMatrixPE": 224,
	"ImageOrientationPatientDICOM": [
		0.0282678,
		0.999599,
		0.00179042,
		0.0139622,
		0.00139613,
		-0.999902	],
	"ConversionSoftware": "dcm2niix",
	"ConversionSoftwareVersion": "v1.0.20190902"
}
