{
	"Manufacturer": "Philips",
	"PatientPosition": "HFS",
	"SeriesDescription": "ImageMRSERIES",
	"ProtocolName": "FLAIR_cs10",
	"SeriesNumber": 27,
	"AcquisitionNumber": 27,
	"ImageComments": "------",
	"PhilipsRescaleSlope": 4.70232,
	"PhilipsRescaleIntercept": 0,
	"PhilipsScaleSlope": 0.00160021,
	"UsePhilipsFloatNotDisplayScaling": 1,
	"EchoTime": 0.27611,
	"RepetitionTime": 4.8,
	"InversionTime": 1.65,
	"ReconMatrixPE": 224,
	"ImageOrientationPatientDICOM": [
		0.0202351,
		0.999146,
		-0.0360219,
		0.0303641,
		-0.0366268,
		-0.998868	],
	"ConversionSoftware": "dcm2niix",
	"ConversionSoftwareVersion": "v1.0.20190902"
}
