{
	"Manufacturer": "Philips",
	"PatientPosition": "HFS",
	"SeriesDescription": "ImageMRSERIES",
	"ProtocolName": "MPR_3D_cs7.5",
	"SeriesNumber": 25,
	"AcquisitionNumber": 25,
	"ImageComments": "------",
	"PhilipsRescaleSlope": 4.14188,
	"PhilipsRescaleIntercept": 0,
	"PhilipsScaleSlope": 0.00476433,
	"UsePhilipsFloatNotDisplayScaling": 1,
	"EchoTime": 0.004,
	"RepetitionTime": 0.009,
	"InversionTime": 1,
	"ReconMatrixPE": 256,
	"ImageOrientationPatientDICOM": [
		0.0202351,
		0.999146,
		-0.0360219,
		0.0303641,
		-0.0366268,
		-0.998868	],
	"ConversionSoftware": "dcm2niix",
	"ConversionSoftwareVersion": "v1.0.20190902"
,
"PercentPhaseFOV": 104.918,"PhaseEncodingSteps": 252,"AcquisitionMatrixPE": 252,"ReconMatrixPE": 256,"PixelBandwidth": 167.471,"InPlanePhaseEncodingDirectionDICOM": "ROW"}
