{
	"Modality": "MR",
	"MagneticFieldStrength": 3,
	"ImagingFrequency": 127.757,
	"Manufacturer": "Philips",
	"ManufacturersModelName": "Ingenia Elition X",
	"InstitutionName": "Klinikum rechts der Isar",
	"InstitutionalDepartmentName": "Radiologie",
	"DeviceSerialNumber": "45000",
	"StationName": "MRKH",
	"BodyPartExamined": "BRAIN",
	"PatientPosition": "HFS",
	"SoftwareVersions": "5.7.1\\5.7.1.4",
	"MRAcquisitionType": "3D",
	"SeriesDescription": "control_T2 3D GRASE 8e16ms",
	"ProtocolName": "control_T2 3D GRASE 8e16ms",
	"ScanningSequence": "SE",
	"SequenceVariant": "SK",
	"ScanOptions": "OTHER",
	"PulseSequenceName": "GraSE",
	"ImageType": ["ORIGINAL", "PRIMARY", "M", "SE", "M", "SE"],
	"SeriesNumber": 1001,
	"AcquisitionTime": "22:09:4.750000",
	"AcquisitionNumber": 10,
	"PhilipsRWVSlope": 1.33016,
	"PhilipsRWVIntercept": 0,
	"PhilipsRescaleSlope": 1.33016,
	"PhilipsRescaleIntercept": 0,
	"PhilipsScaleSlope": 0.000268318,
	"UsePhilipsFloatNotDisplayScaling": 1,
	"SliceThickness": 3.3,
	"SpacingBetweenSlices": 3.3,
	"SAR": 0.278182,
	"EchoNumber": 3,
	"EchoTime": 0.048,
	"RepetitionTime": 0.250852,
	"MTState": false,
	"FlipAngle": 90,
	"CoilString": "MULTI COIL",
	"PercentPhaseFOV": 82.1429,
	"PercentSampling": 100,
	"EchoTrainLength": 56,
	"PhaseEncodingSteps": 111,
	"AcquisitionMatrixPE": 111,
	"ReconMatrixPE": 112,
	"WaterFatShift": 2.70894,
	"EstimatedEffectiveEchoSpacing": 5.51983e-05,
	"EstimatedTotalReadoutTime": 0.00612701,
	"AcquisitionDuration": 148.504,
	"PixelBandwidth": 1764,
	"PhaseEncodingAxis": "i",
	"ImageOrientationPatientDICOM": [
		0.99683,
		-0.0795622,
		-0.000602603,
		0.0787997,
		0.988268,
		-0.130834	],
	"InPlanePhaseEncodingDirectionDICOM": "ROW",
	"ConversionSoftware": "dcm2niix",
	"ConversionSoftwareVersion": "v1.0.20220720"
}
