{
	"Modality": "MR",
	"MagneticFieldStrength": 3,
	"ImagingFrequency": 127.757,
	"Manufacturer": "Philips",
	"ManufacturersModelName": "Ingenia Elition X",
	"InstitutionName": "Klinikum rechts der Isar",
	"InstitutionalDepartmentName": "Radiologie",
	"DeviceSerialNumber": "45000",
	"StationName": "MRKH",
	"BodyPartExamined": "BRAIN",
	"PatientPosition": "HFS",
	"SoftwareVersions": "5.7.1\\5.7.1.4",
	"MRAcquisitionType": "2D",
	"SeriesDescription": "WIP SOURCE - control_pCASL 2D EPI_4x4x3_PLD1800",
	"ProtocolName": "WIP SOURCE - control_pCASL 2D EPI_4x4x3_PLD1800",
	"ScanningSequence": "GR",
	"SequenceVariant": "SK",
	"ScanOptions": "FS",
	"PulseSequenceName": "FEEPI",
	"ImageType": ["ORIGINAL", "PRIMARY", "M", "FFE", "M", "FFE"],
	"SeriesNumber": 1302,
	"AcquisitionTime": "16:15:11.410000",
	"AcquisitionNumber": 13,
	"PhilipsRWVSlope": 1.32454,
	"PhilipsRWVIntercept": 0,
	"PhilipsRescaleSlope": 1.32454,
	"PhilipsRescaleIntercept": 0,
	"PhilipsScaleSlope": 0.0101855,
	"UsePhilipsFloatNotDisplayScaling": 1,
	"SliceThickness": 3,
	"SpacingBetweenSlices": 3.3,
	"SAR": 0.320621,
	"EchoTime": 0.010559,
	"RepetitionTime": 4.44156,
	"RepetitionTimeExcitation": 4.5,
	"MTState": false,
	"FlipAngle": 90,
	"CoilString": "MULTI COIL",
	"PercentPhaseFOV": 100,
	"PercentSampling": 100,
	"EchoTrainLength": 31,
	"PhaseEncodingSteps": 62,
	"AcquisitionMatrixPE": 62,
	"ReconMatrixPE": 96,
	"ParallelReductionFactorInPlane": 2,
	"ParallelAcquisitionTechnique": "SENSE",
	"WaterFatShift": 5.30146,
	"EstimatedEffectiveEchoSpacing": 0.000124457,
	"EstimatedTotalReadoutTime": 0.0118234,
	"AcquisitionDuration": 360,
	"PixelBandwidth": 3805,
	"PhaseEncodingAxis": "j",
	"ImageOrientationPatientDICOM": [
		0.998347,
		0.00330791,
		-0.0573798,
		-0.00788536,
		0.996785,
		-0.0797329	],
	"InPlanePhaseEncodingDirectionDICOM": "COL",
	"ConversionSoftware": "dcm2niix",
	"ConversionSoftwareVersion": "v1.0.20220720"
}
