{
	"Manufacturer": "Philips",
	"PatientPosition": "HFS",
	"SeriesDescription": "ImageMRSERIES",
	"ProtocolName": "rest_T2SSGMoCoHR",
	"SeriesNumber": 11,
	"AcquisitionNumber": 11,
	"ImageComments": "------",
	"PhilipsRescaleSlope": 1.37534,
	"PhilipsRescaleIntercept": 0,
	"PhilipsScaleSlope": 0.0231938,
	"UsePhilipsFloatNotDisplayScaling": 1,
	"EchoNumber": 11,
	"EchoTime": 0.056,
	"RepetitionTime": 2.25968,
	"ReconMatrixPE": 112,
	"ImageOrientationPatientDICOM": [
		0.99624,
		0.0713131,
		-0.0491988,
		-0.0731593,
		0.996641,
		-0.0368018	],
	"ConversionSoftware": "dcm2niix",
	"ConversionSoftwareVersion": "v1.0.20190902"
}
