{
	"Manufacturer": "Philips",
	"PatientPosition": "HFS",
	"SeriesDescription": "ImageMRSERIES",
	"ProtocolName": "control_T2SSGPhaseCorrOFF",
	"SeriesNumber": 6,
	"AcquisitionNumber": 6,
	"ImageComments": "------",
	"PhilipsRescaleSlope": 2.50256,
	"PhilipsRescaleIntercept": -5124,
	"PhilipsScaleSlope": 0.0125983,
	"UsePhilipsFloatNotDisplayScaling": 1,
	"EchoNumber": 3,
	"EchoTime": 0.015,
	"RepetitionTime": 2.22819,
	"ReconMatrixPE": 112,
	"ImageOrientationPatientDICOM": [
		0.99624,
		0.0713131,
		-0.0491988,
		-0.0731593,
		0.996641,
		-0.0368018	],
	"ConversionSoftware": "dcm2niix",
	"ConversionSoftwareVersion": "v1.0.20190902"
}
