{
	"Manufacturer": "Philips",
	"PatientPosition": "HFS",
	"SeriesDescription": "ImageMRSERIES",
	"ProtocolName": "control_T2SSGMoCoHR",
	"SeriesNumber": 7,
	"AcquisitionNumber": 7,
	"ImageComments": "------",
	"PhilipsRescaleSlope": 2.46203,
	"PhilipsRescaleIntercept": -5041,
	"PhilipsScaleSlope": 0.0129228,
	"UsePhilipsFloatNotDisplayScaling": 1,
	"EchoNumber": 3,
	"EchoTime": 0.016,
	"RepetitionTime": 2.25968,
	"ReconMatrixPE": 112,
	"ImageOrientationPatientDICOM": [
		0.99624,
		0.0713131,
		-0.0491988,
		-0.0731593,
		0.996641,
		-0.0368018	],
	"ConversionSoftware": "dcm2niix",
	"ConversionSoftwareVersion": "v1.0.20190902"
}
