{
	"Manufacturer": "Philips",
	"PatientPosition": "HFS",
	"SeriesDescription": "ImageMRSERIES",
	"ProtocolName": "mem_T2SSGPhaseCorrOFF",
	"SeriesNumber": 18,
	"AcquisitionNumber": 18,
	"ImageComments": "------",
	"PhilipsRescaleSlope": 2.3663,
	"PhilipsRescaleIntercept": -4845,
	"PhilipsScaleSlope": 0.0133448,
	"UsePhilipsFloatNotDisplayScaling": 1,
	"EchoNumber": 1,
	"EchoTime": 0.005,
	"RepetitionTime": 2.22819,
	"ReconMatrixPE": 112,
	"ImageOrientationPatientDICOM": [
		0.99624,
		0.0713131,
		-0.0491988,
		-0.0731593,
		0.996641,
		-0.0368018	],
	"ConversionSoftware": "dcm2niix",
	"ConversionSoftwareVersion": "v1.0.20190902"
}
