{
	"Manufacturer": "Philips",
	"PatientPosition": "HFS",
	"SeriesDescription": "ImageMRSERIES",
	"ProtocolName": "WIPMPR_3D_cs7.5",
	"SeriesNumber": 17,
	"AcquisitionNumber": 17,
	"ImageComments": "------",
	"PhilipsRescaleSlope": 5.2188,
	"PhilipsRescaleIntercept": 0,
	"PhilipsScaleSlope": 0.00410985,
	"UsePhilipsFloatNotDisplayScaling": 1,
	"EchoTime": 0.004,
	"RepetitionTime": 0.009,
	"InversionTime": 1,
	"ReconMatrixPE": 256,
	"ImageOrientationPatientDICOM": [
		0.0207379,
		0.989992,
		0.139593,
		-0.0537303,
		0.140525,
		-0.988618	],
	"ConversionSoftware": "dcm2niix",
	"ConversionSoftwareVersion": "v1.0.20190902"
}
