{
	"Manufacturer": "Philips",
	"PatientPosition": "HFS",
	"SeriesDescription": "ImageMRSERIES",
	"ProtocolName": "WIPSOURCE-rest_pCASL2D",
	"SeriesNumber": 17,
	"AcquisitionNumber": 17,
	"ImageComments": "StudieMR",
	"PhilipsRescaleSlope": 1.31062,
	"PhilipsRescaleIntercept": 0,
	"PhilipsScaleSlope": 0.00635884,
	"UsePhilipsFloatNotDisplayScaling": 1,
	"EchoTime": 0.01137,
	"RepetitionTime": 9,
	"ReconMatrixPE": 80,
	"ImageOrientationPatientDICOM": [
		0.997685,
		-0.0654167,
		0.0185907,
		0.0671407,
		0.990953,
		-0.116205	],
	"ConversionSoftware": "dcm2niix",
	"ConversionSoftwareVersion": "v1.0.20190902"
}
