{
	"Manufacturer": "Philips",
	"PatientPosition": "HFS",
	"SeriesDescription": "ImageMRSERIES",
	"ProtocolName": "WIPSOURCE-control_pCASL2D",
	"SeriesNumber": 21,
	"AcquisitionNumber": 21,
	"ImageComments": "------",
	"PhilipsRescaleSlope": 1.27057,
	"PhilipsRescaleIntercept": 0,
	"PhilipsScaleSlope": 0.00627219,
	"UsePhilipsFloatNotDisplayScaling": 1,
	"EchoTime": 0.01128,
	"RepetitionTime": 9,
	"ReconMatrixPE": 80,
	"ImageOrientationPatientDICOM": [
		0.99943,
		0.0334556,
		0.00440745,
		-0.0331545,
		0.997861,
		-0.0563471	],
	"ConversionSoftware": "dcm2niix",
	"ConversionSoftwareVersion": "v1.0.20190902"
}
