{
	"Modality": "MR",
	"MagneticFieldStrength": 3,
	"ImagingFrequency": 127.757,
	"Manufacturer": "Philips",
	"ManufacturersModelName": "Ingenia Elition X",
	"InstitutionName": "Klinikum rechts der Isar",
	"InstitutionalDepartmentName": "Radiologie",
	"DeviceSerialNumber": "45000",
	"StationName": "MRKH",
	"BodyPartExamined": "BRAIN",
	"PatientPosition": "HFS",
	"SoftwareVersions": "5.7.1\\5.7.1.4",
	"MRAcquisitionType": "2D",
	"SeriesDescription": "control_T2S SG MoCoQR",
	"ProtocolName": "control_T2S SG MoCoQR",
	"ScanningSequence": "GR",
	"SequenceVariant": "SS",
	"ScanOptions": "OTHER",
	"PulseSequenceName": "FFE",
	"ImageType": ["ORIGINAL", "PRIMARY", "R", "FFE", "R", "FFE", "REAL"],
	"SeriesNumber": 901,
	"AcquisitionTime": "19:27:52.590000",
	"AcquisitionNumber": 9,
	"PhilipsRWVSlope": 2.25836,
	"PhilipsRWVIntercept": -4624,
	"PhilipsRescaleSlope": 2.25836,
	"PhilipsRescaleIntercept": -4624,
	"PhilipsScaleSlope": 0.0141565,
	"UsePhilipsFloatNotDisplayScaling": 1,
	"SliceThickness": 3,
	"SpacingBetweenSlices": 3.3,
	"SAR": 0.00456554,
	"EchoNumber": 11,
	"EchoTime": 0.056001,
	"RepetitionTime": 2.26024,
	"MTState": false,
	"FlipAngle": 30,
	"CoilString": "MULTI COIL",
	"PercentPhaseFOV": 82.1429,
	"PercentSampling": 25,
	"EchoTrainLength": 12,
	"PhaseEncodingSteps": 28,
	"AcquisitionMatrixPE": 28,
	"ReconMatrixPE": 112,
	"WaterFatShift": 1.00027,
	"EstimatedEffectiveEchoSpacing": 1.91501e-05,
	"EstimatedTotalReadoutTime": 0.00212566,
	"AcquisitionDuration": 54.2457,
	"PixelBandwidth": 434,
	"PhaseEncodingAxis": "i",
	"ImageOrientationPatientDICOM": [
		0.997858,
		0.0603981,
		0.0251108,
		-0.057364,
		0.992523,
		-0.107737	],
	"InPlanePhaseEncodingDirectionDICOM": "ROW",
	"ConversionSoftware": "dcm2niix",
	"ConversionSoftwareVersion": "v1.0.20220720"
}
