{
	"Manufacturer": "Philips",
	"PatientPosition": "HFS",
	"SeriesDescription": "ImageMRSERIES",
	"ProtocolName": "localizer_calc_mem_fMRI_MB2",
	"SeriesNumber": 24,
	"AcquisitionNumber": 24,
	"ImageComments": "------",
	"PhilipsRescaleSlope": 0.74652,
	"PhilipsRescaleIntercept": 0,
	"PhilipsScaleSlope": 0.0388996,
	"UsePhilipsFloatNotDisplayScaling": 1,
	"EchoTime": 0.03,
	"RepetitionTime": 1.2,
	"ReconMatrixPE": 64,
	"ImageOrientationPatientDICOM": [
		0.998433,
		-0.0367334,
		-0.0422218,
		0.0359129,
		0.999154,
		-0.0200301
	],
	"ConversionSoftware": "dcm2niix",
	"ConversionSoftwareVersion": "v1.0.20190902",
	"EffectiveEchoSpacing": 0.000641,
	"PhaseEncodingDirection": "j",
	"TaskName": "all"
}