{
	"Manufacturer": "Philips",
	"PatientPosition": "HFS",
	"SeriesDescription": "ImageMRSERIES",
	"ProtocolName": "control_T2SSGMoCoHR",
	"SeriesNumber": 9,
	"AcquisitionNumber": 9,
	"ImageComments": "------",
	"PhilipsRescaleSlope": 2.50598,
	"PhilipsRescaleIntercept": -5131,
	"PhilipsScaleSlope": 0.0167665,
	"UsePhilipsFloatNotDisplayScaling": 1,
	"EchoNumber": 5,
	"EchoTime": 0.026,
	"RepetitionTime": 2.26132,
	"ReconMatrixPE": 112,
	"ImageOrientationPatientDICOM": [
		0.998021,
		0.058993,
		0.0217707,
		-0.054575,
		0.984591,
		-0.16614	],
	"ConversionSoftware": "dcm2niix",
	"ConversionSoftwareVersion": "v1.0.20190902"
}
