{
	"Manufacturer": "Philips",
	"PatientPosition": "HFS",
	"SeriesDescription": "ImageMRSERIES",
	"ProtocolName": "FLAIR_cs10",
	"SeriesNumber": 20,
	"AcquisitionNumber": 20,
	"ImageComments": "------",
	"PhilipsRescaleSlope": 5.50183,
	"PhilipsRescaleIntercept": 0,
	"PhilipsScaleSlope": 0.00170893,
	"UsePhilipsFloatNotDisplayScaling": 1,
	"EchoTime": 0.28752,
	"RepetitionTime": 4.8,
	"InversionTime": 1.65,
	"ReconMatrixPE": 224,
	"ImageOrientationPatientDICOM": [
		-0.054575,
		0.984591,
		-0.16614,
		0.0312363,
		-0.164623,
		-0.985862	],
	"ConversionSoftware": "dcm2niix",
	"ConversionSoftwareVersion": "v1.0.20190902"
}
