{
	"Manufacturer": "Philips",
	"PatientPosition": "HFS",
	"SeriesDescription": "ImageMRSeries",
	"ProtocolName": "Reg-PWIbewegungskorrigiert",
	"SeriesNumber": 25,
	"AcquisitionNumber": 25,
	"ImageComments": "------",
	"PhilipsRescaleSlope": 0.77411,
	"PhilipsRescaleIntercept": 0,
	"PhilipsScaleSlope": 0.0363119,
	"UsePhilipsFloatNotDisplayScaling": 1,
	"EchoTime": 0.03,
	"RepetitionTime": 2.04203,
	"ReconMatrixPE": 112,
	"ImageOrientationPatientDICOM": [
		0.998814,
		0.0485769,
		-0.00339585,
		-0.0486754,
		0.993973,
		-0.0982288	],
	"ConversionSoftware": "dcm2niix",
	"ConversionSoftwareVersion": "v1.0.20190902"
}
