{
	"Manufacturer": "Philips",
	"PatientPosition": "HFS",
	"SeriesDescription": "ImageMRSERIES",
	"ProtocolName": "WIPcalc_T2SSGPhaseCorrOFF",
	"SeriesNumber": 10,
	"AcquisitionNumber": 10,
	"ImageComments": "------",
	"PhilipsRescaleSlope": 1.34872,
	"PhilipsRescaleIntercept": 0,
	"PhilipsScaleSlope": 0.0279593,
	"UsePhilipsFloatNotDisplayScaling": 1,
	"EchoNumber": 3,
	"EchoTime": 0.015,
	"RepetitionTime": 2.22832,
	"ReconMatrixPE": 112,
	"ImageOrientationPatientDICOM": [
		0.99834,
		-0.0130015,
		-0.0561067,
		0.0207379,
		0.989992,
		0.139593	],
	"ConversionSoftware": "dcm2niix",
	"ConversionSoftwareVersion": "v1.0.20190902"
}
