{
	"Manufacturer": "Philips",
	"PatientPosition": "HFS",
	"SeriesDescription": "ImageMRSERIES",
	"ProtocolName": "WIPcalc_T2SSGMoCoQR",
	"SeriesNumber": 12,
	"AcquisitionNumber": 12,
	"ImageComments": "------",
	"PhilipsRescaleSlope": 2.46252,
	"PhilipsRescaleIntercept": -5042,
	"PhilipsScaleSlope": 0.0156848,
	"UsePhilipsFloatNotDisplayScaling": 1,
	"EchoNumber": 3,
	"EchoTime": 0.016,
	"RepetitionTime": 2.26054,
	"ReconMatrixPE": 112,
	"ImageOrientationPatientDICOM": [
		0.99834,
		-0.0130015,
		-0.0561067,
		0.0207379,
		0.989992,
		0.139593	],
	"ConversionSoftware": "dcm2niix",
	"ConversionSoftwareVersion": "v1.0.20190902"
}
