{
	"Manufacturer": "Philips",
	"PatientPosition": "HFS",
	"SeriesDescription": "ImageMRSERIES",
	"ProtocolName": "WIPcontrol_T2SSGMoCoQR",
	"SeriesNumber": 9,
	"AcquisitionNumber": 9,
	"ImageComments": "------",
	"PhilipsRescaleSlope": 1.2757,
	"PhilipsRescaleIntercept": 0,
	"PhilipsScaleSlope": 0.030509,
	"UsePhilipsFloatNotDisplayScaling": 1,
	"EchoNumber": 2,
	"EchoTime": 0.011,
	"RepetitionTime": 2.26054,
	"ReconMatrixPE": 112,
	"ImageOrientationPatientDICOM": [
		0.99834,
		-0.0130015,
		-0.0561067,
		0.0207379,
		0.989992,
		0.139593	],
	"ConversionSoftware": "dcm2niix",
	"ConversionSoftwareVersion": "v1.0.20190902"
}
