{
	"Modality": "MR",
	"MagneticFieldStrength": 3,
	"ImagingFrequency": 127.757,
	"Manufacturer": "Philips",
	"ManufacturersModelName": "Ingenia Elition X",
	"InstitutionName": "Klinikum rechts der Isar",
	"InstitutionalDepartmentName": "Radiologie",
	"DeviceSerialNumber": "45000",
	"StationName": "MRKH",
	"BodyPartExamined": "BRAIN",
	"PatientPosition": "HFS",
	"SoftwareVersions": "5.7.1\\5.7.1.4",
	"MRAcquisitionType": "2D",
	"SeriesDescription": "control_T2S SG MoCoHR",
	"ProtocolName": "control_T2S SG MoCoHR",
	"ScanningSequence": "GR",
	"SequenceVariant": "SS",
	"ScanOptions": "OTHER",
	"PulseSequenceName": "FFE",
	"ImageType": ["ORIGINAL", "PRIMARY", "I", "FFE", "I", "FFE", "IMAGINARY"],
	"SeriesNumber": 901,
	"AcquisitionTime": "16:02:14.060000",
	"AcquisitionNumber": 9,
	"PhilipsRWVSlope": 2.57338,
	"PhilipsRWVIntercept": -5269,
	"PhilipsRescaleSlope": 2.57338,
	"PhilipsRescaleIntercept": -5269,
	"PhilipsScaleSlope": 0.0111331,
	"UsePhilipsFloatNotDisplayScaling": 1,
	"SliceThickness": 3,
	"SpacingBetweenSlices": 3.3,
	"SAR": 0.00456684,
	"EchoNumber": 5,
	"EchoTime": 0.026001,
	"RepetitionTime": 2.2596,
	"MTState": false,
	"FlipAngle": 30,
	"CoilString": "MULTI COIL",
	"PercentPhaseFOV": 82.1429,
	"PercentSampling": 50,
	"EchoTrainLength": 12,
	"PhaseEncodingSteps": 56,
	"AcquisitionMatrixPE": 56,
	"ReconMatrixPE": 112,
	"WaterFatShift": 1.00028,
	"EstimatedEffectiveEchoSpacing": 1.91501e-05,
	"EstimatedTotalReadoutTime": 0.00212566,
	"AcquisitionDuration": 106.201,
	"PixelBandwidth": 434,
	"PhaseEncodingAxis": "i",
	"ImageOrientationPatientDICOM": [
		0.998347,
		0.00330791,
		-0.0573798,
		-0.00788536,
		0.996785,
		-0.0797329	],
	"InPlanePhaseEncodingDirectionDICOM": "ROW",
	"ConversionSoftware": "dcm2niix",
	"ConversionSoftwareVersion": "v1.0.20220720"
}
