{"Modality": "MR", "MagneticFieldStrength": 3, "ImagingFrequency": 127.757, "Manufacturer": "Philips", "ManufacturersModelName": "Ingenia Elition X", "InstitutionName": "Klinikum rechts der Isar", "InstitutionalDepartmentName": "Radiologie", "DeviceSerialNumber": "45000", "StationName": "MRKH", "BodyPartExamined": "BRAIN", "PatientPosition": "HFS", "SoftwareVersions": "5.7.1\\5.7.1.4", "MRAcquisitionType": "2D", "SeriesDescription": "localizer_calc_mem_fMRI_MB2", "ProtocolName": "localizer_calc_mem_fMRI_MB2", "ScanningSequence": "GR", "SequenceVariant": "SK", "ScanOptions": "FS", "PulseSequenceName": "FEEPI", "ImageType": ["ORIGINAL", "PRIMARY", "M", "FFE", "M", "FFE"], "SeriesNumber": 901, "AcquisitionTime": "22:00:38.990000", "AcquisitionNumber": 9, "PhilipsRWVSlope": 0.762393, "PhilipsRWVIntercept": 0, "PhilipsRescaleSlope": 0.762393, "PhilipsRescaleIntercept": 0, "PhilipsScaleSlope": 0.015694, "UsePhilipsFloatNotDisplayScaling": 1, "SliceThickness": 3, "SpacingBetweenSlices": 3.3, "SAR": 0.132024, "EchoTime": 0.03, "RepetitionTime": 1.2, "MTState": false, "FlipAngle": 70, "CoilString": "MULTI COIL", "PercentPhaseFOV": 100, "PercentSampling": 100, "EchoTrainLength": 43, "PhaseEncodingSteps": 64, "AcquisitionMatrixPE": 64, "ReconMatrixPE": 64, "ParallelReductionFactorInPlane": 1.5, "ParallelAcquisitionTechnique": "MBSENSE", "ParallelReductionOutOfPlane": 2, "WaterFatShift": 10.4316, "EstimatedEffectiveEchoSpacing": 0.00037253, "EstimatedTotalReadoutTime": 0.0234694, "PixelBandwidth": 3530, "PhaseEncodingAxis": "j", "ImageOrientationPatientDICOM": [0.99683, -0.0795622, -0.000602603, 0.0787997, 0.988268, -0.130834], "InPlanePhaseEncodingDirectionDICOM": "COL", "ConversionSoftware": "dcm2niix", "ConversionSoftwareVersion": "v1.0.20220720", "TaskName": "all"}