{
	"Manufacturer": "Philips",
	"PatientPosition": "HFS",
	"SeriesDescription": "ImageMRSERIES",
	"ProtocolName": "WIPSOURCE-mem_pCASL2D",
	"SeriesNumber": 13,
	"AcquisitionNumber": 13,
	"ImageComments": "------",
	"PhilipsRescaleSlope": 1.26667,
	"PhilipsRescaleIntercept": 0,
	"PhilipsScaleSlope": 0.00486955,
	"UsePhilipsFloatNotDisplayScaling": 1,
	"EchoTime": 0.01128,
	"RepetitionTime": 9,
	"ReconMatrixPE": 80,
	"ImageOrientationPatientDICOM": [
		0.999072,
		0.0306846,
		0.0302143,
		-0.031048,
		0.99945,
		0.0116331	],
	"ConversionSoftware": "dcm2niix",
	"ConversionSoftwareVersion": "v1.0.20190902"
}
