{
	"Manufacturer": "Philips",
	"PatientPosition": "HFS",
	"SeriesDescription": "ImageMRSERIES",
	"ProtocolName": "mem_T2SSGMoCoQR",
	"SeriesNumber": 20,
	"AcquisitionNumber": 20,
	"ImageComments": "------",
	"PhilipsRescaleSlope": 2.34774,
	"PhilipsRescaleIntercept": -4807,
	"PhilipsScaleSlope": 0.0141144,
	"UsePhilipsFloatNotDisplayScaling": 1,
	"EchoNumber": 6,
	"EchoTime": 0.031,
	"RepetitionTime": 1.93697,
	"ReconMatrixPE": 112,
	"ImageOrientationPatientDICOM": [
		0.99761,
		-0.0485902,
		-0.049123,
		0.04408,
		0.99505,
		-0.0890632	],
	"ConversionSoftware": "dcm2niix",
	"ConversionSoftwareVersion": "v1.0.20190902"
}
