{
	"Manufacturer": "Philips",
	"PatientPosition": "HFS",
	"SeriesDescription": "ImageMRSERIES",
	"ProtocolName": "mem_T2SSGPhaseCorrOFF",
	"SeriesNumber": 18,
	"AcquisitionNumber": 18,
	"ImageComments": "------",
	"PhilipsRescaleSlope": 2.5304,
	"PhilipsRescaleIntercept": -5181,
	"PhilipsScaleSlope": 0.0120564,
	"UsePhilipsFloatNotDisplayScaling": 1,
	"EchoNumber": 7,
	"EchoTime": 0.035,
	"RepetitionTime": 1.90975,
	"ReconMatrixPE": 112,
	"ImageOrientationPatientDICOM": [
		0.99761,
		-0.0485902,
		-0.049123,
		0.04408,
		0.99505,
		-0.0890632	],
	"ConversionSoftware": "dcm2niix",
	"ConversionSoftwareVersion": "v1.0.20190902"
}
