{
	"Manufacturer": "Philips",
	"PatientPosition": "HFS",
	"SeriesDescription": "ImageMRSERIES",
	"ProtocolName": "rest_T2SSGMoCoQR",
	"SeriesNumber": 12,
	"AcquisitionNumber": 12,
	"ImageComments": "------",
	"PhilipsRescaleSlope": 1.27839,
	"PhilipsRescaleIntercept": 0,
	"PhilipsScaleSlope": 0.0253207,
	"UsePhilipsFloatNotDisplayScaling": 1,
	"EchoNumber": 12,
	"EchoTime": 0.061,
	"RepetitionTime": 1.93697,
	"ReconMatrixPE": 112,
	"ImageOrientationPatientDICOM": [
		0.99761,
		-0.0485902,
		-0.049123,
		0.04408,
		0.99505,
		-0.0890632	],
	"ConversionSoftware": "dcm2niix",
	"ConversionSoftwareVersion": "v1.0.20190902"
}
