{
	"Manufacturer": "Philips",
	"PatientPosition": "HFS",
	"SeriesDescription": "ImageMRSERIES",
	"ProtocolName": "calc_T2SSGMoCoHR",
	"SeriesNumber": 15,
	"AcquisitionNumber": 15,
	"ImageComments": "StudieMR",
	"PhilipsRescaleSlope": 1.35165,
	"PhilipsRescaleIntercept": 0,
	"PhilipsScaleSlope": 0.0286903,
	"UsePhilipsFloatNotDisplayScaling": 1,
	"EchoNumber": 11,
	"EchoTime": 0.056,
	"RepetitionTime": 1.9378,
	"ReconMatrixPE": 112,
	"ImageOrientationPatientDICOM": [
		0.997685,
		-0.0654167,
		0.0185907,
		0.0671407,
		0.990953,
		-0.116205	],
	"ConversionSoftware": "dcm2niix",
	"ConversionSoftwareVersion": "v1.0.20190902"
}
