{
	"Manufacturer": "Philips",
	"PatientPosition": "HFS",
	"SeriesDescription": "ImageMRSERIES",
	"ProtocolName": "calc_T2SSGPhaseCorrOFF",
	"SeriesNumber": 14,
	"AcquisitionNumber": 14,
	"ImageComments": "StudieMR",
	"PhilipsRescaleSlope": 2.31258,
	"PhilipsRescaleIntercept": -4735,
	"PhilipsScaleSlope": 0.0160127,
	"UsePhilipsFloatNotDisplayScaling": 1,
	"EchoNumber": 11,
	"EchoTime": 0.055,
	"RepetitionTime": 1.91012,
	"ReconMatrixPE": 112,
	"ImageOrientationPatientDICOM": [
		0.997685,
		-0.0654167,
		0.0185907,
		0.0671407,
		0.990953,
		-0.116205	],
	"ConversionSoftware": "dcm2niix",
	"ConversionSoftwareVersion": "v1.0.20190902"
}
