{
	"Manufacturer": "Philips",
	"PatientPosition": "HFS",
	"SeriesDescription": "ImageMRSERIES",
	"ProtocolName": "control_T2SSGMoCoHR",
	"SeriesNumber": 8,
	"AcquisitionNumber": 8,
	"ImageComments": "StudieMR",
	"PhilipsRescaleSlope": 2.14212,
	"PhilipsRescaleIntercept": -4386,
	"PhilipsScaleSlope": 0.0144064,
	"UsePhilipsFloatNotDisplayScaling": 1,
	"EchoNumber": 9,
	"EchoTime": 0.046,
	"RepetitionTime": 2.25982,
	"ReconMatrixPE": 112,
	"ImageOrientationPatientDICOM": [
		0.999535,
		-0.0236917,
		0.0191724,
		0.0216354,
		0.994636,
		0.101148	],
	"ConversionSoftware": "dcm2niix",
	"ConversionSoftwareVersion": "v1.0.20190902"
}
