{
	"Manufacturer": "Philips",
	"PatientPosition": "HFS",
	"SeriesDescription": "ImageMRSERIES",
	"ProtocolName": "calc_T2SSGMoCoQR",
	"SeriesNumber": 12,
	"AcquisitionNumber": 12,
	"ImageComments": "StudieMR",
	"PhilipsRescaleSlope": 1.28376,
	"PhilipsRescaleIntercept": 0,
	"PhilipsScaleSlope": 0.0245864,
	"UsePhilipsFloatNotDisplayScaling": 1,
	"EchoNumber": 10,
	"EchoTime": 0.051,
	"RepetitionTime": 2.25971,
	"ReconMatrixPE": 112,
	"ImageOrientationPatientDICOM": [
		0.999535,
		-0.0236917,
		0.0191724,
		0.0216354,
		0.994636,
		0.101148	],
	"ConversionSoftware": "dcm2niix",
	"ConversionSoftwareVersion": "v1.0.20190902"
}
