{
	"Modality": "MR",
	"MagneticFieldStrength": 3,
	"ImagingFrequency": 127.768,
	"Manufacturer": "Philips",
	"ManufacturersModelName": "Ingenia",
	"InstitutionName": "Klinikum_recht_der_Isar",
	"InstitutionalDepartmentName": "Radiologie",
	"InstitutionAddress": "Ismaninger_Strasse_34",
	"DeviceSerialNumber": "71576",
	"StationName": "HOST-7DI77544AV",
	"BodyPartExamined": "BRAIN",
	"PatientPosition": "HFS",
	"SoftwareVersions": "5.6.1_5.6.1.1",
	"MRAcquisitionType": "2D",
	"SeriesDescription": "longblock_fMRI_MB2",
	"ProtocolName": "WIP_longblock_fMRI_MB2",
	"ScanningSequence": "GR",
	"SequenceVariant": "SK",
	"ScanOptions": "FS",
	"ImageType": [
		"ORIGINAL",
		"PRIMARY",
		"M",
		"FFE",
		"M",
		"FFE"
	],
	"SeriesNumber": 501,
	"AcquisitionTime": "16:51:43.910000",
	"AcquisitionNumber": 5,
	"PhilipsRWVSlope": 0.737729,
	"PhilipsRWVIntercept": 0,
	"PhilipsRescaleSlope": 0.737729,
	"PhilipsRescaleIntercept": 0,
	"PhilipsScaleSlope": 0.0240058,
	"UsePhilipsFloatNotDisplayScaling": 1,
	"SliceThickness": 3,
	"SpacingBetweenSlices": 3.2,
	"SAR": 0.126935,
	"EchoTime": 0.030001,
	"RepetitionTime": 1.2,
	"FlipAngle": 70,
	"CoilString": "MULTI_COIL",
	"PartialFourier": 0.671875,
	"PercentPhaseFOV": 100,
	"EchoTrainLength": 43,
	"PhaseEncodingSteps": 64,
	"AcquisitionMatrixPE": 64,
	"ReconMatrixPE": 64,
	"PixelBandwidth": 2642,
	"PhaseEncodingAxis": "j",
	"ImageOrientationPatientDICOM": [
		0.999394,
		0.0184943,
		0.0294963,
		-0.0134201,
		0.986406,
		-0.163779
	],
	"InPlanePhaseEncodingDirectionDICOM": "COL",
	"ConversionSoftware": "dcm2niix",
	"ConversionSoftwareVersion": "v1.0.20190902",
	"EffectiveEchoSpacing": 0.000656,
	"PhaseEncodingDirection": "j",
	"TaskName": "longblock"
}