{
	"Manufacturer": "Philips",
	"PatientPosition": "HFS",
	"SeriesDescription": "ImageMRSERIES",
	"ProtocolName": "rest_T2SSGPhaseCorrOFF",
	"SeriesNumber": 10,
	"AcquisitionNumber": 10,
	"ImageComments": "------",
	"PhilipsRescaleSlope": 1.27961,
	"PhilipsRescaleIntercept": 0,
	"PhilipsScaleSlope": 0.0213359,
	"UsePhilipsFloatNotDisplayScaling": 1,
	"EchoNumber": 7,
	"EchoTime": 0.035,
	"RepetitionTime": 2.22687,
	"ReconMatrixPE": 112,
	"ImageOrientationPatientDICOM": [
		0.999072,
		0.0306846,
		0.0302143,
		-0.031048,
		0.99945,
		0.0116331	],
	"ConversionSoftware": "dcm2niix",
	"ConversionSoftwareVersion": "v1.0.20190902"
}
