{
	"Manufacturer": "Philips",
	"PatientPosition": "HFS",
	"SeriesDescription": "ImageMRSERIES",
	"ProtocolName": "FLAIR_cs10",
	"SeriesNumber": 4,
	"AcquisitionNumber": 4,
	"ImageComments": "StudieMR",
	"PhilipsRescaleSlope": 4.62344,
	"PhilipsRescaleIntercept": 0,
	"PhilipsScaleSlope": 0.001479,
	"UsePhilipsFloatNotDisplayScaling": 1,
	"EchoTime": 0.29695,
	"RepetitionTime": 4.8,
	"InversionTime": 1.65,
	"ReconMatrixPE": 224,
	"ImageOrientationPatientDICOM": [
		-0.00348642,
		0.945343,
		-0.326059,
		0.0491984,
		-0.325504,
		-0.94426	],
	"ConversionSoftware": "dcm2niix",
	"ConversionSoftwareVersion": "v1.0.20190902"
}
