{
	"Manufacturer": "Philips",
	"PatientPosition": "HFS",
	"SeriesDescription": "ImageMRSERIES",
	"ProtocolName": "rest_T23DGRASE8e16ms",
	"SeriesNumber": 9,
	"AcquisitionNumber": 9,
	"ImageComments": "StudieMR",
	"PhilipsRescaleSlope": 1.43712,
	"PhilipsRescaleIntercept": 0,
	"PhilipsScaleSlope": 0.000422751,
	"UsePhilipsFloatNotDisplayScaling": 1,
	"EchoNumber": 1,
	"EchoTime": 0.016,
	"RepetitionTime": 0.250852,
	"ReconMatrixPE": 112,
	"ImageOrientationPatientDICOM": [
		0.998783,
		0.0193337,
		0.0453745,
		-0.00348642,
		0.945343,
		-0.326059	],
	"ConversionSoftware": "dcm2niix",
	"ConversionSoftwareVersion": "v1.0.20190902"
}
