{
	"Manufacturer": "Philips",
	"PatientPosition": "HFS",
	"SeriesDescription": "ImageMRSERIES",
	"ProtocolName": "localizer_calc_mem_fMRI_MB2",
	"SeriesNumber": 4,
	"AcquisitionNumber": 4,
	"ImageComments": "StudieMR",
	"PhilipsRescaleSlope": 0.75238,
	"PhilipsRescaleIntercept": 0,
	"PhilipsScaleSlope": 0.0333897,
	"UsePhilipsFloatNotDisplayScaling": 1,
	"EchoTime": 0.03,
	"RepetitionTime": 1.2,
	"ReconMatrixPE": 64,
	"ImageOrientationPatientDICOM": [
		0.997827,
		0.0411804,
		-0.0514434,
		-0.0498493,
		0.982296,
		-0.18058
	],
	"ConversionSoftware": "dcm2niix",
	"ConversionSoftwareVersion": "v1.0.20190902",
	"EffectiveEchoSpacing": 0.000641,
	"PhaseEncodingDirection": "j",
	"TaskName": "all"
}