{
	"Manufacturer": "Philips",
	"PatientPosition": "HFS",
	"SeriesDescription": "ImageMRSERIES",
	"ProtocolName": "mem_T2SSGMoCoQR",
	"SeriesNumber": 20,
	"AcquisitionNumber": 20,
	"ImageComments": "------",
	"PhilipsRescaleSlope": 1.25275,
	"PhilipsRescaleIntercept": 0,
	"PhilipsScaleSlope": 0.0251595,
	"UsePhilipsFloatNotDisplayScaling": 1,
	"EchoNumber": 11,
	"EchoTime": 0.056,
	"RepetitionTime": 2.2595,
	"ReconMatrixPE": 112,
	"ImageOrientationPatientDICOM": [
		0.999992,
		-0.00351572,
		0.00160183,
		0.00366518,
		0.994406,
		-0.105565	],
	"ConversionSoftware": "dcm2niix",
	"ConversionSoftwareVersion": "v1.0.20190902"
}
