{
	"Manufacturer": "Philips",
	"PatientPosition": "HFS",
	"SeriesDescription": "ImageMRSERIES",
	"ProtocolName": "rest_T2SSGMoCoQR",
	"SeriesNumber": 12,
	"AcquisitionNumber": 12,
	"ImageComments": "------",
	"PhilipsRescaleSlope": 2.36581,
	"PhilipsRescaleIntercept": -4844,
	"PhilipsScaleSlope": 0.013373,
	"UsePhilipsFloatNotDisplayScaling": 1,
	"EchoNumber": 3,
	"EchoTime": 0.016,
	"RepetitionTime": 2.2595,
	"ReconMatrixPE": 112,
	"ImageOrientationPatientDICOM": [
		0.999992,
		-0.00351572,
		0.00160183,
		0.00366518,
		0.994406,
		-0.105565	],
	"ConversionSoftware": "dcm2niix",
	"ConversionSoftwareVersion": "v1.0.20190902"
}
