{
	"Manufacturer": "Philips",
	"PatientPosition": "HFS",
	"SeriesDescription": "ImageMRSERIES",
	"ProtocolName": "rest_T2SSGPhaseCorrOFF",
	"SeriesNumber": 10,
	"AcquisitionNumber": 10,
	"ImageComments": "------",
	"PhilipsRescaleSlope": 2.37998,
	"PhilipsRescaleIntercept": -4873,
	"PhilipsScaleSlope": 0.0128134,
	"UsePhilipsFloatNotDisplayScaling": 1,
	"EchoNumber": 5,
	"EchoTime": 0.025,
	"RepetitionTime": 2.2267,
	"ReconMatrixPE": 112,
	"ImageOrientationPatientDICOM": [
		0.999992,
		-0.00351572,
		0.00160183,
		0.00366518,
		0.994406,
		-0.105565	],
	"ConversionSoftware": "dcm2niix",
	"ConversionSoftwareVersion": "v1.0.20190902"
}
