{
	"Manufacturer": "Philips",
	"PatientPosition": "HFS",
	"SeriesDescription": "ImageMRSERIES",
	"ProtocolName": "calc_T2SSGMoCoQR",
	"SeriesNumber": 16,
	"AcquisitionNumber": 16,
	"ImageComments": "------",
	"PhilipsRescaleSlope": 1.26545,
	"PhilipsRescaleIntercept": 0,
	"PhilipsScaleSlope": 0.0246933,
	"UsePhilipsFloatNotDisplayScaling": 1,
	"EchoNumber": 9,
	"EchoTime": 0.046,
	"RepetitionTime": 2.2595,
	"ReconMatrixPE": 112,
	"ImageOrientationPatientDICOM": [
		0.999992,
		-0.00351572,
		0.00160183,
		0.00366518,
		0.994406,
		-0.105565	],
	"ConversionSoftware": "dcm2niix",
	"ConversionSoftwareVersion": "v1.0.20190902"
}
