{
	"Manufacturer": "Philips",
	"PatientPosition": "HFS",
	"SeriesDescription": "ImageMRSERIES",
	"ProtocolName": "WIPSOURCE-control_pCASL2D",
	"SeriesNumber": 21,
	"AcquisitionNumber": 21,
	"ImageComments": "------",
	"PhilipsRescaleSlope": 1.25665,
	"PhilipsRescaleIntercept": 0,
	"PhilipsScaleSlope": 0.00571497,
	"UsePhilipsFloatNotDisplayScaling": 1,
	"EchoTime": 0.01134,
	"RepetitionTime": 9,
	"ReconMatrixPE": 80,
	"ImageOrientationPatientDICOM": [
		0.999544,
		-0.00711908,
		0.0293301,
		0.00785056,
		0.999659,
		-0.0249005	],
	"ConversionSoftware": "dcm2niix",
	"ConversionSoftwareVersion": "v1.0.20190902"
}
