{
	"Manufacturer": "Philips",
	"PatientPosition": "HFS",
	"SeriesDescription": "ImageMRSERIES",
	"ProtocolName": "localizer_calc_mem_fMRI_MB2",
	"SeriesNumber": 4,
	"AcquisitionNumber": 4,
	"ImageComments": "StudieMR",
	"PhilipsRescaleSlope": 0.8525,
	"PhilipsRescaleIntercept": 0,
	"PhilipsScaleSlope": 0.0226109,
	"UsePhilipsFloatNotDisplayScaling": 1,
	"EchoTime": 0.03,
	"RepetitionTime": 1.2,
	"ReconMatrixPE": 64,
	"ImageOrientationPatientDICOM": [
		0.997518,
		0.0510571,
		0.0484879,
		-0.0589141,
		0.982333,
		0.177626
	],
	"ConversionSoftware": "dcm2niix",
	"ConversionSoftwareVersion": "v1.0.20190902",
	"EffectiveEchoSpacing": 0.000641,
	"PhaseEncodingDirection": "j",
	"TaskName": "all"
}