{
	"Manufacturer": "Philips",
	"PatientPosition": "HFS",
	"SeriesDescription": "ImageMRSERIES",
	"ProtocolName": "WIPSOURCE-control_pCASL2D",
	"SeriesNumber": 13,
	"AcquisitionNumber": 13,
	"ImageComments": "StudieMR",
	"PhilipsRescaleSlope": 1.29573,
	"PhilipsRescaleIntercept": 0,
	"PhilipsScaleSlope": 0.00495455,
	"UsePhilipsFloatNotDisplayScaling": 1,
	"EchoTime": 0.01136,
	"RepetitionTime": 9,
	"ReconMatrixPE": 80,
	"ImageOrientationPatientDICOM": [
		0.994586,
		-0.101533,
		-0.0221253,
		0.0992729,
		0.991295,
		-0.0864768	],
	"ConversionSoftware": "dcm2niix",
	"ConversionSoftwareVersion": "v1.0.20190902"
}
