{
	"Manufacturer": "Philips",
	"PatientPosition": "HFS",
	"SeriesDescription": "ImageMRSERIES",
	"ProtocolName": "WIPcalc_pCASL2DEPI_PLD1800",
	"SeriesNumber": 6,
	"AcquisitionNumber": 6,
	"ImageComments": "StudieMR",
	"PhilipsRescaleSlope": 0.1,
	"PhilipsRescaleIntercept": 0,
	"PhilipsScaleSlope": 10,
	"UsePhilipsFloatNotDisplayScaling": 1,
	"EchoTime": 0.01136,
	"RepetitionTime": 4.5,
	"ReconMatrixPE": 80,
	"ImageOrientationPatientDICOM": [
		0.994586,
		-0.101533,
		-0.0221253,
		0.0992729,
		0.991295,
		-0.0864768	],
	"ConversionSoftware": "dcm2niix",
	"ConversionSoftwareVersion": "v1.0.20190902"
}
