{
	"Manufacturer": "Philips",
	"PatientPosition": "HFS",
	"SeriesDescription": "ImageMRSERIES",
	"ProtocolName": "FLAIR_cs10",
	"SeriesNumber": 19,
	"AcquisitionNumber": 19,
	"ImageComments": "StudieMR",
	"PhilipsRescaleSlope": 4.63394,
	"PhilipsRescaleIntercept": 0,
	"PhilipsScaleSlope": 0.00147524,
	"UsePhilipsFloatNotDisplayScaling": 1,
	"EchoTime": 0.28752,
	"RepetitionTime": 4.8,
	"InversionTime": 1.65,
	"ReconMatrixPE": 224,
	"ImageOrientationPatientDICOM": [
		0.0992729,
		0.991295,
		-0.0864768,
		-0.030713,
		-0.0838122,
		-0.996008	],
	"ConversionSoftware": "dcm2niix",
	"ConversionSoftwareVersion": "v1.0.20190902"
}
