{
	"Modality": "MR",
	"MagneticFieldStrength": 3,
	"ImagingFrequency": 127.757,
	"Manufacturer": "Philips",
	"ManufacturersModelName": "Ingenia Elition X",
	"InstitutionName": "Klinikum rechts der Isar",
	"InstitutionalDepartmentName": "Radiologie",
	"DeviceSerialNumber": "45000",
	"StationName": "MRKH",
	"BodyPartExamined": "BRAIN",
	"PatientPosition": "HFS",
	"SoftwareVersions": "5.7.1\\5.7.1.4",
	"MRAcquisitionType": "3D",
	"SeriesDescription": "T1w_MPRAGE_cs6_0.7iso",
	"ProtocolName": "T1w_MPRAGE_cs6_0.7iso",
	"ScanningSequence": "GR",
	"SequenceVariant": "MP",
	"ScanOptions": "OTHER",
	"PulseSequenceName": "TFE",
	"ImageType": ["ORIGINAL", "PRIMARY", "M", "FFE", "M", "FFE"],
	"SeriesNumber": 201,
	"AcquisitionTime": "19:03:57.800000",
	"AcquisitionNumber": 2,
	"PhilipsRWVSlope": 8.46007,
	"PhilipsRWVIntercept": 0,
	"PhilipsRescaleSlope": 8.46007,
	"PhilipsRescaleIntercept": 0,
	"PhilipsScaleSlope": 0.00718404,
	"UsePhilipsFloatNotDisplayScaling": 1,
	"SliceThickness": 0.7,
	"SpacingBetweenSlices": 0.7,
	"SAR": 0.025235,
	"EchoTime": 0.005208,
	"RepetitionTime": 0.0113007,
	"MTState": false,
	"FlipAngle": 8,
	"CoilString": "MULTI COIL",
	"PercentPhaseFOV": 100,
	"PercentSampling": 78.2671,
	"EchoTrainLength": 159,
	"PhaseEncodingSteps": 287,
	"AcquisitionMatrixPE": 287,
	"ReconMatrixPE": 288,
	"ParallelReductionFactorInPlane": 2.44949,
	"ParallelAcquisitionTechnique": "CSENSE",
	"ParallelReductionOutOfPlane": 2.44949,
	"WaterFatShift": 3.27262,
	"EstimatedEffectiveEchoSpacing": 2.60872e-05,
	"EstimatedTotalReadoutTime": 0.00748701,
	"AcquisitionDuration": 203.459,
	"PixelBandwidth": 133,
	"PhaseEncodingAxis": "i",
	"ImageOrientationPatientDICOM": [
		-0.057364,
		0.992523,
		-0.107737,
		0.0314302,
		-0.106066,
		-0.993862	],
	"InPlanePhaseEncodingDirectionDICOM": "ROW",
	"ConversionSoftware": "dcm2niix",
	"ConversionSoftwareVersion": "v1.0.20220720"
}
