{
	"Manufacturer": "Philips",
	"PatientPosition": "HFS",
	"SeriesDescription": "ImageMRSERIES",
	"ProtocolName": "WIPFLAIR_cs10",
	"SeriesNumber": 14,
	"AcquisitionNumber": 14,
	"ImageComments": "------",
	"PhilipsRescaleSlope": 5.21074,
	"PhilipsRescaleIntercept": 0,
	"PhilipsScaleSlope": 0.00165914,
	"UsePhilipsFloatNotDisplayScaling": 1,
	"EchoTime": 0.28124,
	"RepetitionTime": 4.8,
	"InversionTime": 1.65,
	"ImageOrientationPatientDICOM": [
		0.0369612,
		0.996886,
		0.0696625,
		0.0411781,
		0.0681316,
		-0.996826	],
	"ConversionSoftware": "dcm2niix",
	"ConversionSoftwareVersion": "v1.0.20220720"
}
