{
	"Manufacturer": "Philips",
	"PatientPosition": "HFS",
	"SeriesDescription": "ImageMRSERIES",
	"ProtocolName": "mem_T2SSGMoCoQR",
	"SeriesNumber": 20,
	"AcquisitionNumber": 20,
	"ImageComments": "StudieMR",
	"PhilipsRescaleSlope": 1.28107,
	"PhilipsRescaleIntercept": 0,
	"PhilipsScaleSlope": 0.0296073,
	"UsePhilipsFloatNotDisplayScaling": 1,
	"EchoNumber": 9,
	"EchoTime": 0.046,
	"RepetitionTime": 2.25889,
	"ReconMatrixPE": 112,
	"ImageOrientationPatientDICOM": [
		0.999862,
		-0.00269615,
		0.0164195,
		0.0036647,
		0.998237,
		-0.0592466	],
	"ConversionSoftware": "dcm2niix",
	"ConversionSoftwareVersion": "v1.0.20190902"
}
