{
	"Manufacturer": "Philips",
	"PatientPosition": "HFS",
	"SeriesDescription": "ImageMRSERIES",
	"ProtocolName": "control_T2SSGMoCoHR",
	"SeriesNumber": 7,
	"AcquisitionNumber": 7,
	"ImageComments": "StudieMR",
	"PhilipsRescaleSlope": 2.12161,
	"PhilipsRescaleIntercept": -4344,
	"PhilipsScaleSlope": 0.0178872,
	"UsePhilipsFloatNotDisplayScaling": 1,
	"EchoNumber": 2,
	"EchoTime": 0.011,
	"RepetitionTime": 2.2589,
	"ReconMatrixPE": 112,
	"ImageOrientationPatientDICOM": [
		0.999862,
		-0.00269615,
		0.0164195,
		0.0036647,
		0.998237,
		-0.0592466	],
	"ConversionSoftware": "dcm2niix",
	"ConversionSoftwareVersion": "v1.0.20190902"
}
