{
	"Manufacturer": "Philips",
	"PatientPosition": "HFS",
	"SeriesDescription": "ImageMRSERIES",
	"ProtocolName": "WIPSOURCE-calc_pCASL2D",
	"SeriesNumber": 5,
	"AcquisitionNumber": 5,
	"ImageComments": "------",
	"PhilipsRescaleSlope": 1.26667,
	"PhilipsRescaleIntercept": 0,
	"PhilipsScaleSlope": 0.00669402,
	"UsePhilipsFloatNotDisplayScaling": 1,
	"EchoTime": 0.01135,
	"RepetitionTime": 9,
	"ReconMatrixPE": 80,
	"ImageOrientationPatientDICOM": [
		0.996892,
		0.00245024,
		0.0787389,
		-0.0186192,
		0.978526,
		0.205282	],
	"ConversionSoftware": "dcm2niix",
	"ConversionSoftwareVersion": "v1.0.20190902"
}
