{
	"Manufacturer": "Philips",
	"PatientPosition": "HFS",
	"SeriesDescription": "ImageMRSERIES",
	"ProtocolName": "control_T2SSGMoCoQR",
	"SeriesNumber": 8,
	"AcquisitionNumber": 8,
	"ImageComments": "StudieMR",
	"PhilipsRescaleSlope": 2.50159,
	"PhilipsRescaleIntercept": -5122,
	"PhilipsScaleSlope": 0.0159385,
	"UsePhilipsFloatNotDisplayScaling": 1,
	"EchoNumber": 3,
	"EchoTime": 0.016,
	"RepetitionTime": 1.93755,
	"ReconMatrixPE": 112,
	"ImageOrientationPatientDICOM": [
		0.997685,
		-0.0654167,
		0.0185907,
		0.0671407,
		0.990953,
		-0.116205	],
	"ConversionSoftware": "dcm2niix",
	"ConversionSoftwareVersion": "v1.0.20190902"
}
