{
	"Manufacturer": "Philips",
	"PatientPosition": "HFS",
	"SeriesDescription": "ImageMRSERIES",
	"ProtocolName": "control_T2SSGMoCoHR",
	"SeriesNumber": 7,
	"AcquisitionNumber": 7,
	"ImageComments": "StudieMR",
	"PhilipsRescaleSlope": 1.34432,
	"PhilipsRescaleIntercept": 0,
	"PhilipsScaleSlope": 0.0285863,
	"UsePhilipsFloatNotDisplayScaling": 1,
	"EchoNumber": 10,
	"EchoTime": 0.051,
	"RepetitionTime": 1.9378,
	"ReconMatrixPE": 112,
	"ImageOrientationPatientDICOM": [
		0.997685,
		-0.0654167,
		0.0185907,
		0.0671407,
		0.990953,
		-0.116205	],
	"ConversionSoftware": "dcm2niix",
	"ConversionSoftwareVersion": "v1.0.20190902"
}
