{
	"Manufacturer": "Philips",
	"PatientPosition": "HFS",
	"SeriesDescription": "ImageMRSERIES",
	"ProtocolName": "localizer_calc_mem_fMRI_MB2",
	"SeriesNumber": 24,
	"AcquisitionNumber": 24,
	"ImageComments": "------",
	"PhilipsRescaleSlope": 0.74505,
	"PhilipsRescaleIntercept": 0,
	"PhilipsScaleSlope": 0.0293681,
	"UsePhilipsFloatNotDisplayScaling": 1,
	"EchoTime": 0.03,
	"RepetitionTime": 1.2,
	"ReconMatrixPE": 64,
	"ImageOrientationPatientDICOM": [
		0.998814,
		0.0485769,
		-0.00339585,
		-0.0486754,
		0.993973,
		-0.0982288
	],
	"ConversionSoftware": "dcm2niix",
	"ConversionSoftwareVersion": "v1.0.20190902",
	"EffectiveEchoSpacing": 0.00064,
	"PhaseEncodingDirection": "j",
	"TaskName": "all"
}