{
	"Manufacturer": "Philips",
	"PatientPosition": "HFS",
	"SeriesDescription": "ImageMRSERIES",
	"ProtocolName": "mem_T2SSGPhaseCorrOFF",
	"SeriesNumber": 18,
	"AcquisitionNumber": 18,
	"ImageComments": "StudieMR",
	"PhilipsRescaleSlope": 2.29109,
	"PhilipsRescaleIntercept": -4691,
	"PhilipsScaleSlope": 0.0174457,
	"UsePhilipsFloatNotDisplayScaling": 1,
	"EchoNumber": 5,
	"EchoTime": 0.025,
	"RepetitionTime": 2.22978,
	"ReconMatrixPE": 112,
	"ImageOrientationPatientDICOM": [
		0.993572,
		0.0758394,
		-0.084038,
		-0.0883244,
		0.983721,
		-0.156499	],
	"ConversionSoftware": "dcm2niix",
	"ConversionSoftwareVersion": "v1.0.20190902"
}
