{
	"Manufacturer": "Philips",
	"PatientPosition": "HFS",
	"SeriesDescription": "ImageMRSERIES",
	"ProtocolName": "T2_Perf4erflow",
	"SeriesNumber": 26,
	"AcquisitionNumber": 26,
	"ImageComments": "------",
	"PhilipsRescaleSlope": 0.76166,
	"PhilipsRescaleIntercept": 0,
	"PhilipsScaleSlope": 0.0330009,
	"UsePhilipsFloatNotDisplayScaling": 1,
	"EchoTime": 0.03,
	"RepetitionTime": 2.04532,
	"ReconMatrixPE": 112,
	"ImageOrientationPatientDICOM": [
		0.994605,
		0.103603,
		0.00515749,
		-0.10366,
		0.994535,
		0.0124475	],
	"ConversionSoftware": "dcm2niix",
	"ConversionSoftwareVersion": "v1.0.20190902"
}
