{
	"Manufacturer": "Philips",
	"PatientPosition": "HFS",
	"SeriesDescription": "ImageMRSERIES",
	"ProtocolName": "WIPcontrol_T2SSGPhaseCorrOFF",
	"SeriesNumber": 7,
	"AcquisitionNumber": 7,
	"ImageComments": "StudieMR",
	"PhilipsRescaleSlope": 2.48352,
	"PhilipsRescaleIntercept": -5085,
	"PhilipsScaleSlope": 0.0144198,
	"UsePhilipsFloatNotDisplayScaling": 1,
	"EchoNumber": 3,
	"EchoTime": 0.015,
	"RepetitionTime": 2.2306,
	"ReconMatrixPE": 112,
	"ImageOrientationPatientDICOM": [
		0.995497,
		-0.0464134,
		0.0826544,
		0.0694373,
		0.950615,
		-0.302505	],
	"ConversionSoftware": "dcm2niix",
	"ConversionSoftwareVersion": "v1.0.20190902"
}
