{
	"Manufacturer": "Philips",
	"PatientPosition": "HFS",
	"SeriesDescription": "ImageMRSERIES",
	"ProtocolName": "WIPcalc_T2SSGPhaseCorrOFF",
	"SeriesNumber": 10,
	"AcquisitionNumber": 10,
	"ImageComments": "StudieMR",
	"PhilipsRescaleSlope": 2.5641,
	"PhilipsRescaleIntercept": -5250,
	"PhilipsScaleSlope": 0.0139742,
	"UsePhilipsFloatNotDisplayScaling": 1,
	"EchoNumber": 4,
	"EchoTime": 0.02,
	"RepetitionTime": 2.2306,
	"ReconMatrixPE": 112,
	"ImageOrientationPatientDICOM": [
		0.995497,
		-0.0464134,
		0.0826544,
		0.0694373,
		0.950615,
		-0.302505	],
	"ConversionSoftware": "dcm2niix",
	"ConversionSoftwareVersion": "v1.0.20190902"
}
