{
	"Manufacturer": "Philips",
	"PatientPosition": "HFS",
	"SeriesDescription": "ImageMRSERIES",
	"ProtocolName": "WIPcalc_T2SSGMoCoQR",
	"SeriesNumber": 12,
	"AcquisitionNumber": 12,
	"ImageComments": "StudieMR",
	"PhilipsRescaleSlope": 2.51233,
	"PhilipsRescaleIntercept": -5144,
	"PhilipsScaleSlope": 0.0143186,
	"UsePhilipsFloatNotDisplayScaling": 1,
	"EchoNumber": 1,
	"EchoTime": 0.006,
	"RepetitionTime": 2.26288,
	"ReconMatrixPE": 112,
	"ImageOrientationPatientDICOM": [
		0.995497,
		-0.0464134,
		0.0826544,
		0.0694373,
		0.950615,
		-0.302505	],
	"ConversionSoftware": "dcm2niix",
	"ConversionSoftwareVersion": "v1.0.20190902"
}
