{
	"Manufacturer": "Philips",
	"PatientPosition": "HFS",
	"SeriesDescription": "ImageMRSERIES",
	"ProtocolName": "WIPcalc_T2SSGPhaseCorrOFF",
	"SeriesNumber": 10,
	"AcquisitionNumber": 10,
	"ImageComments": "StudieMR",
	"PhilipsRescaleSlope": 1.28376,
	"PhilipsRescaleIntercept": 0,
	"PhilipsScaleSlope": 0.0279116,
	"UsePhilipsFloatNotDisplayScaling": 1,
	"EchoNumber": 6,
	"EchoTime": 0.03,
	"RepetitionTime": 2.2306,
	"ReconMatrixPE": 112,
	"ImageOrientationPatientDICOM": [
		0.995497,
		-0.0464134,
		0.0826544,
		0.0694373,
		0.950615,
		-0.302505	],
	"ConversionSoftware": "dcm2niix",
	"ConversionSoftwareVersion": "v1.0.20190902"
}
