{
	"Modality": "MR",
	"MagneticFieldStrength": 3,
	"ImagingFrequency": 127.757,
	"Manufacturer": "Philips",
	"ManufacturersModelName": "Ingenia Elition X",
	"InstitutionName": "Klinikum rechts der Isar",
	"InstitutionalDepartmentName": "Radiologie",
	"DeviceSerialNumber": "45000",
	"StationName": "MRKH",
	"BodyPartExamined": "BRAIN",
	"PatientPosition": "HFS",
	"SoftwareVersions": "5.7.1\\5.7.1.4",
	"MRAcquisitionType": "3D",
	"SeriesDescription": "control_T2 3D GRASE 8e16ms",
	"ProtocolName": "control_T2 3D GRASE 8e16ms",
	"ScanningSequence": "SE",
	"SequenceVariant": "SK",
	"ScanOptions": "OTHER",
	"PulseSequenceName": "GraSE",
	"ImageType": ["ORIGINAL", "PRIMARY", "M", "SE", "M", "SE"],
	"SeriesNumber": 1001,
	"AcquisitionTime": "21:25:1.510000",
	"AcquisitionNumber": 10,
	"PhilipsRWVSlope": 1.43541,
	"PhilipsRWVIntercept": 0,
	"PhilipsRescaleSlope": 1.43541,
	"PhilipsRescaleIntercept": 0,
	"PhilipsScaleSlope": 0.000374002,
	"UsePhilipsFloatNotDisplayScaling": 1,
	"SliceThickness": 3.3,
	"SpacingBetweenSlices": 3.3,
	"SAR": 0.278182,
	"EchoNumber": 4,
	"EchoTime": 0.064,
	"RepetitionTime": 0.250852,
	"MTState": false,
	"FlipAngle": 90,
	"CoilString": "MULTI COIL",
	"PercentPhaseFOV": 85.7143,
	"PercentSampling": 100,
	"EchoTrainLength": 56,
	"PhaseEncodingSteps": 106,
	"AcquisitionMatrixPE": 106,
	"ReconMatrixPE": 112,
	"WaterFatShift": 2.70633,
	"EstimatedEffectiveEchoSpacing": 5.51453e-05,
	"EstimatedTotalReadoutTime": 0.00612113,
	"AcquisitionDuration": 148.504,
	"PixelBandwidth": 1726,
	"PhaseEncodingAxis": "i",
	"ImageOrientationPatientDICOM": [
		0.997939,
		0.0568673,
		-0.029741,
		-0.0623511,
		0.968872,
		-0.23958	],
	"InPlanePhaseEncodingDirectionDICOM": "ROW",
	"ConversionSoftware": "dcm2niix",
	"ConversionSoftwareVersion": "v1.0.20220720"
}
