{
	"Manufacturer": "Philips",
	"PatientPosition": "HFS",
	"SeriesDescription": "ImageMRSERIES",
	"ProtocolName": "WIPSOURCE-rest_pCASL2D",
	"SeriesNumber": 17,
	"AcquisitionNumber": 17,
	"ImageComments": "StudieMR",
	"PhilipsRescaleSlope": 1.23785,
	"PhilipsRescaleIntercept": 0,
	"PhilipsScaleSlope": 0.00563719,
	"UsePhilipsFloatNotDisplayScaling": 1,
	"EchoTime": 0.01136,
	"RepetitionTime": 9,
	"ReconMatrixPE": 80,
	"ImageOrientationPatientDICOM": [
		0.997518,
		0.0510571,
		0.0484879,
		-0.0589141,
		0.982333,
		0.177626	],
	"ConversionSoftware": "dcm2niix",
	"ConversionSoftwareVersion": "v1.0.20190902"
}
