{
	"Manufacturer": "Philips",
	"PatientPosition": "HFS",
	"SeriesDescription": "ImageMRSERIES",
	"ProtocolName": "WIPcontrol_T2SSGMoCoHR",
	"SeriesNumber": 8,
	"AcquisitionNumber": 8,
	"ImageComments": "------",
	"PhilipsRescaleSlope": 2.19048,
	"PhilipsRescaleIntercept": -4485,
	"PhilipsScaleSlope": 0.0133987,
	"UsePhilipsFloatNotDisplayScaling": 1,
	"EchoNumber": 3,
	"EchoTime": 0.016,
	"RepetitionTime": 2.26212,
	"ReconMatrixPE": 112,
	"ImageOrientationPatientDICOM": [
		0.996415,
		0.0759162,
		-0.0373308,
		-0.0819202,
		0.976,
		-0.201774	],
	"ConversionSoftware": "dcm2niix",
	"ConversionSoftwareVersion": "v1.0.20190902"
}
