{
	"Manufacturer": "Philips",
	"PatientPosition": "HFS",
	"SeriesDescription": "ImageMRSERIES",
	"ProtocolName": "WIPcontrol_T2SSGPhaseCorrOFF",
	"SeriesNumber": 7,
	"AcquisitionNumber": 7,
	"ImageComments": "------",
	"PhilipsRescaleSlope": 2.35263,
	"PhilipsRescaleIntercept": -4817,
	"PhilipsScaleSlope": 0.0125004,
	"UsePhilipsFloatNotDisplayScaling": 1,
	"EchoNumber": 8,
	"EchoTime": 0.04,
	"RepetitionTime": 2.2296,
	"ReconMatrixPE": 112,
	"ImageOrientationPatientDICOM": [
		0.996415,
		0.0759162,
		-0.0373308,
		-0.0819202,
		0.976,
		-0.201774	],
	"ConversionSoftware": "dcm2niix",
	"ConversionSoftwareVersion": "v1.0.20190902"
}
