{
	"Manufacturer": "Philips",
	"PatientPosition": "HFS",
	"SeriesDescription": "ImageMRSERIES",
	"ProtocolName": "FLAIR_cs10",
	"SeriesNumber": 27,
	"AcquisitionNumber": 27,
	"ImageComments": "StudieMR",
	"PhilipsRescaleSlope": 5.07253,
	"PhilipsRescaleIntercept": 0,
	"PhilipsScaleSlope": 0.00150112,
	"UsePhilipsFloatNotDisplayScaling": 1,
	"EchoTime": 0.28752,
	"RepetitionTime": 4.8,
	"InversionTime": 1.65,
	"ReconMatrixPE": 224,
	"ImageOrientationPatientDICOM": [
		-0.0633008,
		0.98505,
		-0.160219,
		-0.0197209,
		-0.161745,
		-0.986636	],
	"ConversionSoftware": "dcm2niix",
	"ConversionSoftwareVersion": "v1.0.20190902"
}
