{
	"Modality": "MR",
	"MagneticFieldStrength": 3,
	"ImagingFrequency": 127.757,
	"Manufacturer": "Philips",
	"ManufacturersModelName": "Ingenia Elition X",
	"InstitutionName": "Klinikum rechts der Isar",
	"InstitutionalDepartmentName": "Radiologie",
	"DeviceSerialNumber": "45000",
	"StationName": "MRKH",
	"BodyPartExamined": "BRAIN",
	"PatientPosition": "HFS",
	"SoftwareVersions": "5.7.1\\5.7.1.4",
	"MRAcquisitionType": "3D",
	"SeriesDescription": "control_T2 3D GRASE 8e16ms",
	"ProtocolName": "control_T2 3D GRASE 8e16ms",
	"ScanningSequence": "SE",
	"SequenceVariant": "SK",
	"ScanOptions": "OTHER",
	"PulseSequenceName": "GraSE",
	"ImageType": ["ORIGINAL", "PRIMARY", "M", "SE", "M", "SE"],
	"SeriesNumber": 1101,
	"AcquisitionTime": "16:20:1.900000",
	"AcquisitionNumber": 11,
	"PhilipsRWVSlope": 1.29573,
	"PhilipsRWVIntercept": 0,
	"PhilipsRescaleSlope": 1.29573,
	"PhilipsRescaleIntercept": 0,
	"PhilipsScaleSlope": 0.000315195,
	"UsePhilipsFloatNotDisplayScaling": 1,
	"SliceThickness": 3.3,
	"SpacingBetweenSlices": 3.3,
	"SAR": 0.278182,
	"EchoNumber": 4,
	"EchoTime": 0.064,
	"RepetitionTime": 0.250852,
	"MTState": false,
	"FlipAngle": 90,
	"CoilString": "MULTI COIL",
	"PercentPhaseFOV": 82.1429,
	"PercentSampling": 100,
	"EchoTrainLength": 56,
	"PhaseEncodingSteps": 111,
	"AcquisitionMatrixPE": 111,
	"ReconMatrixPE": 112,
	"WaterFatShift": 2.73414,
	"EstimatedEffectiveEchoSpacing": 5.57118e-05,
	"EstimatedTotalReadoutTime": 0.00618401,
	"AcquisitionDuration": 148.504,
	"PixelBandwidth": 1703,
	"PhaseEncodingAxis": "i",
	"ImageOrientationPatientDICOM": [
		0.995911,
		-0.0329737,
		0.0841035,
		0.0414496,
		0.994011,
		-0.101113	],
	"InPlanePhaseEncodingDirectionDICOM": "ROW",
	"ConversionSoftware": "dcm2niix",
	"ConversionSoftwareVersion": "v1.0.20220720"
}
