{
	"Modality": "MR",
	"MagneticFieldStrength": 3,
	"ImagingFrequency": 127.757,
	"Manufacturer": "Philips",
	"ManufacturersModelName": "Ingenia Elition X",
	"InstitutionName": "Klinikum rechts der Isar",
	"InstitutionalDepartmentName": "Radiologie",
	"DeviceSerialNumber": "45000",
	"StationName": "MRKH",
	"BodyPartExamined": "BRAIN",
	"PatientPosition": "HFS",
	"SoftwareVersions": "5.7.1\\5.7.1.4",
	"MRAcquisitionType": "3D",
	"SeriesDescription": "MPR_3D_cs7.5",
	"ProtocolName": "MPR_3D_cs7.5",
	"ScanningSequence": "GR",
	"SequenceVariant": "MP",
	"ScanOptions": "OTHER",
	"PulseSequenceName": "T1TFE",
	"ImageType": ["ORIGINAL", "PRIMARY", "M", "FFE", "M", "FFE"],
	"SeriesNumber": 1801,
	"AcquisitionTime": "17:10:6.840000",
	"AcquisitionNumber": 18,
	"PhilipsRWVSlope": 4.99463,
	"PhilipsRWVIntercept": 0,
	"PhilipsRescaleSlope": 4.99463,
	"PhilipsRescaleIntercept": 0,
	"PhilipsScaleSlope": 0.00416323,
	"UsePhilipsFloatNotDisplayScaling": 1,
	"SliceThickness": 1,
	"SpacingBetweenSlices": 1,
	"SAR": 0.0202545,
	"EchoTime": 0.003998,
	"RepetitionTime": 0.009,
	"MTState": false,
	"SpoilingState": true,
	"SpoilingType": "COMBINED",
	"FlipAngle": 8,
	"CoilString": "MULTI COIL",
	"PercentPhaseFOV": 104.918,
	"PercentSampling": 78.5398,
	"EchoTrainLength": 160,
	"PhaseEncodingSteps": 252,
	"AcquisitionMatrixPE": 252,
	"ReconMatrixPE": 256,
	"ParallelReductionFactorInPlane": 2.73861,
	"ParallelAcquisitionTechnique": "CSENSE",
	"ParallelReductionOutOfPlane": 2.73861,
	"WaterFatShift": 2.61876,
	"EstimatedEffectiveEchoSpacing": 2.34955e-05,
	"EstimatedTotalReadoutTime": 0.00599135,
	"AcquisitionDuration": 124.729,
	"PixelBandwidth": 166,
	"PhaseEncodingAxis": "i",
	"ImageOrientationPatientDICOM": [
		-0.0182374,
		0.994724,
		-0.100951,
		0.014335,
		-0.100697,
		-0.994814	],
	"InPlanePhaseEncodingDirectionDICOM": "ROW",
	"ConversionSoftware": "dcm2niix",
	"ConversionSoftwareVersion": "v1.0.20220720"
}
