{
	"Manufacturer": "Philips",
	"PatientPosition": "HFS",
	"SeriesDescription": "ImageMRSERIES",
	"ProtocolName": "mem_T2SSGPhaseCorrOFF",
	"SeriesNumber": 18,
	"AcquisitionNumber": 18,
	"ImageComments": "------",
	"PhilipsRescaleSlope": 2.32869,
	"PhilipsRescaleIntercept": -4768,
	"PhilipsScaleSlope": 0.0164797,
	"UsePhilipsFloatNotDisplayScaling": 1,
	"EchoNumber": 7,
	"EchoTime": 0.035,
	"RepetitionTime": 2.22701,
	"ReconMatrixPE": 112,
	"ImageOrientationPatientDICOM": [
		0.99943,
		0.0334556,
		0.00440745,
		-0.0331545,
		0.997861,
		-0.0563471	],
	"ConversionSoftware": "dcm2niix",
	"ConversionSoftwareVersion": "v1.0.20190902"
}
