{
	"Manufacturer": "Philips",
	"PatientPosition": "HFS",
	"SeriesDescription": "ImageMRSERIES",
	"ProtocolName": "rest_T2SSGMoCoHR",
	"SeriesNumber": 11,
	"AcquisitionNumber": 11,
	"ImageComments": "------",
	"PhilipsRescaleSlope": 1.33871,
	"PhilipsRescaleIntercept": 0,
	"PhilipsScaleSlope": 0.0284388,
	"UsePhilipsFloatNotDisplayScaling": 1,
	"EchoNumber": 1,
	"EchoTime": 0.006,
	"RepetitionTime": 2.25927,
	"ReconMatrixPE": 112,
	"ImageOrientationPatientDICOM": [
		0.99943,
		0.0334556,
		0.00440745,
		-0.0331545,
		0.997861,
		-0.0563471	],
	"ConversionSoftware": "dcm2niix",
	"ConversionSoftwareVersion": "v1.0.20190902"
}
