{
	"Manufacturer": "Philips",
	"PatientPosition": "HFS",
	"SeriesDescription": "ImageMRSERIES",
	"ProtocolName": "calc_T2SSGPhaseCorrOFF",
	"SeriesNumber": 14,
	"AcquisitionNumber": 14,
	"ImageComments": "------",
	"PhilipsRescaleSlope": 2.37851,
	"PhilipsRescaleIntercept": -4870,
	"PhilipsScaleSlope": 0.0160837,
	"UsePhilipsFloatNotDisplayScaling": 1,
	"EchoNumber": 9,
	"EchoTime": 0.045,
	"RepetitionTime": 2.22701,
	"ReconMatrixPE": 112,
	"ImageOrientationPatientDICOM": [
		0.99943,
		0.0334556,
		0.00440745,
		-0.0331545,
		0.997861,
		-0.0563471	],
	"ConversionSoftware": "dcm2niix",
	"ConversionSoftwareVersion": "v1.0.20190902"
}
