{
	"Manufacturer": "Philips",
	"PatientPosition": "HFS",
	"SeriesDescription": "ImageMRSERIES",
	"ProtocolName": "WIPSOURCE-rest_pCASL2D",
	"SeriesNumber": 17,
	"AcquisitionNumber": 17,
	"ImageComments": "StudieMR",
	"PhilipsRescaleSlope": 1.29304,
	"PhilipsRescaleIntercept": 0,
	"PhilipsScaleSlope": 0.00556103,
	"UsePhilipsFloatNotDisplayScaling": 1,
	"EchoTime": 0.01134,
	"RepetitionTime": 9,
	"ReconMatrixPE": 80,
	"ImageOrientationPatientDICOM": [
		0.999862,
		-0.00269615,
		0.0164195,
		0.0036647,
		0.998237,
		-0.0592466	],
	"ConversionSoftware": "dcm2niix",
	"ConversionSoftwareVersion": "v1.0.20190902"
}
