{
	"Manufacturer": "Philips",
	"PatientPosition": "HFS",
	"SeriesDescription": "ImageMRSERIES",
	"ProtocolName": "localizer_calc_mem_fMRI_MB2",
	"SeriesNumber": 4,
	"AcquisitionNumber": 4,
	"ImageComments": "------",
	"PhilipsRescaleSlope": 0.75922,
	"PhilipsRescaleIntercept": 0,
	"PhilipsScaleSlope": 0.0292471,
	"UsePhilipsFloatNotDisplayScaling": 1,
	"EchoTime": 0.03,
	"RepetitionTime": 1.2,
	"ReconMatrixPE": 64,
	"ImageOrientationPatientDICOM": [
		0.999334,
		-0.0209801,
		0.0298542,
		0.0202351,
		0.999482,
		0.0250417
	],
	"ConversionSoftware": "dcm2niix",
	"ConversionSoftwareVersion": "v1.0.20190902",
	"EffectiveEchoSpacing": 0.00064,
	"PhaseEncodingDirection": "j",
	"TaskName": "all"
}