{
	"Manufacturer": "Philips",
	"PatientPosition": "HFS",
	"SeriesDescription": "ImageMRSERIES",
	"ProtocolName": "control_T2SSGPhaseCorrOFF",
	"SeriesNumber": 6,
	"AcquisitionNumber": 6,
	"ImageComments": "StudieMR",
	"PhilipsRescaleSlope": 1.24786,
	"PhilipsRescaleIntercept": 0,
	"PhilipsScaleSlope": 0.0304047,
	"UsePhilipsFloatNotDisplayScaling": 1,
	"EchoNumber": 3,
	"EchoTime": 0.015,
	"RepetitionTime": 2.22978,
	"ReconMatrixPE": 112,
	"ImageOrientationPatientDICOM": [
		0.993572,
		0.0758394,
		-0.084038,
		-0.0883244,
		0.983721,
		-0.156499	],
	"ConversionSoftware": "dcm2niix",
	"ConversionSoftwareVersion": "v1.0.20190902"
}
