{
	"Manufacturer": "Philips",
	"PatientPosition": "HFS",
	"SeriesDescription": "ImageMRSERIES",
	"ProtocolName": "calc_T2SSGMoCoQR",
	"SeriesNumber": 16,
	"AcquisitionNumber": 16,
	"ImageComments": "StudieMR",
	"PhilipsRescaleSlope": 2.45079,
	"PhilipsRescaleIntercept": -5018,
	"PhilipsScaleSlope": 0.0162496,
	"UsePhilipsFloatNotDisplayScaling": 1,
	"EchoNumber": 1,
	"EchoTime": 0.006,
	"RepetitionTime": 2.26127,
	"ReconMatrixPE": 112,
	"ImageOrientationPatientDICOM": [
		0.993572,
		0.0758394,
		-0.084038,
		-0.0883244,
		0.983721,
		-0.156499	],
	"ConversionSoftware": "dcm2niix",
	"ConversionSoftwareVersion": "v1.0.20190902"
}
