{
	"Manufacturer": "Philips",
	"PatientPosition": "HFS",
	"SeriesDescription": "ImageMRSERIES",
	"ProtocolName": "FLAIR_cs10",
	"SeriesNumber": 19,
	"AcquisitionNumber": 19,
	"ImageComments": "------",
	"PhilipsRescaleSlope": 4.32698,
	"PhilipsRescaleIntercept": 0,
	"PhilipsScaleSlope": 0.00152511,
	"UsePhilipsFloatNotDisplayScaling": 1,
	"EchoTime": 0.28124,
	"RepetitionTime": 4.8,
	"InversionTime": 1.65,
	"ReconMatrixPE": 224,
	"ImageOrientationPatientDICOM": [
		-0.0301894,
		0.997654,
		-0.0614432,
		-0.00331612,
		-0.0615708,
		-0.998097	],
	"ConversionSoftware": "dcm2niix",
	"ConversionSoftwareVersion": "v1.0.20190902"
}
