{
	"Manufacturer": "Philips",
	"PatientPosition": "HFS",
	"SeriesDescription": "ImageMRSERIES",
	"ProtocolName": "WIPcontrol_T2_Perf4erflow",
	"SeriesNumber": 21,
	"AcquisitionNumber": 21,
	"ImageComments": "------",
	"PhilipsRescaleSlope": 0.77167,
	"PhilipsRescaleIntercept": 0,
	"PhilipsScaleSlope": 0.0318492,
	"UsePhilipsFloatNotDisplayScaling": 1,
	"EchoTime": 0.03,
	"RepetitionTime": 2.04684,
	"ReconMatrixPE": 112,
	"ImageOrientationPatientDICOM": [
		0.999792,
		0.0190943,
		-0.00721781,
		-0.0202444,
		0.972831,
		-0.23063	],
	"ConversionSoftware": "dcm2niix",
	"ConversionSoftwareVersion": "v1.0.20190902"
}
