{
	"Modality": "MR",
	"MagneticFieldStrength": 3,
	"ImagingFrequency": 127.757,
	"Manufacturer": "Philips",
	"ManufacturersModelName": "Ingenia Elition X",
	"InstitutionName": "Klinikum rechts der Isar",
	"InstitutionalDepartmentName": "Radiologie",
	"DeviceSerialNumber": "45000",
	"StationName": "MRKH",
	"BodyPartExamined": "BRAIN",
	"PatientPosition": "HFS",
	"SoftwareVersions": "5.7.1\\5.7.1.4",
	"MRAcquisitionType": "2D",
	"SeriesDescription": "control_T2S SG PhaseCorr OFF",
	"ProtocolName": "control_T2S SG PhaseCorr OFF",
	"ScanningSequence": "GR",
	"SequenceVariant": "SS",
	"ScanOptions": "OTHER",
	"PulseSequenceName": "FFE",
	"ImageType": ["ORIGINAL", "PRIMARY", "M", "FFE", "M", "FFE"],
	"SeriesNumber": 701,
	"AcquisitionTime": "19:22:29.220000",
	"AcquisitionNumber": 7,
	"PhilipsRWVSlope": 1.36947,
	"PhilipsRWVIntercept": 0,
	"PhilipsRescaleSlope": 1.36948,
	"PhilipsRescaleIntercept": 0,
	"PhilipsScaleSlope": 0.022239,
	"UsePhilipsFloatNotDisplayScaling": 1,
	"SliceThickness": 3,
	"SpacingBetweenSlices": 3.3,
	"SAR": 0.00463088,
	"EchoNumber": 10,
	"EchoTime": 0.050001,
	"RepetitionTime": 2.22834,
	"MTState": false,
	"FlipAngle": 30,
	"CoilString": "MULTI COIL",
	"PercentPhaseFOV": 82.1429,
	"PercentSampling": 100,
	"EchoTrainLength": 12,
	"PhaseEncodingSteps": 112,
	"AcquisitionMatrixPE": 112,
	"ReconMatrixPE": 112,
	"WaterFatShift": 1.00028,
	"EstimatedEffectiveEchoSpacing": 1.91502e-05,
	"EstimatedTotalReadoutTime": 0.00212567,
	"AcquisitionDuration": 207.236,
	"PixelBandwidth": 434,
	"PhaseEncodingAxis": "i",
	"ImageOrientationPatientDICOM": [
		0.997858,
		0.0603981,
		0.0251108,
		-0.057364,
		0.992523,
		-0.107737	],
	"InPlanePhaseEncodingDirectionDICOM": "ROW",
	"ConversionSoftware": "dcm2niix",
	"ConversionSoftwareVersion": "v1.0.20220720"
}
