{
	"Manufacturer": "Philips",
	"PatientPosition": "HFS",
	"SeriesDescription": "ImageMRSERIES",
	"ProtocolName": "control_T2SSGPhaseCorrOFF",
	"SeriesNumber": 6,
	"AcquisitionNumber": 6,
	"ImageComments": "StudieMR",
	"PhilipsRescaleSlope": 2.38046,
	"PhilipsRescaleIntercept": -4874,
	"PhilipsScaleSlope": 0.0135737,
	"UsePhilipsFloatNotDisplayScaling": 1,
	"EchoNumber": 2,
	"EchoTime": 0.01,
	"RepetitionTime": 2.22901,
	"ReconMatrixPE": 112,
	"ImageOrientationPatientDICOM": [
		0.997518,
		0.0510571,
		0.0484879,
		-0.0589141,
		0.982333,
		0.177626	],
	"ConversionSoftware": "dcm2niix",
	"ConversionSoftwareVersion": "v1.0.20190902"
}
