{
	"Manufacturer": "Philips",
	"PatientPosition": "HFS",
	"SeriesDescription": "ImageMRSERIES",
	"ProtocolName": "mem_T2SSGPhaseCorrOFF",
	"SeriesNumber": 18,
	"AcquisitionNumber": 18,
	"ImageComments": "StudieMR",
	"PhilipsRescaleSlope": 2.39951,
	"PhilipsRescaleIntercept": -4913,
	"PhilipsScaleSlope": 0.0134094,
	"UsePhilipsFloatNotDisplayScaling": 1,
	"EchoNumber": 4,
	"EchoTime": 0.02,
	"RepetitionTime": 2.22901,
	"ReconMatrixPE": 112,
	"ImageOrientationPatientDICOM": [
		0.997518,
		0.0510571,
		0.0484879,
		-0.0589141,
		0.982333,
		0.177626	],
	"ConversionSoftware": "dcm2niix",
	"ConversionSoftwareVersion": "v1.0.20190902"
}
