{
	"Manufacturer": "Philips",
	"PatientPosition": "HFS",
	"SeriesDescription": "ImageMRSERIES",
	"ProtocolName": "WIPcalc_T2SSGMoCoQR",
	"SeriesNumber": 12,
	"AcquisitionNumber": 12,
	"ImageComments": "------",
	"PhilipsRescaleSlope": 1.26032,
	"PhilipsRescaleIntercept": 0,
	"PhilipsScaleSlope": 0.0306435,
	"UsePhilipsFloatNotDisplayScaling": 1,
	"EchoNumber": 6,
	"EchoTime": 0.031,
	"RepetitionTime": 2.26054,
	"ReconMatrixPE": 112,
	"ImageOrientationPatientDICOM": [
		0.99834,
		-0.0130015,
		-0.0561067,
		0.0207379,
		0.989992,
		0.139593	],
	"ConversionSoftware": "dcm2niix",
	"ConversionSoftwareVersion": "v1.0.20190902"
}
