{
	"Modality": "MR",
	"MagneticFieldStrength": 3,
	"ImagingFrequency": 127.768,
	"Manufacturer": "Philips",
	"ManufacturersModelName": "Ingenia",
	"InstitutionName": "Klinikum_recht_der_Isar",
	"InstitutionalDepartmentName": "Radiologie",
	"InstitutionAddress": "Ismaninger_Strasse_34",
	"DeviceSerialNumber": "71576",
	"StationName": "HOST-7DI77544AV",
	"BodyPartExamined": "BRAIN",
	"PatientPosition": "HFS",
	"SoftwareVersions": "5.6.1_5.6.1.1",
	"MRAcquisitionType": "3D",
	"SeriesDescription": "MPR_3D_cs7.5",
	"ProtocolName": "WIP_MPR_3D_cs7.5",
	"ScanningSequence": "GR",
	"SequenceVariant": "MP",
	"ScanOptions": "OTHER",
	"ImageType": ["ORIGINAL", "PRIMARY", "M", "FFE", "M", "FFE"],
	"SeriesNumber": 201,
	"AcquisitionTime": "15:02:8.410000",
	"AcquisitionNumber": 2,
	"PhilipsRWVSlope": 5.22979,
	"PhilipsRWVIntercept": 0,
	"PhilipsRescaleSlope": 5.22979,
	"PhilipsRescaleIntercept": 0,
	"PhilipsScaleSlope": 0.00383118,
	"UsePhilipsFloatNotDisplayScaling": 1,
	"SliceThickness": 1,
	"SpacingBetweenSlices": 1,
	"SAR": 0.0202545,
	"EchoTime": 0.003997,
	"RepetitionTime": 0.009,
	"FlipAngle": 8,
	"CoilString": "MULTI_COIL",
	"PercentPhaseFOV": 104.918,
	"EchoTrainLength": 160,
	"PhaseEncodingSteps": 252,
	"AcquisitionMatrixPE": 252,
	"ReconMatrixPE": 256,
	"PixelBandwidth": 165,
	"ImageOrientationPatientDICOM": [
		-0.00816839,
		0.997224,
		-0.0740051,
		-0.0107403,
		-0.0740908,
		-0.997194	],
	"InPlanePhaseEncodingDirectionDICOM": "ROW",
	"ConversionSoftware": "dcm2niix",
	"ConversionSoftwareVersion": "v1.0.20190902"
}
