{
	"Modality": "MR",
	"MagneticFieldStrength": 3,
	"ImagingFrequency": 127.757,
	"Manufacturer": "Philips",
	"ManufacturersModelName": "Ingenia Elition X",
	"InstitutionName": "Klinikum rechts der Isar",
	"InstitutionalDepartmentName": "Radiologie",
	"DeviceSerialNumber": "45000",
	"StationName": "MRKH",
	"BodyPartExamined": "BRAIN",
	"PatientPosition": "HFS",
	"SoftwareVersions": "5.7.1\\5.7.1.4",
	"MRAcquisitionType": "2D",
	"SeriesDescription": "calc_T2S SG MoCoHR",
	"ProtocolName": "calc_T2S SG MoCoHR",
	"ScanningSequence": "GR",
	"SequenceVariant": "SS",
	"ScanOptions": "OTHER",
	"PulseSequenceName": "FFE",
	"ImageType": ["ORIGINAL", "PRIMARY", "I", "FFE", "I", "FFE", "IMAGINARY"],
	"SeriesNumber": 1401,
	"AcquisitionTime": "16:54:46.800000",
	"AcquisitionNumber": 14,
	"PhilipsRWVSlope": 2.39756,
	"PhilipsRWVIntercept": -4909,
	"PhilipsRescaleSlope": 2.39756,
	"PhilipsRescaleIntercept": -4909,
	"PhilipsScaleSlope": 0.012129,
	"UsePhilipsFloatNotDisplayScaling": 1,
	"SliceThickness": 3,
	"SpacingBetweenSlices": 3.3,
	"SAR": 0.004568,
	"EchoNumber": 11,
	"EchoTime": 0.056001,
	"RepetitionTime": 2.25902,
	"MTState": false,
	"FlipAngle": 30,
	"CoilString": "MULTI COIL",
	"PercentPhaseFOV": 82.1429,
	"PercentSampling": 50,
	"EchoTrainLength": 12,
	"PhaseEncodingSteps": 56,
	"AcquisitionMatrixPE": 56,
	"ReconMatrixPE": 112,
	"WaterFatShift": 1.00028,
	"EstimatedEffectiveEchoSpacing": 1.91501e-05,
	"EstimatedTotalReadoutTime": 0.00212567,
	"AcquisitionDuration": 106.174,
	"PixelBandwidth": 434,
	"PhaseEncodingAxis": "i",
	"ImageOrientationPatientDICOM": [
		0.999731,
		0.0190319,
		0.0132621,
		-0.0182374,
		0.99817,
		-0.0576466	],
	"InPlanePhaseEncodingDirectionDICOM": "ROW",
	"ConversionSoftware": "dcm2niix",
	"ConversionSoftwareVersion": "v1.0.20220720"
}
