{
	"Modality": "MR",
	"MagneticFieldStrength": 3,
	"ImagingFrequency": 127.757,
	"Manufacturer": "Philips",
	"ManufacturersModelName": "Ingenia_Elition_X",
	"InstitutionName": "Klinikum_rechts_der_Isar",
	"InstitutionalDepartmentName": "Radiologie",
	"DeviceSerialNumber": "45000",
	"StationName": "MRKH",
	"BodyPartExamined": "BRAIN",
	"PatientPosition": "HFS",
	"SoftwareVersions": "5.7.1_5.7.1.4",
	"MRAcquisitionType": "2D",
	"SeriesDescription": "control_T2S_SG_MoCoHR",
	"ProtocolName": "control_T2S_SG_MoCoHR",
	"ScanningSequence": "GR",
	"SequenceVariant": "SS",
	"ScanOptions": "OTHER",
	"ImageType": ["ORIGINAL", "PRIMARY", "I", "FFE", "I", "FFE"],
	"SeriesNumber": 701,
	"AcquisitionTime": "16:25:34.760000",
	"AcquisitionNumber": 7,
	"PhilipsRWVSlope": 2.39658,
	"PhilipsRWVIntercept": -4907,
	"PhilipsRescaleSlope": 2.39658,
	"PhilipsRescaleIntercept": -4907,
	"PhilipsScaleSlope": 0.0122173,
	"UsePhilipsFloatNotDisplayScaling": 1,
	"SliceThickness": 3,
	"SpacingBetweenSlices": 3.3,
	"SAR": 0.004568,
	"EchoNumber": 3,
	"EchoTime": 0.016001,
	"RepetitionTime": 2.25902,
	"FlipAngle": 30,
	"CoilString": "MULTI_COIL",
	"PartialFourier": 0.214286,
	"PercentPhaseFOV": 82.1429,
	"EchoTrainLength": 12,
	"PhaseEncodingSteps": 56,
	"AcquisitionMatrixPE": 56,
	"ReconMatrixPE": 112,
	"PixelBandwidth": 434,
	"PhaseEncodingAxis": "i",
	"ImageOrientationPatientDICOM": [
		0.999731,
		0.0190319,
		0.0132621,
		-0.0182374,
		0.99817,
		-0.0576466	],
	"InPlanePhaseEncodingDirectionDICOM": "ROW",
	"ConversionSoftware": "dcm2niix",
	"ConversionSoftwareVersion": "v1.0.20190902"
}
