{
	"Manufacturer": "Philips",
	"PatientPosition": "HFS",
	"SeriesDescription": "ImageMRSeries",
	"ProtocolName": "Reg-PWIbewegungskorrigiert",
	"SeriesNumber": 27,
	"AcquisitionNumber": 27,
	"ImageComments": "StudieMR",
	"PhilipsRescaleSlope": 0.82979,
	"PhilipsRescaleIntercept": 0,
	"PhilipsScaleSlope": 0.0374505,
	"UsePhilipsFloatNotDisplayScaling": 1,
	"EchoTime": 0.03,
	"RepetitionTime": 1.8681,
	"ReconMatrixPE": 112,
	"ImageOrientationPatientDICOM": [
		0.999862,
		-0.00120559,
		0.0165957,
		0.0036647,
		0.988837,
		-0.148958	],
	"ConversionSoftware": "dcm2niix",
	"ConversionSoftwareVersion": "v1.0.20190902"
}
