{
	"Manufacturer": "Philips",
	"PatientPosition": "HFS",
	"SeriesDescription": "ImageMRSERIES",
	"ProtocolName": "WIPcontrol_T23DGRASE8e16ms",
	"SeriesNumber": 5,
	"AcquisitionNumber": 5,
	"ImageComments": "------",
	"PhilipsRescaleSlope": 1.28498,
	"PhilipsRescaleIntercept": 0,
	"PhilipsScaleSlope": 0.000545507,
	"UsePhilipsFloatNotDisplayScaling": 1,
	"EchoNumber": 8,
	"EchoTime": 0.128,
	"RepetitionTime": 0.250852,
	"ReconMatrixPE": 112,
	"ImageOrientationPatientDICOM": [
		0.996415,
		0.0759162,
		-0.0373308,
		-0.0819202,
		0.976,
		-0.201774	],
	"ConversionSoftware": "dcm2niix",
	"ConversionSoftwareVersion": "v1.0.20190902"
}
