{
	"Manufacturer": "Philips",
	"PatientPosition": "HFS",
	"SeriesDescription": "ImageMRSERIES",
	"ProtocolName": "WIPFLAIR_cs10",
	"SeriesNumber": 20,
	"AcquisitionNumber": 20,
	"ImageComments": "------",
	"PhilipsRescaleSlope": 4.54481,
	"PhilipsRescaleIntercept": 0,
	"PhilipsScaleSlope": 0.00141638,
	"UsePhilipsFloatNotDisplayScaling": 1,
	"EchoTime": 0.28809,
	"RepetitionTime": 4.8,
	"InversionTime": 1.65,
	"ReconMatrixPE": 224,
	"ImageOrientationPatientDICOM": [
		-0.0202444,
		0.972831,
		-0.23063,
		-0.00261799,
		-0.230728,
		-0.973015	],
	"ConversionSoftware": "dcm2niix",
	"ConversionSoftwareVersion": "v1.0.20190902"
}
