{
	"Manufacturer": "Philips",
	"PatientPosition": "HFS",
	"SeriesDescription": "ImageMRSERIES",
	"ProtocolName": "MPR_3D_cs7.5",
	"SeriesNumber": 3,
	"AcquisitionNumber": 3,
	"ImageComments": "StudieMR",
	"PhilipsRescaleSlope": 4.92845,
	"PhilipsRescaleIntercept": 0,
	"PhilipsScaleSlope": 0.00360844,
	"UsePhilipsFloatNotDisplayScaling": 1,
	"EchoTime": 0.004,
	"RepetitionTime": 0.009,
	"InversionTime": 1,
	"ReconMatrixPE": 256,
	"ImageOrientationPatientDICOM": [
		0.0113427,
		0.982675,
		-0.184988,
		-0.0171034,
		-0.184782,
		-0.982631	],
	"ConversionSoftware": "dcm2niix",
	"ConversionSoftwareVersion": "v1.0.20190902"
}
