{
	"Manufacturer": "Philips",
	"PatientPosition": "HFS",
	"SeriesDescription": "ImageMRSERIES",
	"ProtocolName": "FLAIR_cs10",
	"SeriesNumber": 4,
	"AcquisitionNumber": 4,
	"ImageComments": "StudieMR",
	"PhilipsRescaleSlope": 3.96874,
	"PhilipsRescaleIntercept": 0,
	"PhilipsScaleSlope": 0.00150128,
	"UsePhilipsFloatNotDisplayScaling": 1,
	"EchoTime": 0.28718,
	"RepetitionTime": 4.8,
	"InversionTime": 1.65,
	"ReconMatrixPE": 224,
	"ImageOrientationPatientDICOM": [
		0.0113427,
		0.982675,
		-0.184988,
		-0.0171034,
		-0.184782,
		-0.982631	],
	"ConversionSoftware": "dcm2niix",
	"ConversionSoftwareVersion": "v1.0.20190902"
}
