{
	"Manufacturer": "Philips",
	"PatientPosition": "HFS",
	"SeriesDescription": "ImageMRSERIES",
	"ProtocolName": "MPR_3D_cs7.5",
	"SeriesNumber": 3,
	"AcquisitionNumber": 3,
	"ImageComments": "------",
	"PhilipsRescaleSlope": 4.92039,
	"PhilipsRescaleIntercept": 0,
	"PhilipsScaleSlope": 0.00378924,
	"UsePhilipsFloatNotDisplayScaling": 1,
	"EchoTime": 0.004,
	"RepetitionTime": 0.009,
	"InversionTime": 1,
	"ReconMatrixPE": 256,
	"ImageOrientationPatientDICOM": [
		0.00366518,
		0.996486,
		-0.0836728,
		0.00122173,
		-0.0836778,
		-0.996492	],
	"ConversionSoftware": "dcm2niix",
	"ConversionSoftwareVersion": "v1.0.20190902"
}
