{
	"Manufacturer": "Philips",
	"PatientPosition": "HFS",
	"SeriesDescription": "ImageMRSERIES",
	"ProtocolName": "WIPSOURCE-control_pCASL2D",
	"SeriesNumber": 21,
	"AcquisitionNumber": 21,
	"ImageComments": "------",
	"PhilipsRescaleSlope": 1.29426,
	"PhilipsRescaleIntercept": 0,
	"PhilipsScaleSlope": 0.00592386,
	"UsePhilipsFloatNotDisplayScaling": 1,
	"EchoTime": 0.01135,
	"RepetitionTime": 9,
	"ReconMatrixPE": 80,
	"ImageOrientationPatientDICOM": [
		0.9985,
		0.0260351,
		0.0481615,
		-0.0128968,
		0.96679,
		-0.255245	],
	"ConversionSoftware": "dcm2niix",
	"ConversionSoftwareVersion": "v1.0.20190902"
}
