{
	"Manufacturer": "Philips",
	"PatientPosition": "HFS",
	"SeriesDescription": "ImageMRSERIES",
	"ProtocolName": "T2_Perf4erflow",
	"SeriesNumber": 28,
	"AcquisitionNumber": 28,
	"ImageComments": "StudieMR",
	"PhilipsRescaleSlope": 0.78144,
	"PhilipsRescaleIntercept": 0,
	"PhilipsScaleSlope": 0.0364348,
	"UsePhilipsFloatNotDisplayScaling": 1,
	"EchoTime": 0.03,
	"RepetitionTime": 2.04494,
	"ReconMatrixPE": 112,
	"ImageOrientationPatientDICOM": [
		0.9978,
		0.0607803,
		-0.0264889,
		-0.0633008,
		0.992141,
		-0.107927	],
	"ConversionSoftware": "dcm2niix",
	"ConversionSoftwareVersion": "v1.0.20190902"
}
