{
	"Manufacturer": "Philips",
	"PatientPosition": "HFS",
	"SeriesDescription": "ImageMRSERIES",
	"ProtocolName": "MPR_3D_cs7.5",
	"SeriesNumber": 25,
	"AcquisitionNumber": 25,
	"ImageComments": "------",
	"PhilipsRescaleSlope": 4.58535,
	"PhilipsRescaleIntercept": 0,
	"PhilipsScaleSlope": 0.00426678,
	"UsePhilipsFloatNotDisplayScaling": 1,
	"EchoTime": 0.004,
	"RepetitionTime": 0.009,
	"InversionTime": 1,
	"ReconMatrixPE": 256,
	"ImageOrientationPatientDICOM": [
		0.00331576,
		0.993048,
		0.117662,
		-0.0146602,
		0.117698,
		-0.992941	],
	"ConversionSoftware": "dcm2niix",
	"ConversionSoftwareVersion": "v1.0.20190902"
,
"PercentPhaseFOV": 104.918,"PhaseEncodingSteps": 252,"AcquisitionMatrixPE": 252,"ReconMatrixPE": 256,"PixelBandwidth": 167.471,"InPlanePhaseEncodingDirectionDICOM": "ROW"}
