{
	"Manufacturer": "Philips",
	"PatientPosition": "HFS",
	"SeriesDescription": "ImageMRSERIES",
	"ProtocolName": "calc_T2SSGMoCoQR",
	"SeriesNumber": 12,
	"AcquisitionNumber": 12,
	"ImageComments": "StudieMR",
	"PhilipsRescaleSlope": 2.24664,
	"PhilipsRescaleIntercept": -4600,
	"PhilipsScaleSlope": 0.0146776,
	"UsePhilipsFloatNotDisplayScaling": 1,
	"EchoNumber": 2,
	"EchoTime": 0.011,
	"RepetitionTime": 2.26036,
	"ReconMatrixPE": 112,
	"ImageOrientationPatientDICOM": [
		0.994586,
		-0.101533,
		-0.0221253,
		0.0992729,
		0.991295,
		-0.0864768	],
	"ConversionSoftware": "dcm2niix",
	"ConversionSoftwareVersion": "v1.0.20190902"
}
