{
	"Manufacturer": "Philips",
	"PatientPosition": "HFS",
	"SeriesDescription": "ImageMRSERIES",
	"ProtocolName": "control_T2SSGMoCoHR",
	"SeriesNumber": 8,
	"AcquisitionNumber": 8,
	"ImageComments": "StudieMR",
	"PhilipsRescaleSlope": 2.27009,
	"PhilipsRescaleIntercept": -4648,
	"PhilipsScaleSlope": 0.0144498,
	"UsePhilipsFloatNotDisplayScaling": 1,
	"EchoNumber": 6,
	"EchoTime": 0.031,
	"RepetitionTime": 2.26081,
	"ReconMatrixPE": 112,
	"ImageOrientationPatientDICOM": [
		0.994586,
		-0.101533,
		-0.0221253,
		0.0992729,
		0.991295,
		-0.0864768	],
	"ConversionSoftware": "dcm2niix",
	"ConversionSoftwareVersion": "v1.0.20190902"
}
