{
	"Manufacturer": "Philips",
	"PatientPosition": "HFS",
	"SeriesDescription": "ImageMRSERIES",
	"ProtocolName": "FLAIR_cs10",
	"SeriesNumber": 4,
	"AcquisitionNumber": 4,
	"ImageComments": "StudieMR",
	"PhilipsRescaleSlope": 4.7326,
	"PhilipsRescaleIntercept": 0,
	"PhilipsScaleSlope": 0.00168006,
	"UsePhilipsFloatNotDisplayScaling": 1,
	"EchoTime": 0.28758,
	"RepetitionTime": 4.8,
	"InversionTime": 1.65,
	"ReconMatrixPE": 224,
	"ImageOrientationPatientDICOM": [
		-0.00436101,
		0.977767,
		-0.209649,
		-0.0324574,
		-0.209679,
		-0.977232	],
	"ConversionSoftware": "dcm2niix",
	"ConversionSoftwareVersion": "v1.0.20190902"
}
