{
	"Manufacturer": "Philips",
	"PatientPosition": "HFS",
	"SeriesDescription": "ImageMRSERIES",
	"ProtocolName": "WIPSOURCE-control_pCASL2D",
	"SeriesNumber": 13,
	"AcquisitionNumber": 13,
	"ImageComments": "------",
	"PhilipsRescaleSlope": 1.25397,
	"PhilipsRescaleIntercept": 0,
	"PhilipsScaleSlope": 0.0065052,
	"UsePhilipsFloatNotDisplayScaling": 1,
	"EchoTime": 0.01129,
	"RepetitionTime": 9,
	"ReconMatrixPE": 80,
	"ImageOrientationPatientDICOM": [
		0.998014,
		-0.0479935,
		-0.0407969,
		0.0516051,
		0.994361,
		0.0926465	],
	"ConversionSoftware": "dcm2niix",
	"ConversionSoftwareVersion": "v1.0.20190902"
}
