{
	"Manufacturer": "Philips",
	"PatientPosition": "HFS",
	"SeriesDescription": "ImageMRSERIES",
	"ProtocolName": "T2_Perf4erflow",
	"SeriesNumber": 5,
	"AcquisitionNumber": 5,
	"ImageComments": "StudieMR",
	"PhilipsRescaleSlope": 0.78706,
	"PhilipsRescaleIntercept": 0,
	"PhilipsScaleSlope": 0.0344077,
	"UsePhilipsFloatNotDisplayScaling": 1,
	"EchoTime": 0.03,
	"RepetitionTime": 2.04228,
	"ReconMatrixPE": 112,
	"ImageOrientationPatientDICOM": [
		0.998468,
		-0.054237,
		0.0109937,
		0.0551238,
		0.992287,
		-0.111032	],
	"ConversionSoftware": "dcm2niix",
	"ConversionSoftwareVersion": "v1.0.20190902"
}
