{
	"Manufacturer": "Philips",
	"PatientPosition": "HFS",
	"SeriesDescription": "ImageMRSERIES",
	"ProtocolName": "MPR_3D_cs7.5",
	"SeriesNumber": 17,
	"AcquisitionNumber": 17,
	"ImageComments": "StudieMR",
	"PhilipsRescaleSlope": 5.7536,
	"PhilipsRescaleIntercept": 0,
	"PhilipsScaleSlope": 0.00388288,
	"UsePhilipsFloatNotDisplayScaling": 1,
	"EchoTime": 0.004,
	"RepetitionTime": 0.009,
	"InversionTime": 1,
	"ReconMatrixPE": 256,
	"ImageOrientationPatientDICOM": [
		0.0216354,
		0.994636,
		0.101148,
		0.0214659,
		0.100686,
		-0.994687	],
	"ConversionSoftware": "dcm2niix",
	"ConversionSoftwareVersion": "v1.0.20190902"
}
