{
	"Manufacturer": "Philips",
	"PatientPosition": "HFS",
	"SeriesDescription": "ImageMRSERIES",
	"ProtocolName": "WIPSOURCE-control_pCASL2D",
	"SeriesNumber": 13,
	"AcquisitionNumber": 13,
	"ImageComments": "StudieMR",
	"PhilipsRescaleSlope": 1.29841,
	"PhilipsRescaleIntercept": 0,
	"PhilipsScaleSlope": 0.00524736,
	"UsePhilipsFloatNotDisplayScaling": 1,
	"EchoTime": 0.01135,
	"RepetitionTime": 9,
	"ReconMatrixPE": 80,
	"ImageOrientationPatientDICOM": [
		0.999535,
		-0.0236917,
		0.0191724,
		0.0216354,
		0.994636,
		0.101148	],
	"ConversionSoftware": "dcm2niix",
	"ConversionSoftwareVersion": "v1.0.20190902"
}
