{
	"Manufacturer": "Philips",
	"PatientPosition": "HFS",
	"SeriesDescription": "ImageMRSERIES",
	"ProtocolName": "control_T2SSGMoCoHR",
	"SeriesNumber": 10,
	"AcquisitionNumber": 10,
	"ImageComments": "StudieMR",
	"PhilipsRescaleSlope": 1.263,
	"PhilipsRescaleIntercept": 0,
	"PhilipsScaleSlope": 0.0299445,
	"UsePhilipsFloatNotDisplayScaling": 1,
	"EchoNumber": 10,
	"EchoTime": 0.051,
	"RepetitionTime": 2.25988,
	"ReconMatrixPE": 112,
	"ImageOrientationPatientDICOM": [
		0.999798,
		-0.0159843,
		0.0122078,
		0.017277,
		0.993285,
		-0.114397	],
	"ConversionSoftware": "dcm2niix",
	"ConversionSoftwareVersion": "v1.0.20190902"
}
