{
	"Manufacturer": "Philips",
	"PatientPosition": "HFS",
	"SeriesDescription": "ImageMRSERIES",
	"ProtocolName": "rest_T2SSGMoCoHR",
	"SeriesNumber": 14,
	"AcquisitionNumber": 14,
	"ImageComments": "StudieMR",
	"PhilipsRescaleSlope": 2.33993,
	"PhilipsRescaleIntercept": -4791,
	"PhilipsScaleSlope": 0.0170188,
	"UsePhilipsFloatNotDisplayScaling": 1,
	"EchoNumber": 11,
	"EchoTime": 0.056,
	"RepetitionTime": 2.25988,
	"ReconMatrixPE": 112,
	"ImageOrientationPatientDICOM": [
		0.999798,
		-0.0159843,
		0.0122078,
		0.017277,
		0.993285,
		-0.114397	],
	"ConversionSoftware": "dcm2niix",
	"ConversionSoftwareVersion": "v1.0.20190902"
}
