{
	"Manufacturer": "Philips",
	"PatientPosition": "HFS",
	"SeriesDescription": "ImageMRSERIES",
	"ProtocolName": "control_T2SSGMoCoQR",
	"SeriesNumber": 10,
	"AcquisitionNumber": 10,
	"ImageComments": "------",
	"PhilipsRescaleSlope": 2.60513,
	"PhilipsRescaleIntercept": -5334,
	"PhilipsScaleSlope": 0.0162705,
	"UsePhilipsFloatNotDisplayScaling": 1,
	"EchoNumber": 12,
	"EchoTime": 0.061,
	"RepetitionTime": 2.26106,
	"ReconMatrixPE": 112,
	"ImageOrientationPatientDICOM": [
		0.998021,
		0.058993,
		0.0217707,
		-0.054575,
		0.984591,
		-0.16614	],
	"ConversionSoftware": "dcm2niix",
	"ConversionSoftwareVersion": "v1.0.20190902"
}
