{
	"Manufacturer": "Philips",
	"PatientPosition": "HFS",
	"SeriesDescription": "ImageMRSERIES",
	"ProtocolName": "calc_T2SSGPhaseCorrOFF",
	"SeriesNumber": 11,
	"AcquisitionNumber": 11,
	"ImageComments": "------",
	"PhilipsRescaleSlope": 2.54212,
	"PhilipsRescaleIntercept": -5205,
	"PhilipsScaleSlope": 0.0161006,
	"UsePhilipsFloatNotDisplayScaling": 1,
	"EchoNumber": 7,
	"EchoTime": 0.035,
	"RepetitionTime": 2.22883,
	"ReconMatrixPE": 112,
	"ImageOrientationPatientDICOM": [
		0.998021,
		0.058993,
		0.0217707,
		-0.054575,
		0.984591,
		-0.16614	],
	"ConversionSoftware": "dcm2niix",
	"ConversionSoftwareVersion": "v1.0.20190902"
}
