{
	"Manufacturer": "Philips",
	"PatientPosition": "HFS",
	"SeriesDescription": "ImageMRSERIES",
	"ProtocolName": "control_T2SSGMoCoHR",
	"SeriesNumber": 7,
	"AcquisitionNumber": 7,
	"ImageComments": "StudieMR",
	"PhilipsRescaleSlope": 2.40293,
	"PhilipsRescaleIntercept": -4920,
	"PhilipsScaleSlope": 0.0140444,
	"UsePhilipsFloatNotDisplayScaling": 1,
	"EchoNumber": 7,
	"EchoTime": 0.036,
	"RepetitionTime": 2.25947,
	"ReconMatrixPE": 112,
	"ImageOrientationPatientDICOM": [
		0.998971,
		0.00369368,
		0.0452127,
		-0.000174353,
		0.996985,
		-0.077597	],
	"ConversionSoftware": "dcm2niix",
	"ConversionSoftwareVersion": "v1.0.20190902"
}
