{
	"Manufacturer": "Philips",
	"PatientPosition": "HFS",
	"SeriesDescription": "ImageMRSERIES",
	"ProtocolName": "calc_T2SSGMoCoQR",
	"SeriesNumber": 16,
	"AcquisitionNumber": 16,
	"ImageComments": "StudieMR",
	"PhilipsRescaleSlope": 2.37705,
	"PhilipsRescaleIntercept": -4867,
	"PhilipsScaleSlope": 0.0148076,
	"UsePhilipsFloatNotDisplayScaling": 1,
	"EchoNumber": 5,
	"EchoTime": 0.026,
	"RepetitionTime": 2.25945,
	"ReconMatrixPE": 112,
	"ImageOrientationPatientDICOM": [
		0.998971,
		0.00369368,
		0.0452127,
		-0.000174353,
		0.996985,
		-0.077597	],
	"ConversionSoftware": "dcm2niix",
	"ConversionSoftwareVersion": "v1.0.20190902"
}
