{
	"Manufacturer": "Philips",
	"PatientPosition": "HFS",
	"SeriesDescription": "ImageMRSERIES",
	"ProtocolName": "calc_T2SSGMoCoHR",
	"SeriesNumber": 15,
	"AcquisitionNumber": 15,
	"ImageComments": "StudieMR",
	"PhilipsRescaleSlope": 1.2823,
	"PhilipsRescaleIntercept": 0,
	"PhilipsScaleSlope": 0.0261628,
	"UsePhilipsFloatNotDisplayScaling": 1,
	"EchoNumber": 5,
	"EchoTime": 0.026,
	"RepetitionTime": 2.25947,
	"ReconMatrixPE": 112,
	"ImageOrientationPatientDICOM": [
		0.998971,
		0.00369368,
		0.0452127,
		-0.000174353,
		0.996985,
		-0.077597	],
	"ConversionSoftware": "dcm2niix",
	"ConversionSoftwareVersion": "v1.0.20190902"
}
