{
	"Manufacturer": "Philips",
	"PatientPosition": "HFS",
	"SeriesDescription": "ImageMRSERIES",
	"ProtocolName": "rest_T2SSGMoCoQR",
	"SeriesNumber": 12,
	"AcquisitionNumber": 12,
	"ImageComments": "------",
	"PhilipsRescaleSlope": 2.16166,
	"PhilipsRescaleIntercept": -4426,
	"PhilipsScaleSlope": 0.0161031,
	"UsePhilipsFloatNotDisplayScaling": 1,
	"EchoNumber": 10,
	"EchoTime": 0.051,
	"RepetitionTime": 2.25994,
	"ReconMatrixPE": 112,
	"ImageOrientationPatientDICOM": [
		0.996164,
		-0.0864146,
		-0.0137791,
		0.0871531,
		0.993899,
		0.067594	],
	"ConversionSoftware": "dcm2niix",
	"ConversionSoftwareVersion": "v1.0.20190902"
}
