{
	"Manufacturer": "Philips",
	"PatientPosition": "HFS",
	"SeriesDescription": "ImageMRSERIES",
	"ProtocolName": "calc_T2SSGMoCoHR",
	"SeriesNumber": 15,
	"AcquisitionNumber": 15,
	"ImageComments": "------",
	"PhilipsRescaleSlope": 2.4254,
	"PhilipsRescaleIntercept": -4966,
	"PhilipsScaleSlope": 0.0179406,
	"UsePhilipsFloatNotDisplayScaling": 1,
	"EchoNumber": 12,
	"EchoTime": 0.061,
	"RepetitionTime": 2.25981,
	"ReconMatrixPE": 112,
	"ImageOrientationPatientDICOM": [
		0.998433,
		-0.0393746,
		-0.0397702,
		0.0359129,
		0.995794,
		-0.0842923	],
	"ConversionSoftware": "dcm2niix",
	"ConversionSoftwareVersion": "v1.0.20190902"
}
