{
	"Manufacturer": "Philips",
	"PatientPosition": "HFS",
	"SeriesDescription": "ImageMRSERIES",
	"ProtocolName": "calc_T2SSGPhaseCorrOFF",
	"SeriesNumber": 14,
	"AcquisitionNumber": 14,
	"ImageComments": "------",
	"PhilipsRescaleSlope": 1.30647,
	"PhilipsRescaleIntercept": 0,
	"PhilipsScaleSlope": 0.0319575,
	"UsePhilipsFloatNotDisplayScaling": 1,
	"EchoNumber": 6,
	"EchoTime": 0.03,
	"RepetitionTime": 2.22771,
	"ReconMatrixPE": 112,
	"ImageOrientationPatientDICOM": [
		0.998433,
		-0.0393746,
		-0.0397702,
		0.0359129,
		0.995794,
		-0.0842923	],
	"ConversionSoftware": "dcm2niix",
	"ConversionSoftwareVersion": "v1.0.20190902"
}
