{
	"Manufacturer": "Philips",
	"PatientPosition": "HFS",
	"SeriesDescription": "ImageMRSERIES",
	"ProtocolName": "control_T2SSGMoCoHR",
	"SeriesNumber": 7,
	"AcquisitionNumber": 7,
	"ImageComments": "------",
	"PhilipsRescaleSlope": 1.26813,
	"PhilipsRescaleIntercept": 0,
	"PhilipsScaleSlope": 0.0339973,
	"UsePhilipsFloatNotDisplayScaling": 1,
	"EchoNumber": 1,
	"EchoTime": 0.006,
	"RepetitionTime": 2.25981,
	"ReconMatrixPE": 112,
	"ImageOrientationPatientDICOM": [
		0.998433,
		-0.0393746,
		-0.0397702,
		0.0359129,
		0.995794,
		-0.0842923	],
	"ConversionSoftware": "dcm2niix",
	"ConversionSoftwareVersion": "v1.0.20190902"
}
