{
	"Manufacturer": "Philips",
	"PatientPosition": "HFS",
	"SeriesDescription": "ImageMRSERIES",
	"ProtocolName": "calc_T2SSGMoCoQR",
	"SeriesNumber": 16,
	"AcquisitionNumber": 16,
	"ImageComments": "------",
	"PhilipsRescaleSlope": 1.29573,
	"PhilipsRescaleIntercept": 0,
	"PhilipsScaleSlope": 0.0353644,
	"UsePhilipsFloatNotDisplayScaling": 1,
	"EchoNumber": 2,
	"EchoTime": 0.011,
	"RepetitionTime": 2.25963,
	"ReconMatrixPE": 112,
	"ImageOrientationPatientDICOM": [
		0.998433,
		-0.0393746,
		-0.0397702,
		0.0359129,
		0.995794,
		-0.0842923	],
	"ConversionSoftware": "dcm2niix",
	"ConversionSoftwareVersion": "v1.0.20190902"
}
