{
	"Manufacturer": "Philips",
	"PatientPosition": "HFS",
	"SeriesDescription": "ImageMRSERIES",
	"ProtocolName": "mem_T2SSGPhaseCorrOFF",
	"SeriesNumber": 18,
	"AcquisitionNumber": 18,
	"ImageComments": "StudieMR",
	"PhilipsRescaleSlope": 1.33284,
	"PhilipsRescaleIntercept": 0,
	"PhilipsScaleSlope": 0.0260136,
	"UsePhilipsFloatNotDisplayScaling": 1,
	"EchoNumber": 8,
	"EchoTime": 0.04,
	"RepetitionTime": 2.22724,
	"ReconMatrixPE": 112,
	"ImageOrientationPatientDICOM": [
		0.998971,
		0.00369368,
		0.0452127,
		-0.000174353,
		0.996985,
		-0.077597	],
	"ConversionSoftware": "dcm2niix",
	"ConversionSoftwareVersion": "v1.0.20190902"
}
