{
	"Modality": "MR",
	"MagneticFieldStrength": 3,
	"ImagingFrequency": 127.768,
	"Manufacturer": "Philips",
	"ManufacturersModelName": "Ingenia",
	"InstitutionName": "Klinikum_recht_der_Isar",
	"InstitutionalDepartmentName": "Radiologie",
	"InstitutionAddress": "Ismaninger_Strasse_34",
	"DeviceSerialNumber": "71576",
	"StationName": "HOST-7DI77544AV",
	"BodyPartExamined": "BRAIN",
	"PatientPosition": "HFS",
	"ProcedureStepDescription": "Studie_MR",
	"SoftwareVersions": "5.6.1_5.6.1.1",
	"MRAcquisitionType": "2D",
	"SeriesDescription": "localizer_calc_mem_fMRI_MB2",
	"ProtocolName": "WIP_localizer_calc_mem_fMRI_MB2",
	"ScanningSequence": "GR",
	"SequenceVariant": "SK",
	"ScanOptions": "FS",
	"ImageType": [
		"ORIGINAL",
		"PRIMARY",
		"M",
		"FFE",
		"M",
		"FFE"
	],
	"SeriesNumber": 301,
	"AcquisitionTime": "14:42:46.830000",
	"AcquisitionNumber": 3,
	"PhilipsRWVSlope": 0.803175,
	"PhilipsRWVIntercept": 0,
	"PhilipsRescaleSlope": 0.803175,
	"PhilipsRescaleIntercept": 0,
	"PhilipsScaleSlope": 0.0280217,
	"UsePhilipsFloatNotDisplayScaling": 1,
	"SliceThickness": 3,
	"SpacingBetweenSlices": 3.2,
	"SAR": 0.126859,
	"EchoTime": 0.030001,
	"RepetitionTime": 1.2,
	"FlipAngle": 70,
	"CoilString": "MULTI_COIL",
	"PartialFourier": 0.671875,
	"PercentPhaseFOV": 100,
	"EchoTrainLength": 43,
	"PhaseEncodingSteps": 64,
	"AcquisitionMatrixPE": 64,
	"ReconMatrixPE": 64,
	"PixelBandwidth": 2638,
	"PhaseEncodingAxis": "j",
	"ImageOrientationPatientDICOM": [
		0.998361,
		0.0393789,
		0.0415231,
		-0.033855,
		0.991422,
		-0.126235
	],
	"InPlanePhaseEncodingDirectionDICOM": "COL",
	"ConversionSoftware": "dcm2niix",
	"ConversionSoftwareVersion": "v1.0.20190902",
	"EffectiveEchoSpacing": 0.000657,
	"PhaseEncodingDirection": "j",
	"TaskName": "localizer"
}