{
	"Manufacturer": "Philips",
	"PatientPosition": "HFS",
	"SeriesDescription": "ImageMRSERIES",
	"ProtocolName": "T2_Perf4erflow",
	"SeriesNumber": 28,
	"AcquisitionNumber": 28,
	"ImageComments": "------",
	"PhilipsRescaleSlope": 0.80928,
	"PhilipsRescaleIntercept": 0,
	"PhilipsScaleSlope": 0.0329584,
	"UsePhilipsFloatNotDisplayScaling": 1,
	"EchoTime": 0.03,
	"RepetitionTime": 2.04456,
	"ReconMatrixPE": 112,
	"ImageOrientationPatientDICOM": [
		0.998968,
		0.0406079,
		-0.0203246,
		-0.0432665,
		0.987046,
		-0.154493	],
	"ConversionSoftware": "dcm2niix",
	"ConversionSoftwareVersion": "v1.0.20190902"
}
