{
	"Manufacturer": "Philips",
	"PatientPosition": "HFS",
	"SeriesDescription": "ImageMRSERIES",
	"ProtocolName": "T2_Perf4erflow",
	"SeriesNumber": 24,
	"AcquisitionNumber": 24,
	"ImageComments": "------",
	"PhilipsRescaleSlope": 0.74725,
	"PhilipsRescaleIntercept": 0,
	"PhilipsScaleSlope": 0.0349168,
	"UsePhilipsFloatNotDisplayScaling": 1,
	"EchoTime": 0.03,
	"RepetitionTime": 2.03797,
	"ReconMatrixPE": 112,
	"ImageOrientationPatientDICOM": [
		0.999545,
		-0.00664305,
		0.029437,
		0.00715271,
		0.999826,
		-0.0172422	],
	"ConversionSoftware": "dcm2niix",
	"ConversionSoftwareVersion": "v1.0.20190902"
}
