{
	"Manufacturer": "Philips",
	"PatientPosition": "HFS",
	"SeriesDescription": "ImageMRSERIES",
	"ProtocolName": "mem_T2SSGMoCoHR",
	"SeriesNumber": 19,
	"AcquisitionNumber": 19,
	"ImageComments": "StudieMR",
	"PhilipsRescaleSlope": 2.61538,
	"PhilipsRescaleIntercept": -5355,
	"PhilipsScaleSlope": 0.0110805,
	"UsePhilipsFloatNotDisplayScaling": 1,
	"EchoNumber": 9,
	"EchoTime": 0.046,
	"RepetitionTime": 2.26023,
	"ReconMatrixPE": 112,
	"ImageOrientationPatientDICOM": [
		0.998289,
		0.0410059,
		0.0416964,
		-0.0362566,
		0.993392,
		-0.10889	],
	"ConversionSoftware": "dcm2niix",
	"ConversionSoftwareVersion": "v1.0.20190902"
}
