{
	"Manufacturer": "Philips",
	"PatientPosition": "HFS",
	"SeriesDescription": "ImageMRSERIES",
	"ProtocolName": "rest_T2SSGPhaseCorrOFF",
	"SeriesNumber": 10,
	"AcquisitionNumber": 10,
	"ImageComments": "StudieMR",
	"PhilipsRescaleSlope": 2.56606,
	"PhilipsRescaleIntercept": -5254,
	"PhilipsScaleSlope": 0.011225,
	"UsePhilipsFloatNotDisplayScaling": 1,
	"EchoNumber": 12,
	"EchoTime": 0.06,
	"RepetitionTime": 2.22802,
	"ReconMatrixPE": 112,
	"ImageOrientationPatientDICOM": [
		0.998289,
		0.0410059,
		0.0416964,
		-0.0362566,
		0.993392,
		-0.10889	],
	"ConversionSoftware": "dcm2niix",
	"ConversionSoftwareVersion": "v1.0.20190902"
}
