{
	"Modality": "MR",
	"MagneticFieldStrength": 3,
	"ImagingFrequency": 127.757,
	"Manufacturer": "Philips",
	"ManufacturersModelName": "Ingenia Elition X",
	"InstitutionName": "Klinikum rechts der Isar",
	"InstitutionalDepartmentName": "Radiologie",
	"DeviceSerialNumber": "45000",
	"StationName": "MRKH",
	"BodyPartExamined": "BRAIN",
	"PatientPosition": "HFS",
	"SoftwareVersions": "5.7.1\\5.7.1.4",
	"MRAcquisitionType": "2D",
	"SeriesDescription": "calc_T2S SG MoCoQR",
	"ProtocolName": "calc_T2S SG MoCoQR",
	"ScanningSequence": "GR",
	"SequenceVariant": "SS",
	"ScanOptions": "OTHER",
	"PulseSequenceName": "FFE",
	"ImageType": ["ORIGINAL", "PRIMARY", "I", "FFE", "I", "FFE", "IMAGINARY"],
	"SeriesNumber": 1501,
	"AcquisitionTime": "16:56:38.390000",
	"AcquisitionNumber": 15,
	"PhilipsRWVSlope": 2.2398,
	"PhilipsRWVIntercept": -4586,
	"PhilipsRescaleSlope": 2.2398,
	"PhilipsRescaleIntercept": -4586,
	"PhilipsScaleSlope": 0.0135364,
	"UsePhilipsFloatNotDisplayScaling": 1,
	"SliceThickness": 3,
	"SpacingBetweenSlices": 3.3,
	"SAR": 0.00456817,
	"EchoNumber": 3,
	"EchoTime": 0.016001,
	"RepetitionTime": 2.25894,
	"MTState": false,
	"FlipAngle": 30,
	"CoilString": "MULTI COIL",
	"PercentPhaseFOV": 82.1429,
	"PercentSampling": 25,
	"EchoTrainLength": 12,
	"PhaseEncodingSteps": 28,
	"AcquisitionMatrixPE": 28,
	"ReconMatrixPE": 112,
	"WaterFatShift": 1.00027,
	"EstimatedEffectiveEchoSpacing": 1.91501e-05,
	"EstimatedTotalReadoutTime": 0.00212566,
	"AcquisitionDuration": 54.2145,
	"PixelBandwidth": 434,
	"PhaseEncodingAxis": "i",
	"ImageOrientationPatientDICOM": [
		0.999731,
		0.0190319,
		0.0132621,
		-0.0182374,
		0.99817,
		-0.0576466	],
	"InPlanePhaseEncodingDirectionDICOM": "ROW",
	"ConversionSoftware": "dcm2niix",
	"ConversionSoftwareVersion": "v1.0.20220720"
}
