{
	"Manufacturer": "Philips",
	"PatientPosition": "HFS",
	"SeriesDescription": "ImageMRSERIES",
	"ProtocolName": "control_T2SSGPhaseCorrOFF",
	"SeriesNumber": 6,
	"AcquisitionNumber": 6,
	"ImageComments": "StudieMR",
	"PhilipsRescaleSlope": 2.63541,
	"PhilipsRescaleIntercept": -5396,
	"PhilipsScaleSlope": 0.010573,
	"UsePhilipsFloatNotDisplayScaling": 1,
	"EchoNumber": 4,
	"EchoTime": 0.02,
	"RepetitionTime": 2.22802,
	"ReconMatrixPE": 112,
	"ImageOrientationPatientDICOM": [
		0.998289,
		0.0410059,
		0.0416964,
		-0.0362566,
		0.993392,
		-0.10889	],
	"ConversionSoftware": "dcm2niix",
	"ConversionSoftwareVersion": "v1.0.20190902"
}
