{
	"Manufacturer": "Philips",
	"PatientPosition": "HFS",
	"SeriesDescription": "ImageMRSERIES",
	"ProtocolName": "rest_T2SSGPhaseCorrOFF",
	"SeriesNumber": 10,
	"AcquisitionNumber": 10,
	"ImageComments": "------",
	"PhilipsRescaleSlope": 2.42735,
	"PhilipsRescaleIntercept": -4970,
	"PhilipsScaleSlope": 0.0137782,
	"UsePhilipsFloatNotDisplayScaling": 1,
	"EchoNumber": 1,
	"EchoTime": 0.005,
	"RepetitionTime": 2.22645,
	"ReconMatrixPE": 112,
	"ImageOrientationPatientDICOM": [
		0.999503,
		-0.02829,
		0.0139171,
		0.0282678,
		0.999599,
		0.00179042	],
	"ConversionSoftware": "dcm2niix",
	"ConversionSoftwareVersion": "v1.0.20190902"
}
