{
	"Manufacturer": "Philips",
	"PatientPosition": "HFS",
	"SeriesDescription": "ImageMRSERIES",
	"ProtocolName": "mem_T2SSGMoCoQR",
	"SeriesNumber": 20,
	"AcquisitionNumber": 20,
	"ImageComments": "------",
	"PhilipsRescaleSlope": 1.29695,
	"PhilipsRescaleIntercept": 0,
	"PhilipsScaleSlope": 0.0268309,
	"UsePhilipsFloatNotDisplayScaling": 1,
	"EchoNumber": 7,
	"EchoTime": 0.036,
	"RepetitionTime": 2.25819,
	"ReconMatrixPE": 112,
	"ImageOrientationPatientDICOM": [
		0.999503,
		-0.02829,
		0.0139171,
		0.0282678,
		0.999599,
		0.00179042	],
	"ConversionSoftware": "dcm2niix",
	"ConversionSoftwareVersion": "v1.0.20190902"
}
