{
	"Manufacturer": "Philips",
	"PatientPosition": "HFS",
	"SeriesDescription": "ImageMRSERIES",
	"ProtocolName": "mem_T2SSGMoCoHR",
	"SeriesNumber": 19,
	"AcquisitionNumber": 19,
	"ImageComments": "------",
	"PhilipsRescaleSlope": 1.29841,
	"PhilipsRescaleIntercept": 0,
	"PhilipsScaleSlope": 0.0261227,
	"UsePhilipsFloatNotDisplayScaling": 1,
	"EchoNumber": 3,
	"EchoTime": 0.016,
	"RepetitionTime": 2.25831,
	"ReconMatrixPE": 112,
	"ImageOrientationPatientDICOM": [
		0.999503,
		-0.02829,
		0.0139171,
		0.0282678,
		0.999599,
		0.00179042	],
	"ConversionSoftware": "dcm2niix",
	"ConversionSoftwareVersion": "v1.0.20190902"
}
