{
	"Modality": "MR",
	"MagneticFieldStrength": 3,
	"ImagingFrequency": 127.757,
	"Manufacturer": "Philips",
	"ManufacturersModelName": "Ingenia Elition X",
	"InstitutionName": "Klinikum rechts der Isar",
	"InstitutionalDepartmentName": "Radiologie",
	"DeviceSerialNumber": "45000",
	"StationName": "MRKH",
	"BodyPartExamined": "BRAIN",
	"PatientPosition": "HFS",
	"SoftwareVersions": "5.7.1\\5.7.1.4",
	"MRAcquisitionType": "3D",
	"SeriesDescription": "control_T2 3D GRASE 8e16ms",
	"ProtocolName": "control_T2 3D GRASE 8e16ms",
	"ScanningSequence": "SE",
	"SequenceVariant": "SK",
	"ScanOptions": "OTHER",
	"PulseSequenceName": "GraSE",
	"ImageType": ["ORIGINAL", "PRIMARY", "M", "SE", "M", "SE"],
	"SeriesNumber": 901,
	"AcquisitionTime": "15:10:56.110000",
	"AcquisitionNumber": 9,
	"PhilipsRWVSlope": 1.2591,
	"PhilipsRWVIntercept": 0,
	"PhilipsRescaleSlope": 1.2591,
	"PhilipsRescaleIntercept": 0,
	"PhilipsScaleSlope": 0.00029906,
	"UsePhilipsFloatNotDisplayScaling": 1,
	"SliceThickness": 3.3,
	"SpacingBetweenSlices": 3.3,
	"SAR": 0.278182,
	"EchoNumber": 2,
	"EchoTime": 0.032,
	"RepetitionTime": 0.250852,
	"MTState": false,
	"FlipAngle": 90,
	"CoilString": "MULTI COIL",
	"PercentPhaseFOV": 82.1429,
	"PercentSampling": 100,
	"EchoTrainLength": 56,
	"PhaseEncodingSteps": 111,
	"AcquisitionMatrixPE": 111,
	"ReconMatrixPE": 112,
	"WaterFatShift": 2.74686,
	"EstimatedEffectiveEchoSpacing": 5.59709e-05,
	"EstimatedTotalReadoutTime": 0.00621277,
	"AcquisitionDuration": 148.504,
	"PixelBandwidth": 1678,
	"PhaseEncodingAxis": "i",
	"ImageOrientationPatientDICOM": [
		0.996194,
		-0.0650527,
		0.0580173,
		0.069598,
		0.994353,
		-0.0801105	],
	"InPlanePhaseEncodingDirectionDICOM": "ROW",
	"ConversionSoftware": "dcm2niix",
	"ConversionSoftwareVersion": "v1.0.20220720"
}
