{
	"Manufacturer": "Philips",
	"PatientPosition": "HFS",
	"SeriesDescription": "ImageMRSERIES",
	"ProtocolName": "WIPSOURCE-mem_pCASL2D",
	"SeriesNumber": 13,
	"AcquisitionNumber": 13,
	"ImageComments": "StudieMR",
	"PhilipsRescaleSlope": 1.27985,
	"PhilipsRescaleIntercept": 0,
	"PhilipsScaleSlope": 0.00655293,
	"UsePhilipsFloatNotDisplayScaling": 1,
	"EchoTime": 0.01123,
	"RepetitionTime": 9,
	"ReconMatrixPE": 80,
	"ImageOrientationPatientDICOM": [
		0.993572,
		0.0758394,
		-0.084038,
		-0.0883244,
		0.983721,
		-0.156499	],
	"ConversionSoftware": "dcm2niix",
	"ConversionSoftwareVersion": "v1.0.20190902"
}
