{
	"Manufacturer": "Philips",
	"PatientPosition": "HFS",
	"SeriesDescription": "ImageMRSERIES",
	"ProtocolName": "rest_T23DGRASE8e16ms",
	"SeriesNumber": 9,
	"AcquisitionNumber": 9,
	"ImageComments": "------",
	"PhilipsRescaleSlope": 1.36948,
	"PhilipsRescaleIntercept": 0,
	"PhilipsScaleSlope": 0.000354697,
	"UsePhilipsFloatNotDisplayScaling": 1,
	"EchoNumber": 7,
	"EchoTime": 0.112,
	"RepetitionTime": 0.250852,
	"ReconMatrixPE": 112,
	"ImageOrientationPatientDICOM": [
		0.999557,
		-0.0274272,
		0.0115147,
		0.0280948,
		0.99765,
		-0.0624917	],
	"ConversionSoftware": "dcm2niix",
	"ConversionSoftwareVersion": "v1.0.20190902"
}
