{
	"Modality": "MR",
	"MagneticFieldStrength": 3,
	"ImagingFrequency": 127.768,
	"Manufacturer": "Philips",
	"ManufacturersModelName": "Ingenia",
	"InstitutionName": "Klinikum_recht_der_Isar",
	"InstitutionalDepartmentName": "Radiologie",
	"InstitutionAddress": "Ismaninger_Strasse_34",
	"DeviceSerialNumber": "71576",
	"StationName": "HOST-7DI77544AV",
	"BodyPartExamined": "BRAIN",
	"PatientPosition": "HFS",
	"SoftwareVersions": "5.6.1_5.6.1.1",
	"MRAcquisitionType": "3D",
	"SeriesDescription": "MPR_3D_cs7.5",
	"ProtocolName": "WIP_MPR_3D_cs7.5",
	"ScanningSequence": "GR",
	"SequenceVariant": "MP",
	"ScanOptions": "OTHER",
	"ImageType": ["ORIGINAL", "PRIMARY", "M", "FFE", "M", "FFE"],
	"SeriesNumber": 201,
	"AcquisitionTime": "11:54:10.630000",
	"AcquisitionNumber": 2,
	"PhilipsRWVSlope": 4.84811,
	"PhilipsRWVIntercept": 0,
	"PhilipsRescaleSlope": 4.84811,
	"PhilipsRescaleIntercept": 0,
	"PhilipsScaleSlope": 0.00365045,
	"UsePhilipsFloatNotDisplayScaling": 1,
	"SliceThickness": 1,
	"SpacingBetweenSlices": 1,
	"SAR": 0.0202545,
	"EchoTime": 0.004,
	"RepetitionTime": 0.009,
	"FlipAngle": 8,
	"CoilString": "MULTI_COIL",
	"PercentPhaseFOV": 104.918,
	"EchoTrainLength": 160,
	"PhaseEncodingSteps": 252,
	"AcquisitionMatrixPE": 252,
	"ReconMatrixPE": 256,
	"PixelBandwidth": 166,
	"ImageOrientationPatientDICOM": [
		-0.0501006,
		0.992515,
		0.111372,
		0.000202876,
		0.111522,
		-0.993762	],
	"InPlanePhaseEncodingDirectionDICOM": "ROW",
	"ConversionSoftware": "dcm2niix",
	"ConversionSoftwareVersion": "v1.0.20190902"
}
