{
	"Manufacturer": "Philips",
	"PatientPosition": "HFS",
	"SeriesDescription": "ImageMRSERIES",
	"ProtocolName": "MPR_3D_cs7.5",
	"SeriesNumber": 25,
	"AcquisitionNumber": 25,
	"ImageComments": "StudieMR",
	"PhilipsRescaleSlope": 5.35653,
	"PhilipsRescaleIntercept": 0,
	"PhilipsScaleSlope": 0.0045346,
	"UsePhilipsFloatNotDisplayScaling": 1,
	"EchoTime": 0.004,
	"RepetitionTime": 0.009,
	"InversionTime": 1,
	"ReconMatrixPE": 256,
	"ImageOrientationPatientDICOM": [
		0.0296658,
		0.996545,
		-0.0775688,
		0.00541049,
		-0.077762,
		-0.996957	],
	"ConversionSoftware": "dcm2niix",
	"ConversionSoftwareVersion": "v1.0.20190902"
,
"PercentPhaseFOV": 104.918,"PhaseEncodingSteps": 252,"AcquisitionMatrixPE": 252,"ReconMatrixPE": 256,"PixelBandwidth": 167.471,"InPlanePhaseEncodingDirectionDICOM": "ROW"}
