{
	"Manufacturer": "Philips",
	"PatientPosition": "HFS",
	"SeriesDescription": "ImageMRSERIES",
	"ProtocolName": "FLAIR_cs10",
	"SeriesNumber": 27,
	"AcquisitionNumber": 27,
	"ImageComments": "StudieMR",
	"PhilipsRescaleSlope": 4.5409,
	"PhilipsRescaleIntercept": 0,
	"PhilipsScaleSlope": 0.00182145,
	"UsePhilipsFloatNotDisplayScaling": 1,
	"EchoTime": 0.28124,
	"RepetitionTime": 4.8,
	"InversionTime": 1.65,
	"ReconMatrixPE": 224,
	"ImageOrientationPatientDICOM": [
		0.0296658,
		0.996545,
		-0.0775688,
		0.00541049,
		-0.077762,
		-0.996957	],
	"ConversionSoftware": "dcm2niix",
	"ConversionSoftwareVersion": "v1.0.20190902"
}
