{
	"Manufacturer": "Philips",
	"PatientPosition": "HFS",
	"SeriesDescription": "ImageMRSERIES",
	"ProtocolName": "mem_T2SSGMoCoQR",
	"SeriesNumber": 20,
	"AcquisitionNumber": 20,
	"ImageComments": "StudieMR",
	"PhilipsRescaleSlope": 2.39072,
	"PhilipsRescaleIntercept": -4895,
	"PhilipsScaleSlope": 0.0150095,
	"UsePhilipsFloatNotDisplayScaling": 1,
	"EchoNumber": 12,
	"EchoTime": 0.061,
	"RepetitionTime": 2.25945,
	"ReconMatrixPE": 112,
	"ImageOrientationPatientDICOM": [
		0.998971,
		0.00369368,
		0.0452127,
		-0.000174353,
		0.996985,
		-0.077597	],
	"ConversionSoftware": "dcm2niix",
	"ConversionSoftwareVersion": "v1.0.20190902"
}
