{
	"Modality": "MR",
	"MagneticFieldStrength": 3,
	"ImagingFrequency": 127.757,
	"Manufacturer": "Philips",
	"ManufacturersModelName": "Ingenia Elition X",
	"InstitutionName": "Klinikum rechts der Isar",
	"InstitutionalDepartmentName": "Radiologie",
	"DeviceSerialNumber": "45000",
	"StationName": "MRKH",
	"BodyPartExamined": "BRAIN",
	"PatientPosition": "HFS",
	"SoftwareVersions": "5.7.1\\5.7.1.4",
	"MRAcquisitionType": "2D",
	"SeriesDescription": "WIP SOURCE - control_pCASL 2D EPI_4x4x3_PLD1800",
	"ProtocolName": "WIP SOURCE - control_pCASL 2D EPI_4x4x3_PLD1800",
	"ScanningSequence": "GR",
	"SequenceVariant": "SK",
	"ScanOptions": "FS",
	"PulseSequenceName": "FEEPI",
	"ImageType": ["ORIGINAL", "PRIMARY", "M", "FFE", "M", "FFE"],
	"SeriesNumber": 1302,
	"AcquisitionTime": "22:03:22.250000",
	"AcquisitionNumber": 13,
	"PhilipsRWVSlope": 1.316,
	"PhilipsRWVIntercept": 0,
	"PhilipsRescaleSlope": 1.316,
	"PhilipsRescaleIntercept": 0,
	"PhilipsScaleSlope": 0.0112213,
	"UsePhilipsFloatNotDisplayScaling": 1,
	"SliceThickness": 3,
	"SpacingBetweenSlices": 3.3,
	"SAR": 0.320621,
	"EchoTime": 0.010569,
	"RepetitionTime": 4.44156,
	"RepetitionTimeExcitation": 4.5,
	"MTState": false,
	"FlipAngle": 90,
	"CoilString": "MULTI COIL",
	"PercentPhaseFOV": 100,
	"PercentSampling": 100,
	"EchoTrainLength": 31,
	"PhaseEncodingSteps": 62,
	"AcquisitionMatrixPE": 62,
	"ReconMatrixPE": 96,
	"ParallelReductionFactorInPlane": 2,
	"ParallelAcquisitionTechnique": "SENSE",
	"WaterFatShift": 5.30979,
	"EstimatedEffectiveEchoSpacing": 0.000124653,
	"EstimatedTotalReadoutTime": 0.011842,
	"AcquisitionDuration": 360,
	"PixelBandwidth": 3796,
	"PhaseEncodingAxis": "j",
	"ImageOrientationPatientDICOM": [
		0.996983,
		0.0430134,
		-0.0646156,
		-0.0495029,
		0.993506,
		-0.102443	],
	"InPlanePhaseEncodingDirectionDICOM": "COL",
	"ConversionSoftware": "dcm2niix",
	"ConversionSoftwareVersion": "v1.0.20220720"
}
