{
	"Manufacturer": "Philips",
	"PatientPosition": "HFS",
	"SeriesDescription": "ImageMRSeries",
	"ProtocolName": "Reg-PWIbewegungskorrigiert",
	"SeriesNumber": 27,
	"AcquisitionNumber": 27,
	"ImageComments": "------",
	"PhilipsRescaleSlope": 0.83639,
	"PhilipsRescaleIntercept": 0,
	"PhilipsScaleSlope": 0.0350895,
	"UsePhilipsFloatNotDisplayScaling": 1,
	"EchoTime": 0.03,
	"RepetitionTime": 2.04241,
	"ReconMatrixPE": 112,
	"ImageOrientationPatientDICOM": [
		0.994083,
		-0.0181044,
		0.107103,
		0.045141,
		0.965691,
		-0.255741	],
	"ConversionSoftware": "dcm2niix",
	"ConversionSoftwareVersion": "v1.0.20190902"
}
