{
	"Manufacturer": "Philips",
	"PatientPosition": "HFS",
	"SeriesDescription": "ImageMRSERIES",
	"ProtocolName": "localizer_calc_mem_fMRI_MB2",
	"SeriesNumber": 24,
	"AcquisitionNumber": 24,
	"ImageComments": "------",
	"PhilipsRescaleSlope": 0.78071,
	"PhilipsRescaleIntercept": 0,
	"PhilipsScaleSlope": 0.0320184,
	"UsePhilipsFloatNotDisplayScaling": 1,
	"EchoTime": 0.03,
	"RepetitionTime": 1.2,
	"ReconMatrixPE": 64,
	"ImageOrientationPatientDICOM": [
		0.999798,
		-0.0156813,
		0.0125947,
		0.017277,
		0.990193,
		-0.138631
	],
	"ConversionSoftware": "dcm2niix",
	"ConversionSoftwareVersion": "v1.0.20190902",
	"EffectiveEchoSpacing": 0.000639,
	"PhaseEncodingDirection": "j",
	"TaskName": "all"
}