{
	"Manufacturer": "Philips",
	"PatientPosition": "HFS",
	"SeriesDescription": "ImageMRSERIES",
	"ProtocolName": "WIPcontrol_pCASL2DEPI_PLD1800",
	"SeriesNumber": 21,
	"AcquisitionNumber": 21,
	"ImageComments": "StudieMR",
	"PhilipsRescaleSlope": 0.1,
	"PhilipsRescaleIntercept": 0,
	"PhilipsScaleSlope": 10,
	"UsePhilipsFloatNotDisplayScaling": 1,
	"EchoTime": 0.01135,
	"RepetitionTime": 4.5,
	"ReconMatrixPE": 80,
	"ImageOrientationPatientDICOM": [
		0.998289,
		0.0410059,
		0.0416964,
		-0.0362566,
		0.993392,
		-0.10889	],
	"ConversionSoftware": "dcm2niix",
	"ConversionSoftwareVersion": "v1.0.20190902"
}
