{
	"Manufacturer": "Philips",
	"PatientPosition": "HFS",
	"SeriesDescription": "ImageMRSERIES",
	"ProtocolName": "T2_Perf4erflow",
	"SeriesNumber": 27,
	"AcquisitionNumber": 27,
	"ImageComments": "StudieMR",
	"PhilipsRescaleSlope": 0.80049,
	"PhilipsRescaleIntercept": 0,
	"PhilipsScaleSlope": 0.0293251,
	"UsePhilipsFloatNotDisplayScaling": 1,
	"EchoTime": 0.03,
	"RepetitionTime": 2.04696,
	"ReconMatrixPE": 112,
	"ImageOrientationPatientDICOM": [
		0.990275,
		-0.109005,
		0.0864518,
		0.125101,
		0.969556,
		-0.210501	],
	"ConversionSoftware": "dcm2niix",
	"ConversionSoftwareVersion": "v1.0.20190902"
}
