{
	"Manufacturer": "Philips",
	"PatientPosition": "HFS",
	"SeriesDescription": "ImageMRSERIES",
	"ProtocolName": "calc_T2_Perf4erflow",
	"SeriesNumber": 20,
	"AcquisitionNumber": 20,
	"ImageComments": "StudieMR",
	"PhilipsRescaleSlope": 0.75995,
	"PhilipsRescaleIntercept": 0,
	"PhilipsScaleSlope": 0.0349029,
	"UsePhilipsFloatNotDisplayScaling": 1,
	"EchoTime": 0.03,
	"RepetitionTime": 2.04684,
	"ReconMatrixPE": 112,
	"ImageOrientationPatientDICOM": [
		0.99899,
		-0.0358519,
		-0.0271025,
		0.0289513,
		0.974597,
		-0.222086	],
	"ConversionSoftware": "dcm2niix",
	"ConversionSoftwareVersion": "v1.0.20190902"
}
