{
	"Manufacturer": "Philips",
	"PatientPosition": "HFS",
	"SeriesDescription": "ImageMRSERIES",
	"ProtocolName": "MPR_3D_cs7.5",
	"SeriesNumber": 3,
	"AcquisitionNumber": 3,
	"ImageComments": "StudieMR",
	"PhilipsRescaleSlope": 5.42418,
	"PhilipsRescaleIntercept": 0,
	"PhilipsScaleSlope": 0.00421129,
	"UsePhilipsFloatNotDisplayScaling": 1,
	"EchoTime": 0.004,
	"RepetitionTime": 0.009,
	"InversionTime": 1,
	"ReconMatrixPE": 256,
	"ImageOrientationPatientDICOM": [
		-0.0486065,
		0.998817,
		0.00136961,
		-0.0532074,
		-0.00122,
		-0.998583	],
	"ConversionSoftware": "dcm2niix",
	"ConversionSoftwareVersion": "v1.0.20190902"
}
