{
	"Manufacturer": "Philips",
	"PatientPosition": "HFS",
	"SeriesDescription": "ImageMRSERIES",
	"ProtocolName": "rest_T23DGRASE8e16ms",
	"SeriesNumber": 9,
	"AcquisitionNumber": 9,
	"ImageComments": "------",
	"PhilipsRescaleSlope": 1.28107,
	"PhilipsRescaleIntercept": 0,
	"PhilipsScaleSlope": 0.000407707,
	"UsePhilipsFloatNotDisplayScaling": 1,
	"EchoNumber": 1,
	"EchoTime": 0.016,
	"RepetitionTime": 0.250852,
	"ReconMatrixPE": 112,
	"ImageOrientationPatientDICOM": [
		0.99761,
		-0.0485902,
		-0.049123,
		0.04408,
		0.99505,
		-0.0890632	],
	"ConversionSoftware": "dcm2niix",
	"ConversionSoftwareVersion": "v1.0.20190902"
}
