{
	"Manufacturer": "Philips",
	"PatientPosition": "HFS",
	"SeriesDescription": "ImageMRSERIES",
	"ProtocolName": "MPR_3D_cs7.5",
	"SeriesNumber": 3,
	"AcquisitionNumber": 3,
	"ImageComments": "------",
	"PhilipsRescaleSlope": 4.69841,
	"PhilipsRescaleIntercept": 0,
	"PhilipsScaleSlope": 0.00415293,
	"UsePhilipsFloatNotDisplayScaling": 1,
	"EchoTime": 0.004,
	"RepetitionTime": 0.009,
	"InversionTime": 1,
	"ReconMatrixPE": 256,
	"ImageOrientationPatientDICOM": [
		0.04408,
		0.997673,
		-0.0520187,
		-0.0532074,
		-0.0496509,
		-0.997348	],
	"ConversionSoftware": "dcm2niix",
	"ConversionSoftwareVersion": "v1.0.20190902"
}
