{
	"Manufacturer": "Philips",
	"PatientPosition": "HFS",
	"SeriesDescription": "ImageMRSERIES",
	"ProtocolName": "WIPSOURCE-mem_pCASL2D",
	"SeriesNumber": 16,
	"AcquisitionNumber": 16,
	"ImageComments": "StudieMR",
	"PhilipsRescaleSlope": 1.30916,
	"PhilipsRescaleIntercept": 0,
	"PhilipsScaleSlope": 0.00623022,
	"UsePhilipsFloatNotDisplayScaling": 1,
	"EchoTime": 0.01135,
	"RepetitionTime": 9,
	"ReconMatrixPE": 80,
	"ImageOrientationPatientDICOM": [
		0.999798,
		-0.0159843,
		0.0122078,
		0.017277,
		0.993285,
		-0.114397	],
	"ConversionSoftware": "dcm2niix",
	"ConversionSoftwareVersion": "v1.0.20190902"
}
