{
	"Manufacturer": "Philips",
	"PatientPosition": "HFS",
	"SeriesDescription": "ImageMRSERIES",
	"ProtocolName": "control_T2SSGPhaseCorrOFF",
	"SeriesNumber": 6,
	"AcquisitionNumber": 6,
	"ImageComments": "------",
	"PhilipsRescaleSlope": 1.31184,
	"PhilipsRescaleIntercept": 0,
	"PhilipsScaleSlope": 0.0246883,
	"UsePhilipsFloatNotDisplayScaling": 1,
	"EchoNumber": 8,
	"EchoTime": 0.04,
	"RepetitionTime": 2.22644,
	"ReconMatrixPE": 112,
	"ImageOrientationPatientDICOM": [
		0.999544,
		-0.00711908,
		0.0293301,
		0.00785056,
		0.999659,
		-0.0249005	],
	"ConversionSoftware": "dcm2niix",
	"ConversionSoftwareVersion": "v1.0.20190902"
}
