{
	"Manufacturer": "Philips",
	"PatientPosition": "HFS",
	"SeriesDescription": "ImageMRSERIES",
	"ProtocolName": "rest_T2SSGMoCoHR",
	"SeriesNumber": 11,
	"AcquisitionNumber": 11,
	"ImageComments": "------",
	"PhilipsRescaleSlope": 2.69304,
	"PhilipsRescaleIntercept": -5514,
	"PhilipsScaleSlope": 0.0123914,
	"UsePhilipsFloatNotDisplayScaling": 1,
	"EchoNumber": 5,
	"EchoTime": 0.026,
	"RepetitionTime": 2.25846,
	"ReconMatrixPE": 112,
	"ImageOrientationPatientDICOM": [
		0.999544,
		-0.00711908,
		0.0293301,
		0.00785056,
		0.999659,
		-0.0249005	],
	"ConversionSoftware": "dcm2niix",
	"ConversionSoftwareVersion": "v1.0.20190902"
}
