{
	"Manufacturer": "Philips",
	"PatientPosition": "HFS",
	"SeriesDescription": "ImageMRSERIES",
	"ProtocolName": "calc_T2SSGPhaseCorrOFF",
	"SeriesNumber": 14,
	"AcquisitionNumber": 14,
	"ImageComments": "------",
	"PhilipsRescaleSlope": 2.48156,
	"PhilipsRescaleIntercept": -5081,
	"PhilipsScaleSlope": 0.0132921,
	"UsePhilipsFloatNotDisplayScaling": 1,
	"EchoNumber": 12,
	"EchoTime": 0.06,
	"RepetitionTime": 2.22644,
	"ReconMatrixPE": 112,
	"ImageOrientationPatientDICOM": [
		0.999544,
		-0.00711908,
		0.0293301,
		0.00785056,
		0.999659,
		-0.0249005	],
	"ConversionSoftware": "dcm2niix",
	"ConversionSoftwareVersion": "v1.0.20190902"
}
