{
	"Manufacturer": "Philips",
	"PatientPosition": "HFS",
	"SeriesDescription": "ImageMRSERIES",
	"ProtocolName": "control_T2SSGMoCoQR",
	"SeriesNumber": 8,
	"AcquisitionNumber": 8,
	"ImageComments": "------",
	"PhilipsRescaleSlope": 2.27985,
	"PhilipsRescaleIntercept": -4668,
	"PhilipsScaleSlope": 0.0143321,
	"UsePhilipsFloatNotDisplayScaling": 1,
	"EchoNumber": 11,
	"EchoTime": 0.056,
	"RepetitionTime": 1.93697,
	"ReconMatrixPE": 112,
	"ImageOrientationPatientDICOM": [
		0.99761,
		-0.0485902,
		-0.049123,
		0.04408,
		0.99505,
		-0.0890632	],
	"ConversionSoftware": "dcm2niix",
	"ConversionSoftwareVersion": "v1.0.20190902"
}
