{
	"Manufacturer": "Philips",
	"PatientPosition": "HFS",
	"SeriesDescription": "ImageMRSERIES",
	"ProtocolName": "FLAIR_cs10",
	"SeriesNumber": 27,
	"AcquisitionNumber": 27,
	"ImageComments": "StudieMR",
	"PhilipsRescaleSlope": 5.23223,
	"PhilipsRescaleIntercept": 0,
	"PhilipsScaleSlope": 0.00150151,
	"UsePhilipsFloatNotDisplayScaling": 1,
	"EchoTime": 0.28752,
	"RepetitionTime": 4.8,
	"InversionTime": 1.65,
	"ReconMatrixPE": 224,
	"ImageOrientationPatientDICOM": [
		-0.0440995,
		0.985389,
		-0.164513,
		-0.0441425,
		-0.166434,
		-0.985064	],
	"ConversionSoftware": "dcm2niix",
	"ConversionSoftwareVersion": "v1.0.20190902"
}
