{
	"Manufacturer": "Philips",
	"PatientPosition": "HFS",
	"SeriesDescription": "ImageMRSERIES",
	"ProtocolName": "MPR_3D_cs7.5",
	"SeriesNumber": 25,
	"AcquisitionNumber": 25,
	"ImageComments": "StudieMR",
	"PhilipsRescaleSlope": 4.92894,
	"PhilipsRescaleIntercept": 0,
	"PhilipsScaleSlope": 0.0037296,
	"UsePhilipsFloatNotDisplayScaling": 1,
	"EchoTime": 0.004,
	"RepetitionTime": 0.009,
	"InversionTime": 1,
	"ReconMatrixPE": 256,
	"ImageOrientationPatientDICOM": [
		-0.0440995,
		0.985389,
		-0.164513,
		-0.0441425,
		-0.166434,
		-0.985064	],
	"ConversionSoftware": "dcm2niix",
	"ConversionSoftwareVersion": "v1.0.20190902"
,
"PercentPhaseFOV": 104.918,"PhaseEncodingSteps": 252,"AcquisitionMatrixPE": 252,"ReconMatrixPE": 256,"PixelBandwidth": 167.471,"InPlanePhaseEncodingDirectionDICOM": "ROW"}
