{
	"Manufacturer": "Philips",
	"PatientPosition": "HFS",
	"SeriesDescription": "ImageMRSERIES",
	"ProtocolName": "mem_T2SSGMoCoQR",
	"SeriesNumber": 20,
	"AcquisitionNumber": 20,
	"ImageComments": "------",
	"PhilipsRescaleSlope": 1.38926,
	"PhilipsRescaleIntercept": 0,
	"PhilipsScaleSlope": 0.0271208,
	"UsePhilipsFloatNotDisplayScaling": 1,
	"EchoNumber": 11,
	"EchoTime": 0.056,
	"RepetitionTime": 2.26198,
	"ReconMatrixPE": 112,
	"ImageOrientationPatientDICOM": [
		0.9985,
		0.0260351,
		0.0481615,
		-0.0128968,
		0.96679,
		-0.255245	],
	"ConversionSoftware": "dcm2niix",
	"ConversionSoftwareVersion": "v1.0.20190902"
}
