{
	"Manufacturer": "Philips",
	"PatientPosition": "HFS",
	"SeriesDescription": "ImageMRSERIES",
	"ProtocolName": "rest_T2SSGMoCoHR",
	"SeriesNumber": 11,
	"AcquisitionNumber": 11,
	"ImageComments": "------",
	"PhilipsRescaleSlope": 2.29988,
	"PhilipsRescaleIntercept": -4709,
	"PhilipsScaleSlope": 0.0158268,
	"UsePhilipsFloatNotDisplayScaling": 1,
	"EchoNumber": 11,
	"EchoTime": 0.056,
	"RepetitionTime": 2.2621,
	"ReconMatrixPE": 112,
	"ImageOrientationPatientDICOM": [
		0.9985,
		0.0260351,
		0.0481615,
		-0.0128968,
		0.96679,
		-0.255245	],
	"ConversionSoftware": "dcm2niix",
	"ConversionSoftwareVersion": "v1.0.20190902"
}
