{
	"Manufacturer": "Philips",
	"PatientPosition": "HFS",
	"SeriesDescription": "ImageMRSERIES",
	"ProtocolName": "calc_T2SSGMoCoQR",
	"SeriesNumber": 16,
	"AcquisitionNumber": 16,
	"ImageComments": "------",
	"PhilipsRescaleSlope": 2.26129,
	"PhilipsRescaleIntercept": -4630,
	"PhilipsScaleSlope": 0.0165359,
	"UsePhilipsFloatNotDisplayScaling": 1,
	"EchoNumber": 9,
	"EchoTime": 0.046,
	"RepetitionTime": 2.26198,
	"ReconMatrixPE": 112,
	"ImageOrientationPatientDICOM": [
		0.9985,
		0.0260351,
		0.0481615,
		-0.0128968,
		0.96679,
		-0.255245	],
	"ConversionSoftware": "dcm2niix",
	"ConversionSoftwareVersion": "v1.0.20190902"
}
