{
	"Manufacturer": "Philips",
	"PatientPosition": "HFS",
	"SeriesDescription": "ImageMRSERIES",
	"ProtocolName": "rest_T2SSGMoCoQR",
	"SeriesNumber": 12,
	"AcquisitionNumber": 12,
	"ImageComments": "------",
	"PhilipsRescaleSlope": 2.29255,
	"PhilipsRescaleIntercept": -4694,
	"PhilipsScaleSlope": 0.0164882,
	"UsePhilipsFloatNotDisplayScaling": 1,
	"EchoNumber": 6,
	"EchoTime": 0.031,
	"RepetitionTime": 2.26198,
	"ReconMatrixPE": 112,
	"ImageOrientationPatientDICOM": [
		0.9985,
		0.0260351,
		0.0481615,
		-0.0128968,
		0.96679,
		-0.255245	],
	"ConversionSoftware": "dcm2niix",
	"ConversionSoftwareVersion": "v1.0.20190902"
}
