{
	"Manufacturer": "Philips",
	"PatientPosition": "HFS",
	"SeriesDescription": "ImageMRSERIES",
	"ProtocolName": "control_T23DGRASE8e16ms",
	"SeriesNumber": 5,
	"AcquisitionNumber": 5,
	"ImageComments": "StudieMR",
	"PhilipsRescaleSlope": 1.2757,
	"PhilipsRescaleIntercept": 0,
	"PhilipsScaleSlope": 0.000379433,
	"UsePhilipsFloatNotDisplayScaling": 1,
	"EchoNumber": 2,
	"EchoTime": 0.032,
	"RepetitionTime": 0.250852,
	"ReconMatrixPE": 112,
	"ImageOrientationPatientDICOM": [
		0.99899,
		-0.0358519,
		-0.0271025,
		0.0289513,
		0.974597,
		-0.222086	],
	"ConversionSoftware": "dcm2niix",
	"ConversionSoftwareVersion": "v1.0.20190902"
}
