{
	"Manufacturer": "Philips",
	"PatientPosition": "HFS",
	"SeriesDescription": "ImageMRSERIES",
	"ProtocolName": "localizer_calc_mem_fMRI_MB2",
	"SeriesNumber": 4,
	"AcquisitionNumber": 4,
	"ImageComments": "------",
	"PhilipsRescaleSlope": 0.75092,
	"PhilipsRescaleIntercept": 0,
	"PhilipsScaleSlope": 0.0284299,
	"UsePhilipsFloatNotDisplayScaling": 1,
	"EchoTime": 0.03,
	"RepetitionTime": 1.2,
	"ReconMatrixPE": 64,
	"ImageOrientationPatientDICOM": [
		0.999503,
		-0.02829,
		0.0139171,
		0.0282678,
		0.999599,
		0.00179042
	],
	"ConversionSoftware": "dcm2niix",
	"ConversionSoftwareVersion": "v1.0.20190902",
	"EffectiveEchoSpacing": 0.00064,
	"PhaseEncodingDirection": "j",
	"TaskName": "all"
}