{
	"Manufacturer": "Philips",
	"PatientPosition": "HFS",
	"SeriesDescription": "ImageMRSERIES",
	"ProtocolName": "rest_T2SSGMoCoHR",
	"SeriesNumber": 11,
	"AcquisitionNumber": 11,
	"ImageComments": "------",
	"PhilipsRescaleSlope": 2.55189,
	"PhilipsRescaleIntercept": -5225,
	"PhilipsScaleSlope": 0.0118585,
	"UsePhilipsFloatNotDisplayScaling": 1,
	"EchoNumber": 9,
	"EchoTime": 0.046,
	"RepetitionTime": 2.25934,
	"ReconMatrixPE": 112,
	"ImageOrientationPatientDICOM": [
		0.999254,
		0.033432,
		-0.0193446,
		-0.0345455,
		0.997575,
		-0.0604162	],
	"ConversionSoftware": "dcm2niix",
	"ConversionSoftwareVersion": "v1.0.20190902"
}
