{
	"Manufacturer": "Philips",
	"PatientPosition": "HFS",
	"SeriesDescription": "ImageMRSERIES",
	"ProtocolName": "calc_T2SSGMoCoQR",
	"SeriesNumber": 16,
	"AcquisitionNumber": 16,
	"ImageComments": "------",
	"PhilipsRescaleSlope": 2.62906,
	"PhilipsRescaleIntercept": -5383,
	"PhilipsScaleSlope": 0.012506,
	"UsePhilipsFloatNotDisplayScaling": 1,
	"EchoNumber": 5,
	"EchoTime": 0.026,
	"RepetitionTime": 2.25919,
	"ReconMatrixPE": 112,
	"ImageOrientationPatientDICOM": [
		0.999254,
		0.033432,
		-0.0193446,
		-0.0345455,
		0.997575,
		-0.0604162	],
	"ConversionSoftware": "dcm2niix",
	"ConversionSoftwareVersion": "v1.0.20190902"
}
