{
	"Manufacturer": "Philips",
	"PatientPosition": "HFS",
	"SeriesDescription": "ImageMRSERIES",
	"ProtocolName": "rest_T2SSGPhaseCorrOFF",
	"SeriesNumber": 10,
	"AcquisitionNumber": 10,
	"ImageComments": "------",
	"PhilipsRescaleSlope": 2.57338,
	"PhilipsRescaleIntercept": -5269,
	"PhilipsScaleSlope": 0.0117096,
	"UsePhilipsFloatNotDisplayScaling": 1,
	"EchoNumber": 8,
	"EchoTime": 0.04,
	"RepetitionTime": 2.22716,
	"ReconMatrixPE": 112,
	"ImageOrientationPatientDICOM": [
		0.999254,
		0.033432,
		-0.0193446,
		-0.0345455,
		0.997575,
		-0.0604162	],
	"ConversionSoftware": "dcm2niix",
	"ConversionSoftwareVersion": "v1.0.20190902"
}
