{
	"Manufacturer": "Philips",
	"PatientPosition": "HFS",
	"SeriesDescription": "ImageMRSERIES",
	"ProtocolName": "rest_T2SSGMoCoHR",
	"SeriesNumber": 11,
	"AcquisitionNumber": 11,
	"ImageComments": "------",
	"PhilipsRescaleSlope": 1.26545,
	"PhilipsRescaleIntercept": 0,
	"PhilipsScaleSlope": 0.024502,
	"UsePhilipsFloatNotDisplayScaling": 1,
	"EchoNumber": 5,
	"EchoTime": 0.026,
	"RepetitionTime": 2.26157,
	"ReconMatrixPE": 112,
	"ImageOrientationPatientDICOM": [
		0.996892,
		0.00245024,
		0.0787389,
		-0.0186192,
		0.978526,
		0.205282	],
	"ConversionSoftware": "dcm2niix",
	"ConversionSoftwareVersion": "v1.0.20190902"
}
