{
	"Manufacturer": "Philips",
	"PatientPosition": "HFS",
	"SeriesDescription": "ImageMRSERIES",
	"ProtocolName": "control_T2SSGPhaseCorrOFF",
	"SeriesNumber": 6,
	"AcquisitionNumber": 6,
	"ImageComments": "------",
	"PhilipsRescaleSlope": 1.26545,
	"PhilipsRescaleIntercept": 0,
	"PhilipsScaleSlope": 0.0252193,
	"UsePhilipsFloatNotDisplayScaling": 1,
	"EchoNumber": 4,
	"EchoTime": 0.02,
	"RepetitionTime": 2.22927,
	"ReconMatrixPE": 112,
	"ImageOrientationPatientDICOM": [
		0.996892,
		0.00245024,
		0.0787389,
		-0.0186192,
		0.978526,
		0.205282	],
	"ConversionSoftware": "dcm2niix",
	"ConversionSoftwareVersion": "v1.0.20190902"
}
