{
	"Manufacturer": "Philips",
	"PatientPosition": "HFS",
	"SeriesDescription": "ImageMRSERIES",
	"ProtocolName": "WIPSOURCE-calc_pCASL2D",
	"SeriesNumber": 5,
	"AcquisitionNumber": 5,
	"ImageComments": "------",
	"PhilipsRescaleSlope": 1.31184,
	"PhilipsRescaleIntercept": 0,
	"PhilipsScaleSlope": 0.00562714,
	"UsePhilipsFloatNotDisplayScaling": 1,
	"EchoTime": 0.01128,
	"RepetitionTime": 9,
	"ReconMatrixPE": 80,
	"ImageOrientationPatientDICOM": [
		0.999557,
		-0.0274272,
		0.0115147,
		0.0280948,
		0.99765,
		-0.0624917	],
	"ConversionSoftware": "dcm2niix",
	"ConversionSoftwareVersion": "v1.0.20190902"
}
