{
	"Manufacturer": "Philips",
	"PatientPosition": "HFS",
	"SeriesDescription": "ImageMRSERIES",
	"ProtocolName": "WIPmem_pCASL2DEPI_PLD1800",
	"SeriesNumber": 13,
	"AcquisitionNumber": 13,
	"ImageComments": "StudieMR",
	"PhilipsRescaleSlope": 0.1,
	"PhilipsRescaleIntercept": 0,
	"PhilipsScaleSlope": 10,
	"UsePhilipsFloatNotDisplayScaling": 1,
	"EchoTime": 0.01136,
	"RepetitionTime": 4.5,
	"ReconMatrixPE": 80,
	"ImageOrientationPatientDICOM": [
		0.997868,
		-0.0645091,
		-0.00987669,
		0.0613819,
		0.979146,
		-0.193665	],
	"ConversionSoftware": "dcm2niix",
	"ConversionSoftwareVersion": "v1.0.20190902"
}
