{
	"Manufacturer": "Philips",
	"PatientPosition": "HFS",
	"SeriesDescription": "ImageMRSERIES",
	"ProtocolName": "mem_T2SSGMoCoQR",
	"SeriesNumber": 20,
	"AcquisitionNumber": 20,
	"ImageComments": "------",
	"PhilipsRescaleSlope": 1.41123,
	"PhilipsRescaleIntercept": 0,
	"PhilipsScaleSlope": 0.0293131,
	"UsePhilipsFloatNotDisplayScaling": 1,
	"EchoNumber": 10,
	"EchoTime": 0.051,
	"RepetitionTime": 2.26136,
	"ReconMatrixPE": 112,
	"ImageOrientationPatientDICOM": [
		0.997322,
		-0.0293881,
		-0.0669736,
		0.0161895,
		0.98171,
		-0.189693	],
	"ConversionSoftware": "dcm2niix",
	"ConversionSoftwareVersion": "v1.0.20190902"
}
