{
	"Manufacturer": "Philips",
	"PatientPosition": "HFS",
	"SeriesDescription": "ImageMRSERIES",
	"ProtocolName": "mem_T2SSGMoCoHR",
	"SeriesNumber": 19,
	"AcquisitionNumber": 19,
	"ImageComments": "------",
	"PhilipsRescaleSlope": 2.43761,
	"PhilipsRescaleIntercept": -4991,
	"PhilipsScaleSlope": 0.0157062,
	"UsePhilipsFloatNotDisplayScaling": 1,
	"EchoNumber": 12,
	"EchoTime": 0.061,
	"RepetitionTime": 2.26149,
	"ReconMatrixPE": 112,
	"ImageOrientationPatientDICOM": [
		0.997322,
		-0.0293881,
		-0.0669736,
		0.0161895,
		0.98171,
		-0.189693	],
	"ConversionSoftware": "dcm2niix",
	"ConversionSoftwareVersion": "v1.0.20190902"
}
