{
	"Manufacturer": "Philips",
	"PatientPosition": "HFS",
	"SeriesDescription": "ImageMRSERIES",
	"ProtocolName": "control_T2SSGMoCoQR",
	"SeriesNumber": 8,
	"AcquisitionNumber": 8,
	"ImageComments": "------",
	"PhilipsRescaleSlope": 2.25592,
	"PhilipsRescaleIntercept": -4619,
	"PhilipsScaleSlope": 0.0177972,
	"UsePhilipsFloatNotDisplayScaling": 1,
	"EchoNumber": 6,
	"EchoTime": 0.031,
	"RepetitionTime": 2.26136,
	"ReconMatrixPE": 112,
	"ImageOrientationPatientDICOM": [
		0.997322,
		-0.0293881,
		-0.0669736,
		0.0161895,
		0.98171,
		-0.189693	],
	"ConversionSoftware": "dcm2niix",
	"ConversionSoftwareVersion": "v1.0.20190902"
}
