{
	"Manufacturer": "Philips",
	"PatientPosition": "HFS",
	"SeriesDescription": "ImageMRSERIES",
	"ProtocolName": "calc_T2SSGPhaseCorrOFF",
	"SeriesNumber": 14,
	"AcquisitionNumber": 14,
	"ImageComments": "------",
	"PhilipsRescaleSlope": 1.27961,
	"PhilipsRescaleIntercept": 0,
	"PhilipsScaleSlope": 0.0291987,
	"UsePhilipsFloatNotDisplayScaling": 1,
	"EchoNumber": 11,
	"EchoTime": 0.055,
	"RepetitionTime": 2.22895,
	"ReconMatrixPE": 112,
	"ImageOrientationPatientDICOM": [
		0.997322,
		-0.0293881,
		-0.0669736,
		0.0161895,
		0.98171,
		-0.189693	],
	"ConversionSoftware": "dcm2niix",
	"ConversionSoftwareVersion": "v1.0.20190902"
}
