{
	"Manufacturer": "Philips",
	"PatientPosition": "HFS",
	"SeriesDescription": "ImageMRSERIES",
	"ProtocolName": "rest_T2SSGMoCoQR",
	"SeriesNumber": 12,
	"AcquisitionNumber": 12,
	"ImageComments": "------",
	"PhilipsRescaleSlope": 2.2569,
	"PhilipsRescaleIntercept": -4621,
	"PhilipsScaleSlope": 0.0176436,
	"UsePhilipsFloatNotDisplayScaling": 1,
	"EchoNumber": 4,
	"EchoTime": 0.021,
	"RepetitionTime": 2.26136,
	"ReconMatrixPE": 112,
	"ImageOrientationPatientDICOM": [
		0.997322,
		-0.0293881,
		-0.0669736,
		0.0161895,
		0.98171,
		-0.189693	],
	"ConversionSoftware": "dcm2niix",
	"ConversionSoftwareVersion": "v1.0.20190902"
}
