{
	"Manufacturer": "Philips",
	"PatientPosition": "HFS",
	"SeriesDescription": "ImageMRSERIES",
	"ProtocolName": "WIPcalc_T2SSGPhaseCorrOFF",
	"SeriesNumber": 10,
	"AcquisitionNumber": 10,
	"ImageComments": "------",
	"PhilipsRescaleSlope": 2.36288,
	"PhilipsRescaleIntercept": -4838,
	"PhilipsScaleSlope": 0.0126692,
	"UsePhilipsFloatNotDisplayScaling": 1,
	"EchoNumber": 10,
	"EchoTime": 0.05,
	"RepetitionTime": 2.2296,
	"ReconMatrixPE": 112,
	"ImageOrientationPatientDICOM": [
		0.996415,
		0.0759162,
		-0.0373308,
		-0.0819202,
		0.976,
		-0.201774	],
	"ConversionSoftware": "dcm2niix",
	"ConversionSoftwareVersion": "v1.0.20190902"
}
