{
	"Manufacturer": "Philips",
	"PatientPosition": "HFS",
	"SeriesDescription": "ImageMRSERIES",
	"ProtocolName": "rest_T2SSGPhaseCorrOFF",
	"SeriesNumber": 10,
	"AcquisitionNumber": 10,
	"ImageComments": "StudieMR",
	"PhilipsRescaleSlope": 2.29255,
	"PhilipsRescaleIntercept": -4694,
	"PhilipsScaleSlope": 0.0164356,
	"UsePhilipsFloatNotDisplayScaling": 1,
	"EchoNumber": 1,
	"EchoTime": 0.005,
	"RepetitionTime": 2.22651,
	"ReconMatrixPE": 112,
	"ImageOrientationPatientDICOM": [
		0.999862,
		-0.00269615,
		0.0164195,
		0.0036647,
		0.998237,
		-0.0592466	],
	"ConversionSoftware": "dcm2niix",
	"ConversionSoftwareVersion": "v1.0.20190902"
}
